{"AcquisitionMatrixPE": 100, "AcquisitionNumber": 1, "AcquisitionTime": "13:40:40.725000", "BaseResolution": 100, "BodyPartExamined": "BRAIN", "CoilCombinationMethod": "Sum of Squares", "ConsistencyInfo": "N4_VE11C_LATEST_20160120", "ConversionSoftware": "dcm2niix", "ConversionSoftwareVersion": "v1.0.20211006", "DeviceSerialNumber": "166078", "DwellTime": 8.8e-06, "EchoNumber": 2, "EchoTime": 0.00738, "EchoTime1": 0.00492, "EchoTime2": 0.00738, "FlipAngle": 60, "ImageOrientationPatientDICOM": [1, 4.861e-12, -5.88e-13, -4.897e-12, 0.992757, -0.120137], "ImageOrientationText": "Tra>Cor(-6.9)", "ImageType": ["ORIGINAL", "PRIMARY", "P", "ND", "PHASE"], "ImagingFrequency": 123.258, "InPlanePhaseEncodingDirectionDICOM": "ROW", "InstitutionAddress": "Street StreetNo,Bei Jing,District,CN,ZIP", "InstitutionName": "BeiJing Normal University", "InstitutionalDepartmentName": "Department", "MRAcquisitionType": "2D", "MagneticFieldStrength": 3, "Manufacturer": "Siemens", "ManufacturersModelName": "Prisma", "MatrixCoilMode": "SENSE", "Modality": "MR", "MultibandAccelerationFactor": 2, "PartialFourier": 1, "PatientPosition": "HFS", "PercentPhaseFOV": 100, "PercentSampling": 100, "PhaseEncodingDirection": "i", "PhaseEncodingSteps": 100, "PhaseResolution": 1, "PixelBandwidth": 570, "ProcedureStepDescription": "BNU_P2018_64CH^Zhen.ZongLei", "ProtocolName": "field_mapping_2x2x2", "PulseSequenceDetails": "%SiemensSeq%\\gre_field_mapping", "ReceiveCoilActiveElements": "HC1-7;NC1", "ReceiveCoilName": "HeadNeck_64", "ReconMatrixPE": 100, "RepetitionTime": 0.72, "SAR": 0.121939, "ScanningSequence": "GR", "SequenceName": "*fm2d2r", "SequenceVariant": "SP", "SeriesDescription": "field_mapping_2x2x2", "SeriesNumber": 10, "ShimSetting": [-5472, -11548, -1213, 455, -35, -171, 38, 54], "SliceThickness": 2, "SliceTiming": [0.35938, 0, 0.375, 0.01562, 0.39062, 0.03125, 0.39062, 0.03125, 0.40625, 0.04688, 0.42188, 0.0625, 0.42188, 0.0625, 0.4375, 0.07812, 0.45312, 0.07812, 0.45312, 0.09375, 0.46875, 0.10938, 0.46875, 0.10938, 0.48438, 0.125, 0.5, 0.14062, 0.5, 0.14062, 0.51562, 0.15625, 0.53125, 0.17188, 0.53125, 0.17188, 0.54688, 0.1875, 0.5625, 0.20312, 0.5625, 0.20312, 0.57812, 0.21875, 0.57812, 0.21875, 0.59375, 0.23438, 0.60938, 0.25, 0.60938, 0.25, 0.625, 0.26562, 0.64062, 0.28125, 0.64062, 0.28125, 0.65625, 0.29688, 0.67188, 0.3125, 0.67188, 0.3125, 0.6875, 0.32812, 0.70312, 0.32812, 0.70312, 0.34375, 0.71875, 0.35938], "SoftwareVersions": "syngo MR E11", "SpacingBetweenSlices": 2, "StationName": "AWP166078", "TxRefAmp": 207.624, "dcmmeta_affine": [[-2.0, -9.79399981254625e-12, 0.0, 100.0], [-9.722000114675833e-12, 1.9855146408081055, -0.24027371406555176, -77.40457153320312], [-1.1760000525468106e-12, 0.24027366936206818, 1.9855117797851562, -69.37761688232422], [0.0, 0.0, 0.0, 1.0]], "dcmmeta_reorient_transform": [[0.0, -1.0, 0.0, 99.0], [1.0, 0.0, 0.0, 0.0], [0.0, 0.0, -1.0, 71.0], [0.0, 0.0, 0.0, 1.0]], "dcmmeta_shape": [100, 100, 72], "dcmmeta_slice_dim": 2, "dcmmeta_version": 0.6, "global": {"const": {"AcquisitionMatrix": [0, 100, 100, 0], "AcquisitionNumber": 1, "AngioFlag": "N", "BitsAllocated": 16, "BitsStored": 12, "BodyPartExamined": "BRAIN", "Columns": 100, "EchoNumbers": 2, "EchoTime": 7.38, "EchoTrainLength": 0, "FlipAngle": 60.0, "HighBit": 11, "ImageOrientationPatient": [1.0, 4.861e-12, -5.88e-13, -4.897e-12, 0.99275734245449, -0.1201368344959], "ImageType": ["ORIGINAL", "PRIMARY", "P", "ND"], "ImagedNucleus": "1H", "ImagingFrequency": 123.257666, "InPlanePhaseEncodingDirection": "ROW", "MRAcquisitionType": "2D", "MagneticFieldStrength": 3.0, "Manufacturer": "SIEMENS", "ManufacturerModelName": "Prisma", "Modality": "MR", "NumberOfAverages": 1.0, "NumberOfPhaseEncodingSteps": 100, "PercentPhaseFieldOfView": 100.0, "PercentSampling": 100.0, "PerformedProcedureStepStartTime": "130048.573000", "PhotometricInterpretation": "MONOCHROME2", "PixelBandwidth": 570.0, "PixelRepresentation": 0, "PixelSpacing": [2.0, 2.0], "ProtocolName": "field_mapping_2x2x2", "RepetitionTime": 720.0, "RescaleIntercept": -4096.0, "RescaleSlope": 2.0, "RescaleType": "US", "Rows": 100, "SAR": 0.12193932982647, "SamplesPerPixel": 1, "ScanningSequence": "GR", "SequenceName": "*fm2d2r", "SequenceVariant": "SP", "SeriesDescription": "field_mapping_2x2x2", "SeriesNumber": 10, "SeriesTime": "134305.767000", "SliceThickness": 2.0, "SoftwareVersions": "syngo MR E11", "SpacingBetweenSlices": 2.0, "SpecificCharacterSet": "ISO_IR 100", "StudyID": "1", "StudyTime": "130048.474000", "TransmitCoilName": "Body", "VariableFlipAngleFlag": "N", "WindowCenterWidthExplanation": "Algo1", "dBdt": 0.0}, "slices": {"AcquisitionTime": ["134040.725000", "134040.365000", "134040.735000", "134040.375000", "134040.745000", "134040.385000", "134040.755000", "134040.395000", "134040.765000", "134040.405000", "134040.775000", "134040.415000", "134040.785000", "134040.425000", "134040.795000", "134040.435000", "134040.805000", "134040.445000", "134040.815000", "134040.455000", "134040.825000", "134040.465000", "134040.835000", "134040.475000", "134040.845000", "134040.485000", "134040.855000", "134040.495000", "134040.865000", "134040.505000", "134040.875000", "134040.515000", "134040.885000", "134040.525000", "134040.895000", "134040.535000", "134040.905000", "134040.545000", "134040.915000", "134040.555000", "134040.925000", "134040.565000", "134040.935000", "134040.575000", "134040.945000", "134040.585000", "134040.955000", "134040.595000", "134040.965000", "134040.605000", "134040.975000", "134040.615000", "134040.985000", "134040.625000", "134040.995000", "134040.635000", "134041.005000", "134040.645000", "134041.015000", "134040.655000", "134041.025000", "134040.665000", "134041.035000", "134040.675000", "134041.045000", "134040.685000", "134041.055000", "134040.695000", "134041.065000", "134040.705000", "134041.075000", "134040.715000"], "ContentTime": ["134305.842000", "134305.771000", "134305.844000", "134305.773000", "134305.846000", "134305.775000", "134305.849000", "134305.777000", "134305.851000", "134305.779000", "134305.853000", "134305.781000", "134305.855000", "134305.783000", "134305.857000", "134305.785000", "134305.859000", "134305.787000", "134305.861000", "134305.789000", "134305.863000", "134305.791000", "134305.865000", "134305.793000", "134305.867000", "134305.795000", "134305.870000", "134305.797000", "134305.872000", "134305.799000", "134305.874000", "134305.801000", "134305.876000", "134305.803000", "134305.878000", "134305.805000", "134305.880000", "134305.807000", "134305.882000", "134305.809000", "134305.885000", "134305.811000", "134305.887000", "134305.813000", "134305.889000", "134305.815000", "134305.891000", "134305.817000", "134305.893000", "134305.819000", "134305.895000", "134305.821000", "134305.898000", "134305.823000", "134305.900000", "134305.825000", "134305.902000", "134305.827000", "134305.905000", "134305.828000", "134305.908000", "134305.830000", "134305.910000", "134305.832000", "134305.912000", "134305.835000", "134305.914000", "134305.837000", "134305.916000", "134305.838000", "134305.919000", "134305.840000"], "CsaImage.GSWDDataType": ["measured", "predicted", "measured", "predicted", "measured", "predicted", "measured", "predicted", "measured", "predicted", "measured", "predicted", "measured", "predicted", "measured", "predicted", "measured", "predicted", "measured", "predicted", "measured", "predicted", "measured", "predicted", "measured", "predicted", "measured", "predicted", "measured", "predicted", "measured", "predicted", "measured", "predicted", "measured", "predicted", "measured", "predicted", "measured", "predicted", "measured", "predicted", "measured", "predicted", "measured", "predicted", "measured", "predicted", "measured", "predicted", "measured", "predicted", "measured", "predicted", "measured", "predicted", "measured", "predicted", "measured", "measured", "measured", "measured", "measured", "measured", "measured", "measured", "measured", "measured", "measured", "measured", "measured", "measured"], "CsaImage.ICE_Dims": ["X_2_1_1_1_1_1_37_1_1_1_1_90", "X_2_1_1_1_1_1_1_1_1_2_1_90", "X_2_1_1_1_1_1_38_1_1_3_1_90", "X_2_1_1_1_1_1_2_1_1_4_1_90", "X_2_1_1_1_1_1_39_1_1_5_1_90", "X_2_1_1_1_1_1_3_1_1_6_1_90", "X_2_1_1_1_1_1_40_1_1_7_1_90", "X_2_1_1_1_1_1_4_1_1_8_1_90", "X_2_1_1_1_1_1_41_1_1_9_1_90", "X_2_1_1_1_1_1_5_1_1_10_1_90", "X_2_1_1_1_1_1_42_1_1_11_1_90", "X_2_1_1_1_1_1_6_1_1_12_1_90", "X_2_1_1_1_1_1_43_1_1_13_1_90", "X_2_1_1_1_1_1_7_1_1_14_1_90", "X_2_1_1_1_1_1_44_1_1_15_1_90", "X_2_1_1_1_1_1_8_1_1_16_1_90", "X_2_1_1_1_1_1_45_1_1_17_1_90", "X_2_1_1_1_1_1_9_1_1_18_1_90", "X_2_1_1_1_1_1_46_1_1_19_1_90", "X_2_1_1_1_1_1_10_1_1_20_1_90", "X_2_1_1_1_1_1_47_1_1_21_1_90", "X_2_1_1_1_1_1_11_1_1_22_1_90", "X_2_1_1_1_1_1_48_1_1_23_1_90", "X_2_1_1_1_1_1_12_1_1_24_1_90", "X_2_1_1_1_1_1_49_1_1_25_1_90", "X_2_1_1_1_1_1_13_1_1_26_1_90", "X_2_1_1_1_1_1_50_1_1_27_1_90", "X_2_1_1_1_1_1_14_1_1_28_1_90", "X_2_1_1_1_1_1_51_1_1_29_1_90", "X_2_1_1_1_1_1_15_1_1_30_1_90", "X_2_1_1_1_1_1_52_1_1_31_1_90", "X_2_1_1_1_1_1_16_1_1_32_1_90", "X_2_1_1_1_1_1_53_1_1_33_1_90", "X_2_1_1_1_1_1_17_1_1_34_1_90", "X_2_1_1_1_1_1_54_1_1_35_1_90", "X_2_1_1_1_1_1_18_1_1_36_1_90", "X_2_1_1_1_1_1_55_1_1_37_1_90", "X_2_1_1_1_1_1_19_1_1_38_1_90", "X_2_1_1_1_1_1_56_1_1_39_1_90", "X_2_1_1_1_1_1_20_1_1_40_1_90", "X_2_1_1_1_1_1_57_1_1_41_1_90", "X_2_1_1_1_1_1_21_1_1_42_1_90", "X_2_1_1_1_1_1_58_1_1_43_1_90", "X_2_1_1_1_1_1_22_1_1_44_1_90", "X_2_1_1_1_1_1_59_1_1_45_1_90", "X_2_1_1_1_1_1_23_1_1_46_1_90", "X_2_1_1_1_1_1_60_1_1_47_1_90", "X_2_1_1_1_1_1_24_1_1_48_1_90", "X_2_1_1_1_1_1_61_1_1_49_1_90", "X_2_1_1_1_1_1_25_1_1_50_1_90", "X_2_1_1_1_1_1_62_1_1_51_1_90", "X_2_1_1_1_1_1_26_1_1_52_1_90", "X_2_1_1_1_1_1_63_1_1_53_1_90", "X_2_1_1_1_1_1_27_1_1_54_1_90", "X_2_1_1_1_1_1_64_1_1_55_1_90", "X_2_1_1_1_1_1_28_1_1_56_1_90", "X_2_1_1_1_1_1_65_1_1_57_1_90", "X_2_1_1_1_1_1_29_1_1_58_1_90", "X_2_1_1_1_1_1_66_1_1_59_1_90", "X_2_1_1_1_1_1_30_1_1_60_1_90", "X_2_1_1_1_1_1_67_1_1_61_1_90", "X_2_1_1_1_1_1_31_1_1_62_1_90", "X_2_1_1_1_1_1_68_1_1_63_1_90", "X_2_1_1_1_1_1_32_1_1_64_1_90", "X_2_1_1_1_1_1_69_1_1_65_1_90", "X_2_1_1_1_1_1_33_1_1_66_1_90", "X_2_1_1_1_1_1_70_1_1_67_1_90", "X_2_1_1_1_1_1_34_1_1_68_1_90", "X_2_1_1_1_1_1_71_1_1_69_1_90", "X_2_1_1_1_1_1_35_1_1_70_1_90", "X_2_1_1_1_1_1_72_1_1_71_1_90", "X_2_1_1_1_1_1_36_1_1_72_1_90"], "CsaImage.ProtocolSliceNumber": [0, 1, 2, 3, 4, 5, 6, 7, 8, 9, 10, 11, 12, 13, 14, 15, 16, 17, 18, 19, 20, 21, 22, 23, 24, 25, 26, 27, 28, 29, 30, 31, 32, 33, 34, 35, 36, 37, 38, 39, 40, 41, 42, 43, 44, 45, 46, 47, 48, 49, 50, 51, 52, 53, 54, 55, 56, 57, 58, 59, 60, 61, 62, 63, 64, 65, 66, 67, 68, 69, 70, 71], "CsaImage.RFSWDDataType": ["measured", "predicted", "measured", "predicted", "measured", "predicted", "measured", "predicted", "measured", "predicted", "measured", "predicted", "measured", "predicted", "measured", "predicted", "measured", "predicted", "measured", "predicted", "measured", "predicted", "measured", "predicted", "measured", "predicted", "measured", "predicted", "measured", "predicted", "measured", "predicted", "measured", "predicted", "measured", "predicted", "measured", "predicted", "measured", "predicted", "measured", "predicted", "measured", "predicted", "measured", "predicted", "measured", "predicted", "measured", "predicted", "measured", "predicted", "measured", "predicted", "measured", "measured", "measured", "measured", "measured", "measured", "measured", "measured", "measured", "measured", "measured", "measured", "measured", "measured", "measured", "measured", "measured", "measured"], "CsaImage.SlicePosition_PCS": [[-100.0, -119.16138107, -45.59073244], [-100.0, -118.92110854, -43.60521685], [-100.0, -118.68083411, -41.61970125], [-100.0, -118.44056159, -39.63418948], [-100.0, -118.20028716, -37.64867388], [-100.0, -117.96001273, -35.66315829], [-100.0, -117.71974021, -33.67764269], [-100.0, -117.47946578, -31.69213091], [-100.0, -117.23919326, -29.70661532], [-100.0, -116.99891883, -27.72109972], [-100.0, -116.7586444, -25.73558413], [-100.0, -116.51837188, -23.75006853], [-100.0, -116.27809745, -21.76455675], [-100.0, -116.03782493, -19.77904116], [-100.0, -115.7975505, -17.79352557], [-100.0, -115.55727607, -15.80801188], [-100.0, -115.31700355, -13.82249628], [-100.0, -115.07672912, -11.8369826], [-100.0, -114.83645564, -9.851467], [-100.0, -114.59618217, -7.86595331], [-100.0, -114.35590869, -5.88043772], [-100.0, -114.11563522, -3.89492308], [-100.0, -113.87536079, -1.90940844], [-100.0, -113.63508731, 0.0761062], [-100.0, -113.39481384, 2.06162084], [-100.0, -113.15454036, 4.04713501], [-100.0, -112.91426593, 6.03264965], [-100.0, -112.67399246, 8.01816453], [-100.0, -112.43371898, 10.00367917], [-100.0, -112.1934455, 11.98919394], [-100.0, -111.95317203, 13.97470857], [-100.0, -111.7128976, 15.96022333], [-100.0, -111.47262412, 17.94573797], [-100.0, -111.23235065, 19.93125261], [-100.0, -110.99207717, 21.91676725], [-100.0, -110.7518037, 23.90228189], [-100.0, -110.51152927, 25.88779653], [-100.0, -110.27125579, 27.87331117], [-100.0, -110.03098232, 29.85882581], [-100.0, -109.79070884, 31.84434141], [-100.0, -109.55043536, 33.8298551], [-100.0, -109.31016094, 35.81537069], [-100.0, -109.06988746, 37.80088438], [-100.0, -108.82961398, 39.78639997], [-100.0, -108.58934051, 41.77191366], [-100.0, -108.34906608, 43.75742925], [-100.0, -108.1087926, 45.74294294], [-100.0, -107.86851913, 47.72845854], [-100.0, -107.62824565, 49.71397413], [-100.0, -107.38797218, 51.69948591], [-100.0, -107.14769822, 53.6850015], [-100.0, -106.90742427, 55.6705171], [-100.0, -106.6671508, 57.65603269], [-100.0, -106.42687732, 59.64154447], [-100.0, -106.18660337, 61.62706007], [-100.0, -105.94632989, 63.61257566], [-100.0, -105.70605594, 65.59809126], [-100.0, -105.46578246, 67.58360685], [-100.0, -105.22550851, 69.56911863], [-100.0, -104.98523504, 71.55463422], [-100.0, -104.74496156, 73.54014982], [-100.0, -104.50468761, 75.52566541], [-100.0, -104.26441413, 77.51118101], [-100.0, -104.02414018, 79.49669279], [-100.0, -103.7838667, 81.48220457], [-100.0, -103.54359275, 83.46772398], [-100.0, -103.30331928, 85.45323576], [-100.0, -103.06304556, 87.43875517], [-100.0, -102.82277185, 89.42426695], [-100.0, -102.58249813, 91.40977873], [-100.0, -102.34222466, 93.39529813], [-100.0, -102.10195094, 95.38080991]], "CsaImage.TimeAfterStart": [1.0825, 0.7225, 1.0925, 0.7325, 1.1025, 0.7425, 1.1125, 0.7525, 1.1225, 0.7625, 1.1325, 0.7725, 1.1425, 0.7825, 1.1525, 0.7925, 1.1625, 0.8025, 1.1725, 0.8125, 1.1825, 0.8225, 1.1925, 0.8325, 1.2025, 0.8425, 1.2125, 0.8525, 1.2225, 0.8625, 1.2325, 0.8725, 1.2425, 0.8825, 1.2525, 0.8925, 1.2625, 0.9025, 1.2725, 0.9125, 1.2825, 0.9225, 1.2925, 0.9325, 1.3025, 0.9425, 1.3125, 0.9525, 1.3225, 0.9625, 1.3325, 0.9725, 1.3425, 0.9825, 1.3525, 0.9925, 1.3625, 1.0025, 1.3725, 1.0125, 1.3825, 1.0225, 1.3925, 1.0325, 1.4025, 1.0425, 1.4125, 1.0525, 1.4225, 1.0625, 1.4325, 1.0725], "ImagePositionPatient": [[-99.99999999951, -119.161381066, -45.590732443904], [-99.99999999951, -118.92110854403, -43.605216849421], [-99.99999999951, -118.68083411471, -41.619701254939], [-99.99999999951, -118.44056159274, -39.634189475154], [-99.99999999951, -118.20028716342, -37.648673880671], [-99.99999999951, -117.96001273409, -35.663158286189], [-99.99999999951, -117.71974021212, -33.677642691707], [-99.99999999951, -117.4794657828, -31.692130911921], [-99.99999999951, -117.23919326083, -29.706615317439], [-99.99999999951, -116.99891883151, -27.721099722957], [-99.99999999951, -116.75864440219, -25.735584128474], [-99.99999999951, -116.51837188021, -23.750068533992], [-99.99999999951, -116.27809745089, -21.764556754207], [-99.99999999951, -116.03782492892, -19.779041159724], [-99.99999999951, -115.7975504996, -17.793525565242], [-99.99999999951, -115.55727607028, -15.808011878108], [-99.99999999951, -115.3170035483, -13.822496283626], [-99.99999999951, -115.07672911898, -11.836982596492], [-99.99999999951, -114.83645564334, -9.8514670020094], [-99.99999999951, -114.59618216769, -7.8659533148756], [-99.99999999951, -114.35590869204, -5.8804377203931], [-99.99999999951, -114.11563521639, -3.894923079585], [-99.99999999951, -113.87536078707, -1.9094084387769], [-99.99999999951, -113.63508731143, 0.07610620203117], [-99.99999999951, -113.39481383578, 2.0616208428393], [-99.99999999951, -113.15454036013, 4.0471350068102], [-99.99999999951, -112.91426593081, 6.0326496476183], [-99.99999999951, -112.67399245516, 8.018164526845], [-99.99999999951, -112.43371897952, 10.003679167653], [-99.99999999951, -112.19344550387, 11.989193936984], [-99.99999999951, -111.95317202822, 13.974708568479], [-99.99999999951, -111.7128975989, 15.960223328496], [-99.99999999951, -111.47262412325, 17.945737969304], [-99.99999999951, -111.23235064761, 19.931252610112], [-99.99999999951, -110.99207717196, 21.91676725092], [-99.99999999951, -110.75180369631, 23.902281891728], [-99.99999999951, -110.51152926699, 25.887796532537], [-99.99999999951, -110.27125579135, 27.873311173345], [-99.99999999951, -110.0309823157, 29.858825814153], [-99.99999999951, -109.79070884005, 31.844341408635], [-99.99999999951, -109.5504353644, 33.829855095769], [-99.99999999951, -109.31016093508, 35.815370690251], [-99.99999999951, -109.06988745944, 37.800884377385], [-99.99999999951, -108.82961398379, 39.786399971868], [-99.99999999951, -108.58934050814, 41.771913659001], [-99.99999999951, -108.34906607882, 43.757429253484], [-99.99999999951, -108.10879260317, 45.742942940618], [-99.99999999951, -107.86851912753, 47.7284585351], [-99.99999999951, -107.62824565188, 49.713974129582], [-99.99999999951, -107.38797217623, 51.699485909368], [-99.99999999951, -107.14769822375, 53.68500150385], [-99.99999999951, -106.90742427126, 55.670517098332], [-99.99999999951, -106.66715079562, 57.656032692815], [-99.99999999951, -106.42687731997, 59.6415444726], [-99.99999999951, -106.18660336749, 61.627060067082], [-99.99999999951, -105.94632989184, 63.612575661565], [-99.99999999951, -105.70605593936, 65.598091256047], [-99.99999999951, -105.46578246371, 67.58360685053], [-99.99999999951, -105.22550851122, 69.569118630315], [-99.99999999951, -104.98523503558, 71.554634224797], [-99.99999999951, -104.74496155993, 73.54014981928], [-99.99999999951, -104.50468760745, 75.525665413762], [-99.99999999951, -104.2644141318, 77.511181008245], [-99.99999999951, -104.02414017932, 79.49669278803], [-99.99999999951, -103.78386670367, 81.482204567815], [-99.99999999951, -103.54359275118, 83.467723976995], [-99.99999999951, -103.30331927554, 85.45323575678], [-99.99999999951, -103.06304556147, 87.438755165959], [-99.99999999951, -102.82277184741, 89.424266945745], [-99.99999999951, -102.58249813334, 91.40977872553], [-99.99999999951, -102.34222465769, 93.395298134709], [-99.99999999951, -102.10195094363, 95.380809914495]], "InstanceCreationTime": ["134305.842000", "134305.771000", "134305.844000", "134305.773000", "134305.846000", "134305.775000", "134305.849000", "134305.777000", "134305.851000", "134305.779000", "134305.853000", "134305.781000", "134305.855000", "134305.783000", "134305.857000", "134305.785000", "134305.859000", "134305.787000", "134305.861000", "134305.789000", "134305.863000", "134305.791000", "134305.865000", "134305.793000", "134305.867000", "134305.795000", "134305.870000", "134305.797000", "134305.872000", "134305.799000", "134305.874000", "134305.801000", "134305.876000", "134305.803000", "134305.878000", "134305.805000", "134305.880000", "134305.807000", "134305.882000", "134305.809000", "134305.885000", "134305.811000", "134305.887000", "134305.813000", "134305.889000", "134305.815000", "134305.891000", "134305.817000", "134305.893000", "134305.819000", "134305.895000", "134305.821000", "134305.898000", "134305.823000", "134305.900000", "134305.825000", "134305.902000", "134305.827000", "134305.905000", "134305.828000", "134305.908000", "134305.830000", "134305.910000", "134305.832000", "134305.912000", "134305.835000", "134305.914000", "134305.837000", "134305.916000", "134305.838000", "134305.919000", "134305.840000"], "InstanceNumber": [1, 2, 3, 4, 5, 6, 7, 8, 9, 10, 11, 12, 13, 14, 15, 16, 17, 18, 19, 20, 21, 22, 23, 24, 25, 26, 27, 28, 29, 30, 31, 32, 33, 34, 35, 36, 37, 38, 39, 40, 41, 42, 43, 44, 45, 46, 47, 48, 49, 50, 51, 52, 53, 54, 55, 56, 57, 58, 59, 60, 61, 62, 63, 64, 65, 66, 67, 68, 69, 70, 71, 72], "LargestImagePixelValue": [4094, 4094, 4095, 4094, 4095, 4094, 4093, 4092, 4094, 4095, 4094, 4095, 4091, 4095, 4094, 4090, 4092, 4094, 4095, 4093, 4089, 4094, 4094, 4095, 4094, 4093, 4092, 4093, 4088, 4094, 4086, 4095, 4092, 4086, 4091, 4095, 4091, 4095, 4088, 4090, 4091, 4095, 4089, 4092, 4094, 4093, 4091, 4092, 4095, 4093, 4095, 4094, 4089, 4094, 4094, 4094, 4093, 4091, 4093, 4094, 4093, 4094, 4093, 4093, 4094, 4095, 4095, 4095, 4094, 4094, 4094, 4094], "SliceLocation": [-59.576205496995, -57.576204731809, -55.57620373748, -53.576206759362, -51.576205765033, -49.576204770703, -47.576204005517, -45.576206798256, -43.57620603307, -41.576205038741, -39.576204044411, -37.576203279225, -35.576206071964, -33.576205306778, -31.576204312448, -29.576205211654, -27.576204446467, -25.576205345672, -23.576204465914, -21.576205479691, -19.576204599933, -17.576204666942, -15.57620461938, -13.576204686389, -11.576204753399, -9.5762052937916, -7.5762052462295, -5.576205076547, -3.5762051435563, -1.5762050829739, 0.42379484077097, 2.423795006679, 4.4237949396697, 6.4237948726604, 8.4237948056511, 10.423794738642, 12.423794786204, 14.423794719195, 16.423794652185, 18.423795531943, 20.423794518167, 22.423795512496, 24.423794498719, 26.423795378477, 28.423794364701, 30.42379535903, 32.423794345254, 34.423795225012, 36.423796104769, 38.423793197459, 40.423794134502, 42.423795071546, 44.423795951304, 46.423793043993, 48.423793981036, 50.423794860794, 52.423795797838, 54.423796677596, 56.42379382757, 58.423794707328, 60.423795587086, 62.42379652413, 64.423797403888, 66.423794553863, 68.423791646552, 70.423796370664, 72.423793463353, 74.423798158823, 76.423795280155, 78.423792401487, 80.423797068313, 82.423794189645], "SmallestImagePixelValue": [0, 0, 2, 0, 2, 0, 0, 0, 2, 1, 0, 0, 0, 0, 0, 0, 0, 0, 1, 4, 0, 0, 0, 2, 3, 0, 5, 3, 10, 0, 6, 5, 0, 2, 9, 4, 0, 0, 0, 0, 1, 3, 6, 1, 5, 0, 0, 3, 0, 0, 3, 0, 0, 0, 2, 1, 0, 0, 0, 0, 0, 0, 0, 1, 0, 0, 0, 0, 0, 0, 0, 0], "WindowCenter": [-188.0, -154.0, -154.0, -150.0, -170.0, -148.0, -178.0, -194.0, -244.0, -232.0, -216.0, -146.0, -148.0, -186.0, -196.0, -238.0, -194.0, -212.0, -188.0, -202.0, -176.0, -154.0, -148.0, -190.0, -208.0, -266.0, -236.0, -240.0, -244.0, -182.0, -206.0, -154.0, -116.0, -84.0, -80.0, -70.0, -48.0, -10.0, -26.0, -30.0, -8.0, -20.0, -48.0, -38.0, -38.0, -8.0, 28.0, 46.0, 50.0, 38.0, 64.0, 38.0, 44.0, 56.0, 68.0, 62.0, 24.0, -4.0, -8.0, -12.0, -70.0, -54.0, -128.0, -124.0, -166.0, -162.0, -262.0, -296.0, -232.0, -344.0, -346.0, -338.0], "WindowWidth": [6354.0, 6472.0, 6496.0, 6532.0, 6472.0, 6442.0, 6518.0, 6554.0, 6420.0, 6424.0, 6340.0, 6366.0, 6250.0, 6206.0, 6150.0, 6050.0, 6030.0, 6010.0, 5924.0, 5882.0, 5830.0, 5804.0, 5832.0, 5850.0, 5810.0, 5658.0, 5710.0, 5574.0, 5440.0, 5598.0, 5356.0, 5422.0, 5420.0, 5420.0, 5372.0, 5320.0, 5366.0, 5382.0, 5258.0, 5182.0, 5312.0, 5204.0, 5052.0, 5094.0, 5016.0, 5166.0, 5322.0, 5348.0, 5372.0, 5362.0, 5472.0, 5432.0, 5392.0, 5430.0, 5490.0, 5544.0, 5562.0, 5552.0, 5570.0, 5682.0, 5704.0, 5762.0, 5820.0, 5904.0, 5952.0, 6078.0, 6112.0, 6116.0, 6246.0, 6228.0, 6302.0, 6348.0]}}, "IntendedFor": ["ses-action01/func/sub-30_ses-action01_task-action_run-01_bold.nii.gz", "ses-action01/func/sub-30_ses-action01_task-action_run-11_bold.nii.gz", "ses-action01/func/sub-30_ses-action01_task-action_run-03_bold.nii.gz", "ses-action01/func/sub-30_ses-action01_task-action_run-05_bold.nii.gz", "ses-action01/func/sub-30_ses-action01_task-action_run-07_bold.nii.gz", "ses-action01/func/sub-30_ses-action01_task-action_run-08_bold.nii.gz", "ses-action01/func/sub-30_ses-action01_task-action_run-04_bold.nii.gz", "ses-action01/func/sub-30_ses-action01_task-action_run-09_bold.nii.gz", "ses-action01/func/sub-30_ses-action01_task-action_run-06_bold.nii.gz", "ses-action01/func/sub-30_ses-action01_task-action_run-10_bold.nii.gz", "ses-action01/func/sub-30_ses-action01_task-action_run-02_bold.nii.gz", "ses-action01/func/sub-30_ses-action01_task-action_run-12_bold.nii.gz"]}