{
  "AcquisitionMatrixPE": 100,
  "AcquisitionNumber": 1,
  "AcquisitionTime": "14:41:31.365000",
  "BandwidthPerPixelPhaseEncode": 18.519,
  "BaseResolution": 100,
  "BodyPartExamined": "BRAIN",
  "CoilCombinationMethod": "Sum of Squares",
  "ConsistencyInfo": "N4_VE11C_LATEST_20160120",
  "ConversionSoftware": "dcm2niix",
  "ConversionSoftwareVersion": "v1.0.20211006",
  "DerivedVendorReportedEchoSpacing": 0.000539986,
  "DeviceSerialNumber": "166078",
  "DwellTime": 2.1e-06,
  "EchoTime": 0.034,
  "EchoTrainLength": 100,
  "EffectiveEchoSpacing": 0.000539986,
  "FlipAngle": 90,
  "ImageOrientationPatientDICOM": [1, 4.13517e-05, 0.000327312, -3.90952e-08, 0.992129, -0.125223],
  "ImageOrientationText": "Tra>Cor(-7.2)>Sag(0.0)",
  "ImageType": [
    "ORIGINAL",
    "PRIMARY",
    "M",
    "ND",
    "MOSAIC"
],
  "ImagingFrequency": 123.258,
  "InPlanePhaseEncodingDirectionDICOM": "COL",
  "InstitutionAddress": "Street StreetNo,Bei Jing,District,CN,ZIP",
  "InstitutionName": "BeiJing Normal University",
  "InstitutionalDepartmentName": "Department",
  "MRAcquisitionType": "2D",
  "MagneticFieldStrength": 3,
  "Manufacturer": "Siemens",
  "ManufacturersModelName": "Prisma",
  "Modality": "MR",
  "MultibandAccelerationFactor": 3,
  "PartialFourier": 1,
  "PatientPosition": "HFS",
  "PercentPhaseFOV": 100,
  "PercentSampling": 100,
  "PhaseEncodingDirection": "j-",
  "PhaseEncodingSteps": 100,
  "PhaseResolution": 1,
  "PixelBandwidth": 2380,
  "ProcedureStepDescription": "BNU_P2018_64CH^Zhen.ZongLei",
  "ProtocolName": "bold_100x100_s3_2x2x2_static_156",
  "PulseSequenceDetails": "%SiemensSeq%\\ep2d_bold",
  "ReceiveCoilActiveElements": "HC1-7;NC1",
  "ReceiveCoilName": "HeadNeck_64",
  "ReconMatrixPE": 100,
  "RefLinesPE": 32,
  "RepetitionTime": 2,
  "SAR": 0.080879,
  "ScanOptions": "FS",
  "ScanningSequence": "EP",
  "SequenceName": "*epfid2d1_100",
  "SequenceVariant": "SK",
  "SeriesDescription": "bold_100x100_s3_2x2x2_static_156",
  "SeriesNumber": 6,
  "ShimSetting": [-5474, -11505, -1255, 265, -37, -215, -59, 21],
  "SliceThickness": 2,
  "SliceTiming": [1.4825, 0, 0.9875, 0.0825, 1.07, 0.1625, 1.1525, 0.245, 1.235, 0.3275, 1.3175, 0.41, 1.4, 0.575, 1.565, 0.6575, 1.6475, 0.74, 1.73, 0.8225, 1.8125, 0.905, 1.895, 0.4925, 1.4825, 0, 0.9875, 0.0825, 1.07, 0.1625, 1.1525, 0.245, 1.235, 0.3275, 1.3175, 0.41, 1.4, 0.575, 1.565, 0.6575, 1.6475, 0.74, 1.73, 0.8225, 1.8125, 0.905, 1.895, 0.4925, 1.4825, 0, 0.9875, 0.0825, 1.07, 0.1625, 1.1525, 0.245, 1.235, 0.3275, 1.3175, 0.41, 1.4, 0.575, 1.565, 0.6575, 1.6475, 0.74, 1.73, 0.8225, 1.8125, 0.905, 1.895, 0.4925],
  "SoftwareVersions": "syngo MR E11",
  "SpacingBetweenSlices": 2,
  "StationName": "AWP166078",
  "TaskName": "action",
  "TotalReadoutTime": 0.0534586,
  "TxRefAmp": 252.632,
  "dcmmeta_affine": [
    [-1.9999998807907104, -7.81903892743685e-08, 0.0006598280742764473, 100.4209213256836],
    [-8.270342368632555e-05, 1.9842572212219238, -0.2504465878009796, -84.93669891357422],
    [0.000654624484013766, 0.2504465878009796, 1.9842571020126343, -77.17183685302734],
    [0.0, 0.0, 0.0, 1.0]
],
  "dcmmeta_reorient_transform": [
    [0.0, -1.0, 0.0, 99.0],
    [1.0, 0.0, 0.0, 0.0],
    [0.0, 0.0, 1.0, 0.0],
    [0.0, 0.0, 0.0, 1.0]
],
  "dcmmeta_shape": [100, 100, 72, 156],
  "dcmmeta_slice_dim": 2,
  "dcmmeta_version": 0.6,
  "global": {
    "const": {
      "AcquisitionMatrix": [100, 0, 0, 100],
      "AngioFlag": "N",
      "BitsAllocated": 16,
      "BitsStored": 12,
      "BodyPartExamined": "BRAIN",
      "Columns": 900,
      "EchoNumbers": 1,
      "EchoTime": 34.0,
      "EchoTrainLength": 100,
      "FlipAngle": 90.0,
      "HighBit": 11,
      "ImageOrientationPatient": [0.99999994557837, 4.135171023e-05, 0.00032731223654, -3.9095196e-08, 0.99212858292972, -0.1252233002834],
      "ImagePositionPatient": [-900.42084237595, -905.24070953991, 47.539163595227],
      "ImageType": [
        "ORIGINAL",
        "PRIMARY",
        "M",
        "ND",
        "MOSAIC"
],
      "ImagedNucleus": "1H",
      "ImagingFrequency": 123.257735,
      "InPlanePhaseEncodingDirection": "COL",
      "MRAcquisitionType": "2D",
      "MagneticFieldStrength": 3.0,
      "Manufacturer": "SIEMENS",
      "ManufacturerModelName": "Prisma",
      "Modality": "MR",
      "NumberOfAverages": 1.0,
      "NumberOfPhaseEncodingSteps": 100,
      "PercentPhaseFieldOfView": 100.0,
      "PercentSampling": 100.0,
      "PerformedProcedureStepStartTime": "142104.898000",
      "PhotometricInterpretation": "MONOCHROME2",
      "PixelBandwidth": 2380.0,
      "PixelRepresentation": 0,
      "PixelSpacing": [2.0, 2.0],
      "ProtocolName": "bold_100x100_s3_2x2x2_static_156",
      "RepetitionTime": 2000.0,
      "Rows": 900,
      "SAR": 0.0808789478676,
      "SamplesPerPixel": 1,
      "ScanOptions": "FS",
      "ScanningSequence": "EP",
      "SequenceName": "*epfid2d1_100",
      "SequenceVariant": "SK",
      "SeriesDescription": "bold_100x100_s3_2x2x2_static_156",
      "SeriesNumber": 6,
      "SeriesTime": "144134.057000",
      "SliceLocation": -65.895201111612,
      "SliceThickness": 2.0,
      "SmallestImagePixelValue": 0,
      "SoftwareVersions": "syngo MR E11",
      "SpacingBetweenSlices": 2.0000000622757,
      "SpecificCharacterSet": "ISO_IR 100",
      "StudyID": "1",
      "StudyTime": "142104.807000",
      "TransmitCoilName": "Body",
      "VariableFlipAngleFlag": "N",
      "WindowCenterWidthExplanation": "Algo1",
      "dBdt": 0.0},
