{"AcquisitionMatrixPE": 100, "AcquisitionNumber": 1, "AcquisitionTime": "16:29:39.302500", "BaseResolution": 100, "BodyPartExamined": "BRAIN", "CoilCombinationMethod": "Sum of Squares", "ConsistencyInfo": "N4_VE11C_LATEST_20160120", "ConversionSoftware": "dcm2niix", "ConversionSoftwareVersion": "v1.0.20211006", "DeviceSerialNumber": "166078", "DwellTime": 8.8e-06, "EchoNumber": 2, "EchoTime": 0.00738, "EchoTime1": 0.00492, "EchoTime2": 0.00738, "FlipAngle": 60, "ImageOrientationPatientDICOM": [1, 4.882e-12, -3.76e-13, -4.897e-12, 0.997053, -0.076719], "ImageOrientationText": "Tra>Cor(-4.4)", "ImageType": ["ORIGINAL", "PRIMARY", "P", "ND", "PHASE"], "ImagingFrequency": 123.258, "InPlanePhaseEncodingDirectionDICOM": "ROW", "InstitutionAddress": "Street StreetNo,Bei Jing,District,CN,ZIP", "InstitutionName": "BeiJing Normal University", "InstitutionalDepartmentName": "Department", "MRAcquisitionType": "2D", "MagneticFieldStrength": 3, "Manufacturer": "Siemens", "ManufacturersModelName": "Prisma", "MatrixCoilMode": "SENSE", "Modality": "MR", "MultibandAccelerationFactor": 2, "PartialFourier": 1, "PatientPosition": "HFS", "PercentPhaseFOV": 100, "PercentSampling": 100, "PhaseEncodingDirection": "i", "PhaseEncodingSteps": 100, "PhaseResolution": 1, "PixelBandwidth": 570, "ProcedureStepDescription": "BNU_P2018_64CH^Zhen.ZongLei", "ProtocolName": "field_mapping_2x2x2", "PulseSequenceDetails": "%SiemensSeq%\\gre_field_mapping", "ReceiveCoilActiveElements": "HC1-7;NC1", "ReceiveCoilName": "HeadNeck_64", "ReconMatrixPE": 100, "RepetitionTime": 0.72, "SAR": 0.111988, "ScanningSequence": "GR", "SequenceName": "*fm2d2r", "SequenceVariant": "SP", "SeriesDescription": "field_mapping_2x2x2", "SeriesNumber": 10, "ShimSetting": [-5440, -11517, -1244, 505, 102, -237, -185, 8], "SliceThickness": 2, "SliceTiming": [0.35938, 0, 0.375, 0.01562, 0.39062, 0.03125, 0.39062, 0.03125, 0.40625, 0.04688, 0.42188, 0.0625, 0.42188, 0.0625, 0.4375, 0.07812, 0.4375, 0.07812, 0.45312, 0.09375, 0.46875, 0.10938, 0.46875, 0.10938, 0.48438, 0.125, 0.5, 0.14062, 0.5, 0.14062, 0.51562, 0.15625, 0.53125, 0.17188, 0.53125, 0.17188, 0.54688, 0.1875, 0.5625, 0.1875, 0.5625, 0.20312, 0.57812, 0.21875, 0.57812, 0.21875, 0.59375, 0.23438, 0.60938, 0.25, 0.60938, 0.25, 0.625, 0.26562, 0.64062, 0.28125, 0.64062, 0.28125, 0.65625, 0.29688, 0.67188, 0.3125, 0.67188, 0.3125, 0.6875, 0.32812, 0.6875, 0.32812, 0.70312, 0.34375, 0.71875, 0.35938], "SoftwareVersions": "syngo MR E11", "SpacingBetweenSlices": 2, "StationName": "AWP166078", "TxRefAmp": 205.285, "dcmmeta_affine": [[-2.0, -9.79399981254625e-12, 0.0, 100.0], [-9.764000372114445e-12, 1.9941054582595825, -0.15343809127807617, -90.78711700439453], [-7.520000247507319e-13, 0.1534380465745926, 1.9941024780273438, -63.29689025878906], [0.0, 0.0, 0.0, 1.0]], "dcmmeta_reorient_transform": [[0.0, -1.0, 0.0, 99.0], [1.0, 0.0, 0.0, 0.0], [0.0, 0.0, -1.0, 71.0], [0.0, 0.0, 0.0, 1.0]], "dcmmeta_shape": [100, 100, 72], "dcmmeta_slice_dim": 2, "dcmmeta_version": 0.6, "global": {"const": {"AcquisitionMatrix": [0, 100, 100, 0], "AcquisitionNumber": 1, "AngioFlag": "N", "BitsAllocated": 16, "BitsStored": 12, "BodyPartExamined": "BRAIN", "Columns": 100, "EchoNumbers": 2, "EchoTime": 7.38, "EchoTrainLength": 0, "FlipAngle": 60.0, "HighBit": 11, "ImageOrientationPatient": [1.0, 4.882e-12, -3.76e-13, -4.897e-12, 0.99705275232213, -0.0767190268895], "ImageType": ["ORIGINAL", "PRIMARY", "P", "ND"], "ImagedNucleus": "1H", "ImagingFrequency": 123.257712, "InPlanePhaseEncodingDirection": "ROW", "MRAcquisitionType": "2D", "MagneticFieldStrength": 3.0, "Manufacturer": "SIEMENS", "ManufacturerModelName": "Prisma", "Modality": "MR", "NumberOfAverages": 1.0, "NumberOfPhaseEncodingSteps": 100, "PercentPhaseFieldOfView": 100.0, "PercentSampling": 100.0, "PerformedProcedureStepStartTime": "153748.728000", "PhotometricInterpretation": "MONOCHROME2", "PixelBandwidth": 570.0, "PixelRepresentation": 0, "PixelSpacing": [2.0, 2.0], "ProtocolName": "field_mapping_2x2x2", "RepetitionTime": 720.0, "RescaleIntercept": -4096.0, "RescaleSlope": 2.0, "RescaleType": "US", "Rows": 100, "SAR": 0.11198828258311, "SamplesPerPixel": 1, "ScanningSequence": "GR", "SequenceName": "*fm2d2r", "SequenceVariant": "SP", "SeriesDescription": "field_mapping_2x2x2", "SeriesNumber": 10, "SeriesTime": "163204.540000", "SliceThickness": 2.0, "SoftwareVersions": "syngo MR E11", "SpacingBetweenSlices": 2.0, "SpecificCharacterSet": "ISO_IR 100", "StudyID": "1", "StudyTime": "153748.609000", "TransmitCoilName": "Body", "VariableFlipAngleFlag": "N", "WindowCenterWidthExplanation": "Algo1", "dBdt": 0.0}, "slices": {"AcquisitionTime": ["162939.302500", "162938.942500", "162939.312500", "162938.952500", "162939.322500", "162938.962500", "162939.332500", "162938.972500", "162939.342500", "162938.982500", "162939.352500", "162938.992500", "162939.362500", "162939.002500", "162939.372500", "162939.012500", "162939.382500", "162939.022500", "162939.392500", "162939.032500", "162939.402500", "162939.042500", "162939.412500", "162939.052500", "162939.422500", "162939.062500", "162939.432500", "162939.072500", "162939.442500", "162939.082500", "162939.452500", "162939.092500", "162939.462500", "162939.102500", "162939.472500", "162939.112500", "162939.482500", "162939.122500", "162939.492500", "162939.132500", "162939.502500", "162939.142500", "162939.512500", "162939.152500", "162939.522500", "162939.162500", "162939.532500", "162939.172500", "162939.542500", "162939.182500", "162939.552500", "162939.192500", "162939.562500", "162939.202500", "162939.572500", "162939.212500", "162939.582500", "162939.222500", "162939.592500", "162939.232500", "162939.602500", "162939.242500", "162939.612500", "162939.252500", "162939.622500", "162939.262500", "162939.632500", "162939.272500", "162939.642500", "162939.282500", "162939.652500", "162939.292500"], "ContentTime": ["163204.610000", "163204.542000", "163204.612000", "163204.545000", "163204.614000", "163204.547000", "163204.616000", "163204.549000", "163204.618000", "163204.550000", "163204.620000", "163204.552000", "163204.622000", "163204.554000", "163204.625000", "163204.556000", "163204.627000", "163204.558000", "163204.629000", "163204.560000", "163204.631000", "163204.562000", "163204.633000", "163204.564000", "163204.635000", "163204.566000", "163204.637000", "163204.567000", "163204.639000", "163204.569000", "163204.642000", "163204.571000", "163204.644000", "163204.573000", "163204.646000", "163204.575000", "163204.648000", "163204.577000", "163204.650000", "163204.579000", "163204.652000", "163204.581000", "163204.653000", "163204.582000", "163204.655000", "163204.584000", "163204.657000", "163204.586000", "163204.659000", "163204.588000", "163204.662000", "163204.590000", "163204.664000", "163204.592000", "163204.666000", "163204.594000", "163204.668000", "163204.595000", "163204.670000", "163204.597000", "163204.672000", "163204.599000", "163204.676000", "163204.601000", "163204.678000", "163204.603000", "163204.680000", "163204.605000", "163204.683000", "163204.607000", "163204.685000", "163204.609000"], "CsaImage.GSWDDataType": ["measured", "predicted", "measured", "predicted", "measured", "predicted", "measured", "predicted", "measured", "predicted", "measured", "predicted", "measured", "predicted", "measured", "predicted", "measured", "predicted", "measured", "predicted", "measured", "predicted", "measured", "predicted", "measured", "predicted", "measured", "predicted", "measured", "predicted", "measured", "predicted", "measured", "predicted", "measured", "predicted", "measured", "predicted", "measured", "predicted", "measured", "predicted", "measured", "predicted", "measured", "predicted", "measured", "predicted", "measured", "predicted", "measured", "predicted", "measured", "predicted", "measured", "predicted", "measured", "predicted", "measured", "predicted", "measured", "predicted", "measured", "predicted", "measured", "predicted", "measured", "predicted", "measured", "predicted", "measured", "measured"], "CsaImage.ICE_Dims": ["X_2_1_1_1_1_1_37_1_1_1_1_226", "X_2_1_1_1_1_1_1_1_1_2_1_226", "X_2_1_1_1_1_1_38_1_1_3_1_226", "X_2_1_1_1_1_1_2_1_1_4_1_226", "X_2_1_1_1_1_1_39_1_1_5_1_226", "X_2_1_1_1_1_1_3_1_1_6_1_226", "X_2_1_1_1_1_1_40_1_1_7_1_226", "X_2_1_1_1_1_1_4_1_1_8_1_226", "X_2_1_1_1_1_1_41_1_1_9_1_226", "X_2_1_1_1_1_1_5_1_1_10_1_226", "X_2_1_1_1_1_1_42_1_1_11_1_226", "X_2_1_1_1_1_1_6_1_1_12_1_226", "X_2_1_1_1_1_1_43_1_1_13_1_226", "X_2_1_1_1_1_1_7_1_1_14_1_226", "X_2_1_1_1_1_1_44_1_1_15_1_226", "X_2_1_1_1_1_1_8_1_1_16_1_226", "X_2_1_1_1_1_1_45_1_1_17_1_226", "X_2_1_1_1_1_1_9_1_1_18_1_226", "X_2_1_1_1_1_1_46_1_1_19_1_226", "X_2_1_1_1_1_1_10_1_1_20_1_226", "X_2_1_1_1_1_1_47_1_1_21_1_226", "X_2_1_1_1_1_1_11_1_1_22_1_226", "X_2_1_1_1_1_1_48_1_1_23_1_226", "X_2_1_1_1_1_1_12_1_1_24_1_226", "X_2_1_1_1_1_1_49_1_1_25_1_226", "X_2_1_1_1_1_1_13_1_1_26_1_226", "X_2_1_1_1_1_1_50_1_1_27_1_226", "X_2_1_1_1_1_1_14_1_1_28_1_226", "X_2_1_1_1_1_1_51_1_1_29_1_226", "X_2_1_1_1_1_1_15_1_1_30_1_226", "X_2_1_1_1_1_1_52_1_1_31_1_226", "X_2_1_1_1_1_1_16_1_1_32_1_226", "X_2_1_1_1_1_1_53_1_1_33_1_226", "X_2_1_1_1_1_1_17_1_1_34_1_226", "X_2_1_1_1_1_1_54_1_1_35_1_226", "X_2_1_1_1_1_1_18_1_1_36_1_226", "X_2_1_1_1_1_1_55_1_1_37_1_226", "X_2_1_1_1_1_1_19_1_1_38_1_226", "X_2_1_1_1_1_1_56_1_1_39_1_226", "X_2_1_1_1_1_1_20_1_1_40_1_226", "X_2_1_1_1_1_1_57_1_1_41_1_226", "X_2_1_1_1_1_1_21_1_1_42_1_226", "X_2_1_1_1_1_1_58_1_1_43_1_226", "X_2_1_1_1_1_1_22_1_1_44_1_226", "X_2_1_1_1_1_1_59_1_1_45_1_226", "X_2_1_1_1_1_1_23_1_1_46_1_226", "X_2_1_1_1_1_1_60_1_1_47_1_226", "X_2_1_1_1_1_1_24_1_1_48_1_226", "X_2_1_1_1_1_1_61_1_1_49_1_226", "X_2_1_1_1_1_1_25_1_1_50_1_226", "X_2_1_1_1_1_1_62_1_1_51_1_226", "X_2_1_1_1_1_1_26_1_1_52_1_226", "X_2_1_1_1_1_1_63_1_1_53_1_226", "X_2_1_1_1_1_1_27_1_1_54_1_226", "X_2_1_1_1_1_1_64_1_1_55_1_226", "X_2_1_1_1_1_1_28_1_1_56_1_226", "X_2_1_1_1_1_1_65_1_1_57_1_226", "X_2_1_1_1_1_1_29_1_1_58_1_226", "X_2_1_1_1_1_1_66_1_1_59_1_226", "X_2_1_1_1_1_1_30_1_1_60_1_226", "X_2_1_1_1_1_1_67_1_1_61_1_226", "X_2_1_1_1_1_1_31_1_1_62_1_226", "X_2_1_1_1_1_1_68_1_1_63_1_226", "X_2_1_1_1_1_1_32_1_1_64_1_226", "X_2_1_1_1_1_1_69_1_1_65_1_226", "X_2_1_1_1_1_1_33_1_1_66_1_226", "X_2_1_1_1_1_1_70_1_1_67_1_226", "X_2_1_1_1_1_1_34_1_1_68_1_226", "X_2_1_1_1_1_1_71_1_1_69_1_226", "X_2_1_1_1_1_1_35_1_1_70_1_226", "X_2_1_1_1_1_1_72_1_1_71_1_226", "X_2_1_1_1_1_1_36_1_1_72_1_226"], "CsaImage.ProtocolSliceNumber": [0, 1, 2, 3, 4, 5, 6, 7, 8, 9, 10, 11, 12, 13, 14, 15, 16, 17, 18, 19, 20, 21, 22, 23, 24, 25, 26, 27, 28, 29, 30, 31, 32, 33, 34, 35, 36, 37, 38, 39, 40, 41, 42, 43, 44, 45, 46, 47, 48, 49, 50, 51, 52, 53, 54, 55, 56, 57, 58, 59, 60, 61, 62, 63, 64, 65, 66, 67, 68, 69, 70, 71], "CsaImage.RFSWDDataType": ["measured", "predicted", "measured", "predicted", "measured", "predicted", "measured", "predicted", "measured", "predicted", "measured", "predicted", "measured", "predicted", "measured", "predicted", "measured", "predicted", "measured", "predicted", "measured", "predicted", "measured", "predicted", "measured", "predicted", "measured", "predicted", "measured", "predicted", "measured", "predicted", "measured", "predicted", "measured", "predicted", "measured", "predicted", "measured", "predicted", "measured", "predicted", "measured", "predicted", "measured", "predicted", "measured", "predicted", "measured", "predicted", "measured", "predicted", "measured", "predicted", "measured", "predicted", "measured", "predicted", "measured", "predicted", "measured", "predicted", "measured", "predicted", "measured", "predicted", "measured", "predicted", "measured", "measured", "measured", "measured"], "CsaImage.SlicePosition_PCS": [[-100.0, -106.62932366, -48.10673806], [-100.0, -106.47588557, -46.11263177], [-100.0, -106.32244747, -44.11852547], [-100.0, -106.16900986, -42.12441918], [-100.0, -106.01557177, -40.13031289], [-100.0, -105.86213368, -38.13621041], [-100.0, -105.70869559, -36.14210412], [-100.0, -105.55525749, -34.14799782], [-100.0, -105.4018194, -32.15389153], [-100.0, -105.24838131, -30.15978524], [-100.0, -105.09494322, -28.16568276], [-100.0, -104.94150513, -26.17157647], [-100.0, -104.78806704, -24.17747017], [-100.0, -104.63462895, -22.18336388], [-100.0, -104.48119086, -20.1892595], [-100.0, -104.32775276, -18.1951532], [-100.0, -104.17431467, -16.20104882], [-100.0, -104.02087706, -14.20694253], [-100.0, -103.86743897, -12.21283623], [-100.0, -103.71400088, -10.21873185], [-100.0, -103.56056278, -8.22462651], [-100.0, -103.40712469, -6.23052022], [-100.0, -103.2536866, -4.23641488], [-100.0, -103.10024851, -2.24230954], [-100.0, -102.94681042, -0.2482042], [-100.0, -102.79337233, 1.74590162], [-100.0, -102.63993424, 3.74000696], [-100.0, -102.48649638, 5.73411241], [-100.0, -102.33305829, 7.72821794], [-100.0, -102.1796202, 9.72232345], [-100.0, -102.02618211, 11.71642879], [-100.0, -101.87274402, 13.71053461], [-100.0, -101.71930593, 15.70464042], [-100.0, -101.56586796, 17.69874576], [-100.0, -101.41242986, 19.6928511], [-100.0, -101.25899189, 21.68695644], [-100.0, -101.1055538, 23.68106178], [-100.0, -100.95211571, 25.67516807], [-100.0, -100.79867762, 27.66927246], [-100.0, -100.64523959, 29.66337875], [-100.0, -100.49180156, 31.65748313], [-100.0, -100.33836352, 33.65158943], [-100.0, -100.18492543, 35.64569572], [-100.0, -100.0314874, 37.6398001], [-100.0, -99.87804934, 39.6339064], [-100.0, -99.72461128, 41.62801078], [-100.0, -99.57117322, 43.62211707], [-100.0, -99.41773515, 45.61622337], [-100.0, -99.26429712, 47.61032966], [-100.0, -99.11085903, 49.60443214], [-100.0, -98.957421, 51.59853843], [-100.0, -98.80398297, 53.59264472], [-100.0, -98.65054494, 55.58675102], [-100.0, -98.49710685, 57.58085731], [-100.0, -98.34366875, 59.57495979], [-100.0, -98.19023066, 61.56906608], [-100.0, -98.03679269, 63.56317237], [-100.0, -97.8833546, 65.55727867], [-100.0, -97.72991651, 67.55138496], [-100.0, -97.57647842, 69.54548744], [-100.0, -97.42304033, 71.53959373], [-100.0, -97.26960247, 73.53369621], [-100.0, -97.11616438, 75.52780631], [-100.0, -96.96272629, 77.52190879], [-100.0, -96.8092882, 79.5160189], [-100.0, -96.65585011, 81.51012138], [-100.0, -96.50241202, 83.50422386], [-100.0, -96.34897393, 85.49833396], [-100.0, -96.19553607, 87.49243644], [-100.0, -96.04209798, 89.48654655], [-100.0, -95.88865989, 91.48064903], [-100.0, -95.7352218, 93.4747515]], "CsaImage.TimeAfterStart": [1.0825, 0.7225, 1.0925, 0.7325, 1.1025, 0.7425, 1.1125, 0.7525, 1.1225, 0.7625, 1.1325, 0.7725, 1.1425, 0.7825, 1.1525, 0.7925, 1.1625, 0.8025, 1.1725, 0.8125, 1.1825, 0.8225, 1.1925, 0.8325, 1.2025, 0.8425, 1.2125, 0.8525, 1.2225, 0.8625, 1.2325, 0.8725, 1.2425, 0.8825, 1.2525, 0.8925, 1.2625, 0.9025, 1.2725, 0.9125, 1.2825, 0.9225, 1.2925, 0.9325, 1.3025, 0.9425, 1.3125, 0.9525, 1.3225, 0.9625, 1.3325, 0.9725, 1.3425, 0.9825, 1.3525, 0.9925, 1.3625, 1.0025, 1.3725, 1.0125, 1.3825, 1.0225, 1.3925, 1.0325, 1.4025, 1.0425, 1.4125, 1.0525, 1.4225, 1.0625, 1.4325, 1.0725], "ImagePositionPatient": [[-99.99999999951, -106.62932365647, -48.106738058087], [-99.99999999951, -106.47588556519, -46.112631765362], [-99.99999999951, -106.32244747391, -44.118525472638], [-99.99999999951, -106.16900985947, -42.124419179913], [-99.99999999951, -106.01557176819, -40.130312887189], [-99.99999999951, -105.86213367692, -38.136210409161], [-99.99999999951, -105.70869558564, -36.142104116437], [-99.99999999951, -105.55525749436, -34.147997823712], [-99.99999999951, -105.40181940308, -32.153891530987], [-99.99999999951, -105.2483813118, -30.159785238263], [-99.99999999951, -105.09494322052, -28.165682760235], [-99.99999999951, -104.94150512925, -26.171576467511], [-99.99999999951, -104.78806703797, -24.177470174786], [-99.99999999951, -104.63462894669, -22.183363882062], [-99.99999999951, -104.48119085541, -20.189259496686], [-99.99999999951, -104.32775276413, -18.195153203961], [-99.99999999951, -104.17431467286, -16.201048818585], [-99.99999999951, -104.02087705842, -14.20694252586], [-99.99999999951, -103.86743896714, -12.212836233136], [-99.99999999951, -103.71400087586, -10.21873184776], [-99.99999999951, -103.56056278458, -8.2246265087096], [-99.99999999951, -103.4071246933, -6.230520215985], [-99.99999999951, -103.25368660202, -4.2364148769347], [-99.99999999951, -103.10024851075, -2.2423095378844], [-99.99999999951, -102.94681041947, -0.2482041988341], [-99.99999999951, -102.79337232819, 1.7459016170534], [-99.99999999951, -102.63993423691, 3.7400069561037], [-99.99999999951, -102.48649638405, 5.7341124143632], [-99.99999999951, -102.33305829278, 7.7282179434033], [-99.99999999951, -102.1796202015, 9.7223234500917], [-99.99999999951, -102.02618211022, 11.716428789142], [-99.99999999951, -101.87274401894, 13.710534605029], [-99.99999999951, -101.71930592766, 15.704640420917], [-99.99999999951, -101.56586795559, 17.698745759967], [-99.99999999951, -101.41242986432, 19.692851099017], [-99.99999999951, -101.25899189225, 21.686956438068], [-99.99999999951, -101.10555380097, 23.681061777118], [-99.99999999951, -100.95211570969, 25.675168069843], [-99.99999999951, -100.79867761841, 27.669272455219], [-99.99999999951, -100.64523958674, 29.663378747943], [-99.99999999951, -100.49180155507, 31.657483133319], [-99.99999999951, -100.33836352339, 33.651589426044], [-99.99999999951, -100.18492543211, 35.645695718768], [-99.99999999951, -100.03148740044, 37.639800104144], [-99.99999999951, -99.878049338965, 39.633906396869], [-99.99999999951, -99.72461127749, 41.628010782245], [-99.99999999951, -99.571173216014, 43.62211707497], [-99.99999999951, -99.417735154538, 45.616223367694], [-99.99999999951, -99.264297122865, 47.610329660419], [-99.99999999951, -99.110859031587, 49.604432138446], [-99.99999999951, -98.957420999913, 51.598538431171], [-99.99999999951, -98.80398296824, 53.592644723895], [-99.99999999951, -98.650544936566, 55.58675101662], [-99.99999999951, -98.497106845288, 57.580857309345], [-99.99999999951, -98.34366875401, 59.574959787372], [-99.99999999951, -98.190230662732, 61.569066080097], [-99.99999999951, -98.036792690663, 63.563172372821], [-99.99999999951, -97.883354599385, 65.557278665546], [-99.99999999951, -97.729916508107, 67.55138495827], [-99.99999999951, -97.576478416829, 69.545487436298], [-99.99999999951, -97.423040325551, 71.539593729022], [-99.99999999951, -97.269602472691, 73.53369620705], [-99.99999999951, -97.116164381413, 75.527806314472], [-99.99999999951, -96.962726290135, 77.521908792499], [-99.99999999951, -96.809288198857, 79.516018899921], [-99.99999999951, -96.655850107579, 81.510121377948], [-99.99999999951, -96.502412016301, 83.504223855975], [-99.99999999951, -96.348973925023, 85.498333963397], [-99.99999999951, -96.195536072163, 87.492436441425], [-99.99999999951, -96.042097980885, 89.486546548847], [-99.99999999951, -95.888659889607, 91.480649026874], [-99.99999999951, -95.735221798329, 93.474751504901]], "InstanceCreationTime": ["163204.610000", "163204.542000", "163204.612000", "163204.545000", "163204.614000", "163204.547000", "163204.616000", "163204.549000", "163204.618000", "163204.550000", "163204.620000", "163204.552000", "163204.622000", "163204.554000", "163204.625000", "163204.556000", "163204.627000", "163204.558000", "163204.629000", "163204.560000", "163204.631000", "163204.562000", "163204.633000", "163204.564000", "163204.635000", "163204.566000", "163204.637000", "163204.567000", "163204.639000", "163204.569000", "163204.642000", "163204.571000", "163204.644000", "163204.573000", "163204.646000", "163204.575000", "163204.648000", "163204.577000", "163204.650000", "163204.579000", "163204.652000", "163204.581000", "163204.653000", "163204.582000", "163204.655000", "163204.584000", "163204.657000", "163204.586000", "163204.659000", "163204.588000", "163204.662000", "163204.590000", "163204.664000", "163204.592000", "163204.666000", "163204.594000", "163204.668000", "163204.595000", "163204.670000", "163204.597000", "163204.672000", "163204.599000", "163204.676000", "163204.601000", "163204.678000", "163204.603000", "163204.680000", "163204.605000", "163204.683000", "163204.607000", "163204.685000", "163204.609000"], "InstanceNumber": [1, 2, 3, 4, 5, 6, 7, 8, 9, 10, 11, 12, 13, 14, 15, 16, 17, 18, 19, 20, 21, 22, 23, 24, 25, 26, 27, 28, 29, 30, 31, 32, 33, 34, 35, 36, 37, 38, 39, 40, 41, 42, 43, 44, 45, 46, 47, 48, 49, 50, 51, 52, 53, 54, 55, 56, 57, 58, 59, 60, 61, 62, 63, 64, 65, 66, 67, 68, 69, 70, 71, 72], "LargestImagePixelValue": [4094, 4094, 4094, 4095, 4094, 4095, 4095, 4095, 4094, 4095, 4093, 4095, 4095, 4095, 4095, 4094, 4094, 4095, 4092, 4095, 4094, 4095, 4095, 4095, 4093, 4089, 4090, 4091, 4092, 4091, 4095, 4092, 4095, 4095, 4089, 4095, 4095, 4095, 4089, 4093, 4092, 4092, 4093, 4093, 4094, 4088, 4088, 4089, 4092, 4092, 4094, 4087, 4094, 4095, 4092, 4094, 4095, 4095, 4094, 4095, 4094, 4094, 4094, 4093, 4094, 4095, 4095, 4094, 4095, 4095, 4094, 4095], "SliceLocation": [-56.145453534861, -54.145452746226, -52.145451957591, -50.145451205539, -48.145450416905, -46.145453431725, -44.14545264309, -42.145451854455, -40.145451065821, -38.145450277186, -36.145453292006, -34.145452503372, -32.145451714737, -30.145450926102, -28.145452039195, -26.14545125056, -24.145452363653, -22.145451611601, -20.145450822966, -18.145451936059, -16.145452098288, -14.145451309653, -12.145451471882, -10.145451634112, -8.1454517963405, -6.1454514831377, -4.1454516453668, -2.1454517070291, -0.1454516798282, 1.8545483250867, 3.8545481628577, 5.8545484760605, 7.8545487892633, 9.8545486178886, 11.85454845566, 13.854548284285, 15.854548122056, 17.854548910691, 19.854547797598, 21.85454858166, 23.854547463994, 25.854548248056, 27.854549036691, 29.854547919025, 31.854548705373, 33.854547589994, 35.854548376342, 37.854549162691, 39.854549946752, 41.854546931933, 43.854547715994, 45.854548500056, 47.854549284118, 49.854550072752, 51.854547057933, 53.854547846567, 55.854548626056, 57.854549414691, 59.854550203325, 61.854547188506, 63.85454797714, 65.854544944029, 67.854549536118, 69.854546521298, 71.854551113387, 73.854548098567, 75.854545083748, 77.854549675837, 79.854546642725, 81.854551234814, 83.854548219995, 85.854545205175], "SmallestImagePixelValue": [0, 0, 0, 0, 3, 0, 0, 0, 2, 0, 0, 0, 0, 0, 0, 3, 1, 0, 1, 0, 0, 0, 0, 3, 0, 1, 1, 0, 3, 0, 2, 0, 5, 0, 0, 3, 0, 0, 0, 0, 0, 0, 0, 0, 2, 0, 1, 1, 1, 0, 0, 0, 1, 0, 2, 0, 0, 0, 0, 1, 0, 0, 0, 0, 0, 0, 0, 0, 0, 0, 0, 0], "WindowCenter": [-222.0, -236.0, -268.0, -308.0, -340.0, -292.0, -254.0, -250.0, -232.0, -236.0, -188.0, -152.0, -158.0, -142.0, -180.0, -210.0, -284.0, -328.0, -368.0, -380.0, -510.0, -502.0, -506.0, -484.0, -534.0, -516.0, -416.0, -356.0, -314.0, -452.0, -416.0, -242.0, -202.0, -182.0, -192.0, -150.0, -146.0, -200.0, -138.0, -126.0, -76.0, -80.0, -44.0, -66.0, -36.0, -46.0, -156.0, -144.0, -162.0, -158.0, -152.0, -140.0, -130.0, -148.0, -34.0, -170.0, -180.0, -110.0, -152.0, -160.0, -200.0, -244.0, -276.0, -262.0, -308.0, -314.0, -374.0, -354.0, -332.0, -322.0, -430.0, -402.0], "WindowWidth": [6498.0, 6562.0, 6628.0, 6506.0, 6430.0, 6418.0, 6452.0, 6422.0, 6460.0, 6450.0, 6440.0, 6472.0, 6424.0, 6428.0, 6322.0, 6200.0, 6090.0, 5988.0, 5886.0, 5718.0, 4898.0, 4838.0, 4808.0, 4758.0, 4774.0, 4776.0, 5158.0, 5362.0, 5600.0, 4764.0, 4740.0, 5294.0, 5328.0, 5324.0, 5260.0, 5394.0, 5450.0, 4956.0, 5262.0, 5210.0, 5354.0, 5374.0, 5368.0, 5182.0, 5178.0, 5042.0, 4632.0, 4626.0, 4642.0, 4660.0, 4662.0, 4654.0, 4682.0, 4692.0, 5234.0, 4752.0, 4774.0, 5192.0, 5490.0, 5562.0, 5684.0, 5760.0, 5862.0, 6028.0, 6022.0, 6092.0, 6078.0, 6040.0, 6246.0, 6164.0, 5550.0, 6074.0]}}, "IntendedFor": ["ses-action01/func/sub-21_ses-action01_task-action_run-05_bold.nii.gz", "ses-action01/func/sub-21_ses-action01_task-action_run-08_bold.nii.gz", "ses-action01/func/sub-21_ses-action01_task-action_run-07_bold.nii.gz", "ses-action01/func/sub-21_ses-action01_task-action_run-01_bold.nii.gz", "ses-action01/func/sub-21_ses-action01_task-action_run-11_bold.nii.gz", "ses-action01/func/sub-21_ses-action01_task-action_run-03_bold.nii.gz", "ses-action01/func/sub-21_ses-action01_task-action_run-10_bold.nii.gz", "ses-action01/func/sub-21_ses-action01_task-action_run-02_bold.nii.gz", "ses-action01/func/sub-21_ses-action01_task-action_run-12_bold.nii.gz", "ses-action01/func/sub-21_ses-action01_task-action_run-04_bold.nii.gz", "ses-action01/func/sub-21_ses-action01_task-action_run-06_bold.nii.gz", "ses-action01/func/sub-21_ses-action01_task-action_run-09_bold.nii.gz"]}