{"AcquisitionMatrixPE": 100, "AcquisitionNumber": 1, "AcquisitionTime": "11:08:50.885000", "BaseResolution": 100, "BodyPartExamined": "BRAIN", "CoilCombinationMethod": "Sum of Squares", "ConsistencyInfo": "N4_VE11C_LATEST_20160120", "ConversionSoftware": "dcm2niix", "ConversionSoftwareVersion": "v1.0.20211006", "DeviceSerialNumber": "166078", "DwellTime": 8.8e-06, "EchoNumber": 2, "EchoTime": 0.00738, "EchoTime1": 0.00492, "EchoTime2": 0.00738, "FlipAngle": 60, "ImageOrientationPatientDICOM": [0.999781, 0.00153379, 0.0208862, -3.5555e-11, 0.997314, -0.0732382], "ImageOrientationText": "Tra>Cor(-4.2)>Sag(1.2)", "ImageType": ["ORIGINAL", "PRIMARY", "P", "ND", "PHASE"], "ImagingFrequency": 123.258, "InPlanePhaseEncodingDirectionDICOM": "ROW", "InstitutionAddress": "Street StreetNo,Bei Jing,District,CN,ZIP", "InstitutionName": "BeiJing Normal University", "InstitutionalDepartmentName": "Department", "MRAcquisitionType": "2D", "MagneticFieldStrength": 3, "Manufacturer": "Siemens", "ManufacturersModelName": "Prisma", "MatrixCoilMode": "SENSE", "Modality": "MR", "PartialFourier": 1, "PatientPosition": "HFS", "PercentPhaseFOV": 100, "PercentSampling": 100, "PhaseEncodingDirection": "i", "PhaseEncodingSteps": 100, "PhaseResolution": 1, "PixelBandwidth": 570, "ProcedureStepDescription": "BNU_P2018_64CH^Zhen.ZongLei", "ProtocolName": "field_mapping_2x2x2", "PulseSequenceDetails": "%SiemensSeq%\\gre_field_mapping", "ReceiveCoilActiveElements": "HC1-7;NC1", "ReceiveCoilName": "HeadNeck_64", "ReconMatrixPE": 100, "RepetitionTime": 0.72, "SAR": 0.13554, "ScanningSequence": "GR", "SequenceName": "*fm2d2r", "SequenceVariant": "SP", "SeriesDescription": "field_mapping_2x2x2", "SeriesNumber": 10, "ShimSetting": [-5453, -11507, -1253, 220, -16, -160, -116, 33], "SliceThickness": 2, "SliceTiming": [0.35938, 0, 0.375, 0.00781, 0.38281, 0.02344, 0.39062, 0.03125, 0.39844, 0.03906, 0.41406, 0.05469, 0.42188, 0.0625, 0.42969, 0.07031, 0.44531, 0.07812, 0.45312, 0.09375, 0.46094, 0.10156, 0.46875, 0.10938, 0.48438, 0.125, 0.49219, 0.13281, 0.5, 0.14062, 0.50781, 0.14844, 0.52344, 0.16406, 0.53125, 0.17188, 0.53906, 0.17969, 0.55469, 0.19531, 0.5625, 0.20312, 0.57031, 0.21094, 0.57812, 0.21875, 0.59375, 0.23438, 0.60156, 0.24219, 0.60938, 0.25, 0.625, 0.25781, 0.63281, 0.27344, 0.64062, 0.28125, 0.64844, 0.28906, 0.66406, 0.30469, 0.67188, 0.3125, 0.67969, 0.32031, 0.69531, 0.32812, 0.70312, 0.34375, 0.71094, 0.35156], "SoftwareVersions": "syngo MR E11", "SpacingBetweenSlices": 2, "StationName": "AWP166078", "TxRefAmp": 248.101, "dcmmeta_affine": [[-1.9995613098144531, -7.11099998329523e-11, 0.041884779930114746, 98.49115753173828], [-0.0030675700400024652, 1.99462890625, -0.14644432067871094, -84.2965087890625], [0.04177235811948776, 0.1464763879776001, 1.9941940307617188, -80.0599365234375], [0.0, 0.0, 0.0, 1.0]], "dcmmeta_reorient_transform": [[0.0, -1.0, 0.0, 99.0], [1.0, 0.0, 0.0, 0.0], [0.0, 0.0, -1.0, 71.0], [0.0, 0.0, 0.0, 1.0]], "dcmmeta_shape": [100, 100, 72], "dcmmeta_slice_dim": 2, "dcmmeta_version": 0.6, "global": {"const": {"AcquisitionMatrix": [0, 100, 100, 0], "AcquisitionNumber": 1, "AngioFlag": "N", "BitsAllocated": 16, "BitsStored": 12, "BodyPartExamined": "BRAIN", "Columns": 100, "EchoNumbers": 2, "EchoTime": 7.38, "EchoTrainLength": 0, "FlipAngle": 60.0, "HighBit": 11, "ImageOrientationPatient": [0.99978068347568, 0.00153378506181, 0.02088617849866, -3.5555e-11, 0.99731447738737, -0.0732381949093], "ImageType": ["ORIGINAL", "PRIMARY", "P", "ND"], "ImagedNucleus": "1H", "ImagingFrequency": 123.257735, "InPlanePhaseEncodingDirection": "ROW", "MRAcquisitionType": "2D", "MagneticFieldStrength": 3.0, "Manufacturer": "SIEMENS", "ManufacturerModelName": "Prisma", "Modality": "MR", "NumberOfAverages": 1.0, "NumberOfPhaseEncodingSteps": 100, "PercentPhaseFieldOfView": 100.0, "PercentSampling": 100.0, "PerformedProcedureStepStartTime": "101939.936000", "PhotometricInterpretation": "MONOCHROME2", "PixelBandwidth": 570.0, "PixelRepresentation": 0, "PixelSpacing": [2.0, 2.0], "ProtocolName": "field_mapping_2x2x2", "RepetitionTime": 720.0, "RescaleIntercept": -4096.0, "RescaleSlope": 2.0, "RescaleType": "US", "Rows": 100, "SAR": 0.13554022019391, "SamplesPerPixel": 1, "ScanningSequence": "GR", "SequenceName": "*fm2d2r", "SequenceVariant": "SP", "SeriesDescription": "field_mapping_2x2x2", "SeriesNumber": 10, "SeriesTime": "111115.297000", "SliceThickness": 2.0, "SoftwareVersions": "syngo MR E11", "SpacingBetweenSlices": 2.0, "SpecificCharacterSet": "ISO_IR 100", "StudyID": "1", "StudyTime": "101939.870000", "TransmitCoilName": "Body", "VariableFlipAngleFlag": "N", "WindowCenterWidthExplanation": "Algo1", "dBdt": 0.0}, "slices": {"AcquisitionTime": ["110850.885000", "110850.525000", "110850.895000", "110850.535000", "110850.905000", "110850.545000", "110850.915000", "110850.555000", "110850.925000", "110850.565000", "110850.935000", "110850.575000", "110850.945000", "110850.585000", "110850.955000", "110850.595000", "110850.965000", "110850.605000", "110850.975000", "110850.615000", "110850.985000", "110850.625000", "110850.995000", "110850.635000", "110851.005000", "110850.645000", "110851.015000", "110850.655000", "110851.025000", "110850.665000", "110851.035000", "110850.675000", "110851.045000", "110850.685000", "110851.055000", "110850.695000", "110851.065000", "110850.705000", "110851.075000", "110850.715000", "110851.085000", "110850.725000", "110851.095000", "110850.735000", "110851.105000", "110850.745000", "110851.115000", "110850.755000", "110851.125000", "110850.765000", "110851.135000", "110850.775000", "110851.145000", "110850.785000", "110851.155000", "110850.795000", "110851.165000", "110850.805000", "110851.175000", "110850.815000", "110851.185000", "110850.825000", "110851.195000", "110850.835000", "110851.205000", "110850.845000", "110851.215000", "110850.855000", "110851.225000", "110850.865000", "110851.235000", "110850.875000"], "ContentTime": ["111115.368000", "111115.298000", "111115.370000", "111115.301000", "111115.372000", "111115.303000", "111115.373000", "111115.305000", "111115.375000", "111115.307000", "111115.377000", "111115.308000", "111115.379000", "111115.311000", "111115.381000", "111115.313000", "111115.383000", "111115.314000", "111115.385000", "111115.316000", "111115.387000", "111115.318000", "111115.389000", "111115.320000", "111115.391000", "111115.322000", "111115.393000", "111115.324000", "111115.395000", "111115.326000", "111115.397000", "111115.327000", "111115.399000", "111115.329000", "111115.401000", "111115.331000", "111115.403000", "111115.333000", "111115.405000", "111115.335000", "111115.407000", "111115.337000", "111115.409000", "111115.339000", "111115.411000", "111115.341000", "111115.413000", "111115.343000", "111115.415000", "111115.345000", "111115.417000", "111115.347000", "111115.419000", "111115.349000", "111115.420000", "111115.351000", "111115.422000", "111115.353000", "111115.424000", "111115.355000", "111115.426000", "111115.357000", "111115.428000", "111115.358000", "111115.430000", "111115.360000", "111115.432000", "111115.362000", "111115.434000", "111115.364000", "111115.435000", "111115.366000"], "CsaImage.GSWDDataType": ["measured", "predicted", "measured", "predicted", "measured", "predicted", "measured", "predicted", "measured", "predicted", "measured", "predicted", "measured", "predicted", "measured", "predicted", "measured", "predicted", "measured", "predicted", "measured", "predicted", "measured", "predicted", "measured", "predicted", "measured", "predicted", "measured", "predicted", "measured", "predicted", "measured", "predicted", "measured", "predicted", "measured", "predicted", "measured", "predicted", "measured", "predicted", "measured", "predicted", "measured", "predicted", "measured", "predicted", "measured", "predicted", "measured", "predicted", "measured", "predicted", "measured", "predicted", "measured", "predicted", "measured", "predicted", "measured", "predicted", "measured", "predicted", "measured", "predicted", "measured", "predicted", "measured", "measured", "measured", "measured"], "CsaImage.ICE_Dims": ["X_2_1_1_1_1_1_37_1_1_1_1_89", "X_2_1_1_1_1_1_1_1_1_2_1_89", "X_2_1_1_1_1_1_38_1_1_3_1_89", "X_2_1_1_1_1_1_2_1_1_4_1_89", "X_2_1_1_1_1_1_39_1_1_5_1_89", "X_2_1_1_1_1_1_3_1_1_6_1_89", "X_2_1_1_1_1_1_40_1_1_7_1_89", "X_2_1_1_1_1_1_4_1_1_8_1_89", "X_2_1_1_1_1_1_41_1_1_9_1_89", "X_2_1_1_1_1_1_5_1_1_10_1_89", "X_2_1_1_1_1_1_42_1_1_11_1_89", "X_2_1_1_1_1_1_6_1_1_12_1_89", "X_2_1_1_1_1_1_43_1_1_13_1_89", "X_2_1_1_1_1_1_7_1_1_14_1_89", "X_2_1_1_1_1_1_44_1_1_15_1_89", "X_2_1_1_1_1_1_8_1_1_16_1_89", "X_2_1_1_1_1_1_45_1_1_17_1_89", "X_2_1_1_1_1_1_9_1_1_18_1_89", "X_2_1_1_1_1_1_46_1_1_19_1_89", "X_2_1_1_1_1_1_10_1_1_20_1_89", "X_2_1_1_1_1_1_47_1_1_21_1_89", "X_2_1_1_1_1_1_11_1_1_22_1_89", "X_2_1_1_1_1_1_48_1_1_23_1_89", "X_2_1_1_1_1_1_12_1_1_24_1_89", "X_2_1_1_1_1_1_49_1_1_25_1_89", "X_2_1_1_1_1_1_13_1_1_26_1_89", "X_2_1_1_1_1_1_50_1_1_27_1_89", "X_2_1_1_1_1_1_14_1_1_28_1_89", "X_2_1_1_1_1_1_51_1_1_29_1_89", "X_2_1_1_1_1_1_15_1_1_30_1_89", "X_2_1_1_1_1_1_52_1_1_31_1_89", "X_2_1_1_1_1_1_16_1_1_32_1_89", "X_2_1_1_1_1_1_53_1_1_33_1_89", "X_2_1_1_1_1_1_17_1_1_34_1_89", "X_2_1_1_1_1_1_54_1_1_35_1_89", "X_2_1_1_1_1_1_18_1_1_36_1_89", "X_2_1_1_1_1_1_55_1_1_37_1_89", "X_2_1_1_1_1_1_19_1_1_38_1_89", "X_2_1_1_1_1_1_56_1_1_39_1_89", "X_2_1_1_1_1_1_20_1_1_40_1_89", "X_2_1_1_1_1_1_57_1_1_41_1_89", "X_2_1_1_1_1_1_21_1_1_42_1_89", "X_2_1_1_1_1_1_58_1_1_43_1_89", "X_2_1_1_1_1_1_22_1_1_44_1_89", "X_2_1_1_1_1_1_59_1_1_45_1_89", "X_2_1_1_1_1_1_23_1_1_46_1_89", "X_2_1_1_1_1_1_60_1_1_47_1_89", "X_2_1_1_1_1_1_24_1_1_48_1_89", "X_2_1_1_1_1_1_61_1_1_49_1_89", "X_2_1_1_1_1_1_25_1_1_50_1_89", "X_2_1_1_1_1_1_62_1_1_51_1_89", "X_2_1_1_1_1_1_26_1_1_52_1_89", "X_2_1_1_1_1_1_63_1_1_53_1_89", "X_2_1_1_1_1_1_27_1_1_54_1_89", "X_2_1_1_1_1_1_64_1_1_55_1_89", "X_2_1_1_1_1_1_28_1_1_56_1_89", "X_2_1_1_1_1_1_65_1_1_57_1_89", "X_2_1_1_1_1_1_29_1_1_58_1_89", "X_2_1_1_1_1_1_66_1_1_59_1_89", "X_2_1_1_1_1_1_30_1_1_60_1_89", "X_2_1_1_1_1_1_67_1_1_61_1_89", "X_2_1_1_1_1_1_31_1_1_62_1_89", "X_2_1_1_1_1_1_68_1_1_63_1_89", "X_2_1_1_1_1_1_32_1_1_64_1_89", "X_2_1_1_1_1_1_69_1_1_65_1_89", "X_2_1_1_1_1_1_33_1_1_66_1_89", "X_2_1_1_1_1_1_70_1_1_67_1_89", "X_2_1_1_1_1_1_34_1_1_68_1_89", "X_2_1_1_1_1_1_71_1_1_69_1_89", "X_2_1_1_1_1_1_35_1_1_70_1_89", "X_2_1_1_1_1_1_72_1_1_71_1_89", "X_2_1_1_1_1_1_36_1_1_72_1_89"], "CsaImage.ProtocolSliceNumber": [0, 1, 2, 3, 4, 5, 6, 7, 8, 9, 10, 11, 12, 13, 14, 15, 16, 17, 18, 19, 20, 21, 22, 23, 24, 25, 26, 27, 28, 29, 30, 31, 32, 33, 34, 35, 36, 37, 38, 39, 40, 41, 42, 43, 44, 45, 46, 47, 48, 49, 50, 51, 52, 53, 54, 55, 56, 57, 58, 59, 60, 61, 62, 63, 64, 65, 66, 67, 68, 69, 70, 71], "CsaImage.RFSWDDataType": ["measured", "predicted", "measured", "predicted", "measured", "predicted", "measured", "predicted", "measured", "predicted", "measured", "predicted", "measured", "predicted", "measured", "predicted", "measured", "predicted", "measured", "predicted", "measured", "predicted", "measured", "predicted", "measured", "predicted", "measured", "predicted", "measured", "predicted", "measured", "predicted", "measured", "predicted", "measured", "predicted", "measured", "predicted", "measured", "predicted", "measured", "predicted", "measured", "predicted", "measured", "predicted", "measured", "predicted", "measured", "predicted", "measured", "predicted", "measured", "predicted", "measured", "predicted", "measured", "predicted", "measured", "predicted", "measured", "predicted", "measured", "predicted", "measured", "measured", "measured", "measured", "measured", "measured", "measured", "measured"], "CsaImage.SlicePosition_PCS": [[-98.49115657, -113.17175633, -65.55859871], [-98.53304135, -113.02531201, -63.56440468], [-98.57492625, -112.87886864, -61.57021065], [-98.61681103, -112.73242432, -59.57602425], [-98.65869593, -112.58598, -57.58183022], [-98.70058071, -112.43953568, -55.58764], [-98.74246561, -112.29309136, -53.59344597], [-98.78435039, -112.14664704, -51.59925576], [-98.82623529, -112.00020272, -49.60506554], [-98.86812007, -111.8537584, -47.61087151], [-98.91000497, -111.70731408, -45.61668129], [-98.95188975, -111.56086976, -43.62249108], [-98.99377459, -111.41442543, -41.62829705], [-99.03565942, -111.26798111, -39.63410683], [-99.07754426, -111.12153679, -37.63991661], [-99.1194291, -110.97509247, -35.64572258], [-99.16131394, -110.82864815, -33.65153237], [-99.20319878, -110.68220383, -31.65734215], [-99.24508362, -110.53575951, -29.66314812], [-99.28696846, -110.38931519, -27.6689579], [-99.3288533, -110.24287182, -25.67476578], [-99.37073814, -110.0964275, -23.68057557], [-99.41262298, -109.94998318, -21.68638344], [-99.45450782, -109.80353886, -19.69219132], [-99.49639269, -109.65709454, -17.6980011], [-99.53827753, -109.51065022, -15.70380898], [-99.58016237, -109.3642059, -13.70961686], [-99.62204721, -109.21776158, -11.71542664], [-99.66393205, -109.07131726, -9.72123452], [-99.70581689, -108.92487294, -7.72704335], [-99.74770173, -108.77842862, -5.73285122], [-99.78958657, -108.6319843, -3.73866005], [-99.83147141, -108.48553997, -1.74446841], [-99.87335625, -108.33909565, 0.24972276], [-99.91524108, -108.19265133, 2.24391441], [-99.95712592, -108.04620701, 4.23810588], [-99.99901076, -107.89976269, 6.2322974], [-100.0408956, -107.75331885, 8.22648887], [-100.08278044, -107.60687453, 10.22068052], [-100.12466528, -107.46043021, 12.21487169], [-100.16655012, -107.31398589, 14.20906334], [-100.20843496, -107.16754157, 16.20325451], [-100.2503198, -107.02109724, 18.19744663], [-100.29220464, -106.87465292, 20.1916378], [-100.33408948, -106.72820908, 22.18582992], [-100.37597432, -106.58176476, 24.18002014], [-100.41785916, -106.43532044, 26.17421226], [-100.459744, -106.28887612, 28.16840438], [-100.50162887, -106.1424318, 30.1625946], [-100.54351371, -105.99598748, 32.15678672], [-100.58539855, -105.84954316, 34.15097885], [-100.62728339, -105.70309884, 36.14516906], [-100.66916823, -105.55665451, 38.13936119], [-100.71105307, -105.41021067, 40.1335514], [-100.75293791, -105.26376635, 42.12774543], [-100.79482274, -105.11732203, 44.12193565], [-100.83670758, -104.97087771, 46.11612587], [-100.87859242, -104.82443339, 48.1103199], [-100.92047726, -104.67798907, 50.10451011], [-100.9623621, -104.53154475, 52.09870033], [-101.00424694, -104.38510043, 54.09289436], [-101.04613172, -104.23865611, 56.08708458], [-101.08801662, -104.09221226, 58.08127479], [-101.1299014, -103.94576794, 60.07546882], [-101.1717863, -103.79932338, 62.06965904], [-101.21367108, -103.6528793, 64.06384925], [-101.25555598, -103.50643498, 66.05804329], [-101.29744076, -103.35999066, 68.0522335], [-101.33932566, -103.21354634, 70.04642753], [-101.38121044, -103.06710226, 72.04061393], [-101.42309534, -102.92065793, 74.03480796], [-101.46498012, -102.77421361, 76.029002]], "CsaImage.TimeAfterStart": [1.0825, 0.7225, 1.0925, 0.7325, 1.1025, 0.7425, 1.1125, 0.7525, 1.1225, 0.7625, 1.1325, 0.7725, 1.1425, 0.7825, 1.1525, 0.7925, 1.1625, 0.8025, 1.1725, 0.8125, 1.1825, 0.8225, 1.1925, 0.8325, 1.2025, 0.8425, 1.2125, 0.8525, 1.2225, 0.8625, 1.2325, 0.8725, 1.2425, 0.8825, 1.2525, 0.8925, 1.2625, 0.9025, 1.2725, 0.9125, 1.2825, 0.9225, 1.2925, 0.9325, 1.3025, 0.9425, 1.3125, 0.9525, 1.3225, 0.9625, 1.3325, 0.9725, 1.3425, 0.9825, 1.3525, 0.9925, 1.3625, 1.0025, 1.3725, 1.0125, 1.3825, 1.0225, 1.3925, 1.0325, 1.4025, 1.0425, 1.4125, 1.0525, 1.4225, 1.0625, 1.4325, 1.0725], "ImagePositionPatient": [[-98.491156570331, -113.17175632915, -65.558598712943], [-98.533041350261, -113.02531200847, -63.564404682182], [-98.5749262494, -112.87886864146, -61.57021065142], [-98.616811029331, -112.73242432078, -59.576024250053], [-98.65869592847, -112.58598000011, -57.581830219291], [-98.7005807084, -112.43953567943, -55.587640003227], [-98.742465607539, -112.29309135875, -53.593445972465], [-98.78435038747, -112.14664703807, -51.5992557564], [-98.826235286609, -112.00020271739, -49.605065540336], [-98.868120066539, -111.85375839671, -47.610871509574], [-98.910004965678, -111.70731407603, -45.61668129351], [-98.951889745609, -111.56086975535, -43.622491077445], [-98.993774585143, -111.41442543468, -41.628297046684], [-99.035659424678, -111.267981114, -39.634106830619], [-99.077544264213, -111.12153679332, -37.639916614555], [-99.119429103748, -110.97509247264, -35.645722583793], [-99.161313943282, -110.82864815196, -33.651532367729], [-99.203198782817, -110.68220383128, -31.657342151664], [-99.245083622352, -110.5357595106, -29.663148120902], [-99.286968461887, -110.38931518993, -27.668957904838], [-99.328853301421, -110.24287182292, -25.674765781425], [-99.370738140956, -110.09642750224, -23.68057556536], [-99.412622980491, -109.94998318156, -21.686383441947], [-99.454507820026, -109.80353886088, -19.692191318534], [-99.496392689363, -109.65709454021, -17.69800110247], [-99.538277528898, -109.51065021953, -15.703808979057], [-99.580162368432, -109.36420589885, -13.709616855644], [-99.622047207967, -109.21776157817, -11.715426639579], [-99.663932047502, -109.07131725749, -9.7212345161661], [-99.705816887037, -108.92487293681, -7.7270433464273], [-99.747701726571, -108.77842861613, -5.7328512230142], [-99.789586566106, -108.63198429545, -3.7386600532754], [-99.831471405641, -108.48553997478, -1.7444684066995], [-99.873356245176, -108.3390956541, 0.24972276303926], [-99.91524108471, -108.19265133342, 2.2439144096152], [-99.957125924245, -108.04620701274, 4.2381058773772], [-99.99901076378, -107.89976269206, 6.2322974047438], [-100.04089560331, -107.75331884822, 8.2264888725058], [-100.08278044285, -107.60687452754, 10.220680519082], [-100.12466528238, -107.46043020686, 12.214871688821], [-100.16655012192, -107.31398588618, 14.209063335396], [-100.20843496145, -107.1675415655, 16.203254505135], [-100.25031980099, -107.02109724483, 18.197446628548], [-100.29220464052, -106.87465292415, 20.191637798287], [-100.33408948006, -106.72820908031, 22.1858299217], [-100.37597431959, -106.58176475963, 24.180020137765], [-100.41785915913, -106.43532043895, 26.174212261178], [-100.45974399866, -106.28887611827, 28.168404384591], [-100.501628868, -106.14243179759, 30.162594600655], [-100.54351370753, -105.99598747691, 32.156786724068], [-100.58539854707, -105.84954315623, 34.150978847481], [-100.6272833866, -105.70309883555, 36.145169063546], [-100.66916822614, -105.55665451488, 38.139361186959], [-100.71105306567, -105.41021067103, 40.133551403023], [-100.75293790521, -105.26376635036, 42.127745433785], [-100.79482274474, -105.11732202968, 44.12193564985], [-100.83670758428, -104.970877709, 46.116125865914], [-100.87859242381, -104.82443338832, 48.110319896676], [-100.92047726335, -104.67798906764, 50.10451011274], [-100.96236210288, -104.53154474696, 52.098700328805], [-101.00424694242, -104.38510042628, 54.092894359566], [-101.04613172235, -104.2386561056, 56.087084575631], [-101.08801662149, -104.09221226176, 58.081274791695], [-101.12990140142, -103.94576794108, 60.075468822457], [-101.17178630056, -103.79932338199, 62.069659038521], [-101.21367108049, -103.65287929973, 64.063849254586], [-101.25555597963, -103.50643497905, 66.058043285348], [-101.29744075956, -103.35999065837, 68.052233501412], [-101.33932565869, -103.21354633769, 70.046427532174], [-101.38121043862, -103.06710225543, 72.040613933541], [-101.42309533776, -102.92065793475, 74.034807964303], [-101.46498011769, -102.77421361407, 76.029001995064]], "InstanceCreationTime": ["111115.368000", "111115.298000", "111115.370000", "111115.301000", "111115.372000", "111115.303000", "111115.373000", "111115.305000", "111115.375000", "111115.307000", "111115.377000", "111115.308000", "111115.379000", "111115.311000", "111115.381000", "111115.313000", "111115.383000", "111115.314000", "111115.385000", "111115.316000", "111115.387000", "111115.318000", "111115.389000", "111115.320000", "111115.391000", "111115.322000", "111115.393000", "111115.324000", "111115.395000", "111115.326000", "111115.397000", "111115.327000", "111115.399000", "111115.329000", "111115.401000", "111115.331000", "111115.403000", "111115.333000", "111115.405000", "111115.335000", "111115.407000", "111115.337000", "111115.409000", "111115.339000", "111115.411000", "111115.341000", "111115.413000", "111115.343000", "111115.415000", "111115.345000", "111115.417000", "111115.347000", "111115.419000", "111115.349000", "111115.420000", "111115.351000", "111115.422000", "111115.353000", "111115.424000", "111115.355000", "111115.426000", "111115.357000", "111115.428000", "111115.358000", "111115.430000", "111115.360000", "111115.432000", "111115.362000", "111115.434000", "111115.364000", "111115.435000", "111115.366000"], "InstanceNumber": [1, 2, 3, 4, 5, 6, 7, 8, 9, 10, 11, 12, 13, 14, 15, 16, 17, 18, 19, 20, 21, 22, 23, 24, 25, 26, 27, 28, 29, 30, 31, 32, 33, 34, 35, 36, 37, 38, 39, 40, 41, 42, 43, 44, 45, 46, 47, 48, 49, 50, 51, 52, 53, 54, 55, 56, 57, 58, 59, 60, 61, 62, 63, 64, 65, 66, 67, 68, 69, 70, 71, 72], "LargestImagePixelValue": [4092, 4095, 4094, 4094, 4094, 4093, 4095, 4093, 4094, 4095, 4092, 4093, 4095, 4094, 4095, 4093, 4093, 4092, 4090, 4092, 4094, 4095, 4093, 4095, 4094, 4093, 4095, 4083, 4088, 4093, 4092, 4087, 4094, 4083, 4085, 4065, 4093, 4084, 4095, 4059, 4089, 4093, 4093, 4093, 4093, 4094, 4083, 4092, 4092, 4092, 4093, 4090, 4082, 4092, 4093, 4094, 4090, 4094, 4095, 4095, 4093, 4092, 4093, 4094, 4095, 4095, 4094, 4095, 4095, 4094, 4094, 4095], "SliceLocation": [-71.592234334788, -69.592231808246, -67.592229349038, -65.592234429732, -63.592231900694, -61.59223317777, -59.592230648732, -57.592231925808, -55.592233200388, -53.592230673846, -51.592231948426, -49.592233225502, -47.592230697712, -45.59223197354, -43.592233249368, -41.592230721578, -39.592231997406, -37.592233273234, -35.592230745444, -33.592232021272, -31.592231465121, -29.592232740949, -27.592232114968, -25.592231488987, -23.592232764191, -21.59223213821, -19.592231512229, -17.592232788057, -15.592232162076, -13.592232486999, -11.592231861018, -9.5922321859419, -7.5922320354132, -5.5922323603367, -3.5922322098079, -1.5922322375738, 0.40776779409192, 2.407767731411, 4.4077678819398, 6.4077675570163, 8.407767707545, 10.407767382622, 12.407768008603, 14.407767683679, 16.407768274745, 18.407766998917, 20.407767624898, 22.407768250879, 24.407766975675, 26.407767601656, 28.407768227637, 30.407766951809, 32.40776757779, 34.407766267047, 36.407768794837, 38.407767519009, 40.407766243181, 42.407768770971, 44.407767495143, 46.407766219315, 48.407768747105, 50.407767470029, 52.407766160534, 54.407768687076, 56.407767429954, 58.40776613542, 60.407768664458, 62.407767387382, 64.40776991642, 66.407764818268, 68.407767347307, 70.407769873849], "SmallestImagePixelValue": [0, 2, 0, 1, 0, 0, 3, 3, 0, 0, 0, 1, 1, 1, 5, 2, 5, 5, 0, 1, 0, 0, 2, 0, 1, 2, 0, 38, 0, 3, 2, 11, 0, 6, 6, 2, 0, 7, 8, 21, 2, 2, 4, 31, 0, 4, 0, 1, 3, 0, 6, 1, 1, 3, 0, 0, 3, 0, 0, 10, 3, 1, 1, 0, 0, 1, 0, 0, 1, 0, 0, 1], "WindowCenter": [-334.0, -310.0, -288.0, -260.0, -296.0, -282.0, -294.0, -256.0, -278.0, -282.0, -210.0, -206.0, -272.0, -286.0, -280.0, -286.0, -268.0, -218.0, -226.0, -252.0, -262.0, -260.0, -250.0, -234.0, -264.0, -230.0, -184.0, -186.0, -276.0, -262.0, -248.0, -246.0, -252.0, -112.0, -254.0, -240.0, -82.0, -48.0, -42.0, -32.0, -48.0, -46.0, -22.0, -32.0, 16.0, 24.0, 32.0, 22.0, 18.0, 6.0, -10.0, -2.0, -12.0, -18.0, 2.0, -20.0, -2.0, -62.0, -16.0, -14.0, -32.0, -48.0, -46.0, -88.0, -76.0, -98.0, -100.0, -132.0, -148.0, -184.0, -192.0, -320.0], "WindowWidth": [6154.0, 6188.0, 6214.0, 6238.0, 6164.0, 6178.0, 6174.0, 6160.0, 6182.0, 6220.0, 6284.0, 6258.0, 6148.0, 6084.0, 6022.0, 5874.0, 5838.0, 5902.0, 5900.0, 5858.0, 5788.0, 5754.0, 5680.0, 5516.0, 5062.0, 5234.0, 5288.0, 5118.0, 4602.0, 4598.0, 4592.0, 4590.0, 4594.0, 5236.0, 4596.0, 4586.0, 5178.0, 5278.0, 5248.0, 5278.0, 5102.0, 5140.0, 5248.0, 5170.0, 5328.0, 5354.0, 5344.0, 5300.0, 5344.0, 5336.0, 5296.0, 5400.0, 5364.0, 5408.0, 5526.0, 5456.0, 5478.0, 5306.0, 5542.0, 5590.0, 5662.0, 5650.0, 5724.0, 5736.0, 5864.0, 5916.0, 6008.0, 6110.0, 6148.0, 6192.0, 6286.0, 6322.0]}}, "IntendedFor": ["ses-action01/func/sub-13_ses-action01_task-action_run-05_bold.nii.gz", "ses-action01/func/sub-13_ses-action01_task-action_run-08_bold.nii.gz", "ses-action01/func/sub-13_ses-action01_task-action_run-07_bold.nii.gz", "ses-action01/func/sub-13_ses-action01_task-action_run-01_bold.nii.gz", "ses-action01/func/sub-13_ses-action01_task-action_run-11_bold.nii.gz", "ses-action01/func/sub-13_ses-action01_task-action_run-03_bold.nii.gz", "ses-action01/func/sub-13_ses-action01_task-action_run-10_bold.nii.gz", "ses-action01/func/sub-13_ses-action01_task-action_run-02_bold.nii.gz", "ses-action01/func/sub-13_ses-action01_task-action_run-12_bold.nii.gz", "ses-action01/func/sub-13_ses-action01_task-action_run-04_bold.nii.gz", "ses-action01/func/sub-13_ses-action01_task-action_run-06_bold.nii.gz", "ses-action01/func/sub-13_ses-action01_task-action_run-09_bold.nii.gz"]}