{"AcquisitionMatrixPE": 100, "AcquisitionNumber": 1, "AcquisitionTime": "16:33:55.715000", "BaseResolution": 100, "BodyPartExamined": "BRAIN", "CoilCombinationMethod": "Sum of Squares", "ConsistencyInfo": "N4_VE11C_LATEST_20160120", "ConversionSoftware": "dcm2niix", "ConversionSoftwareVersion": "v1.0.20211006", "DeviceSerialNumber": "166078", "DwellTime": 8.8e-06, "EchoNumber": 2, "EchoTime": 0.00738, "EchoTime1": 0.00492, "EchoTime2": 0.00738, "FlipAngle": 60, "ImageOrientationPatientDICOM": [0.999997, -0.00048284, -0.0021962, -1.0683e-11, 0.976675, -0.214724], "ImageOrientationText": "Tra>Cor(-12.4)>Sag(-0.1)", "ImageType": ["ORIGINAL", "PRIMARY", "P", "ND", "PHASE"], "ImagingFrequency": 123.258, "InPlanePhaseEncodingDirectionDICOM": "ROW", "InstitutionAddress": "Street StreetNo,Bei Jing,District,CN,ZIP", "InstitutionName": "BeiJing Normal University", "InstitutionalDepartmentName": "Department", "MRAcquisitionType": "2D", "MagneticFieldStrength": 3, "Manufacturer": "Siemens", "ManufacturersModelName": "Prisma", "MatrixCoilMode": "SENSE", "Modality": "MR", "MultibandAccelerationFactor": 2, "PartialFourier": 1, "PatientPosition": "HFS", "PercentPhaseFOV": 100, "PercentSampling": 100, "PhaseEncodingDirection": "i", "PhaseEncodingSteps": 100, "PhaseResolution": 1, "PixelBandwidth": 570, "ProcedureStepDescription": "BNU_P2018_64CH^Zhen.ZongLei", "ProtocolName": "field_mapping_2x2x2", "PulseSequenceDetails": "%SiemensSeq%\\gre_field_mapping", "ReceiveCoilActiveElements": "HC1-7;NC1", "ReceiveCoilName": "HeadNeck_64", "ReconMatrixPE": 100, "RepetitionTime": 0.72, "SAR": 0.14028, "ScanningSequence": "GR", "SequenceName": "*fm2d2r", "SequenceVariant": "SP", "SeriesDescription": "field_mapping_2x2x2", "SeriesNumber": 10, "ShimSetting": [-5469, -11538, -1312, 329, -3, -519, -139, 90], "SliceThickness": 2, "SliceTiming": [0.35938, 0, 0.35938, 0, 0.375, 0.01562, 0.39062, 0.03125, 0.39062, 0.03125, 0.40625, 0.04688, 0.42188, 0.0625, 0.42188, 0.0625, 0.4375, 0.07812, 0.45312, 0.07812, 0.45312, 0.09375, 0.46875, 0.10938, 0.46875, 0.10938, 0.48438, 0.125, 0.5, 0.14062, 0.5, 0.14062, 0.51562, 0.15625, 0.53125, 0.17188, 0.53125, 0.17188, 0.54688, 0.1875, 0.5625, 0.20312, 0.5625, 0.20312, 0.57812, 0.21875, 0.57812, 0.21875, 0.59375, 0.23438, 0.60938, 0.25, 0.60938, 0.25, 0.625, 0.26562, 0.64062, 0.28125, 0.64062, 0.28125, 0.65625, 0.29688, 0.67188, 0.3125, 0.67188, 0.3125, 0.6875, 0.32812, 0.70312, 0.32812, 0.70312, 0.34375], "SoftwareVersions": "syngo MR E11", "SpacingBetweenSlices": 2, "StationName": "AWP166078", "TxRefAmp": 227.228, "dcmmeta_affine": [[-1.9999949932098389, -2.13659992476245e-11, -0.004497528076171875, 104.92464447021484], [0.0009656795300543308, 1.9533494710922241, -0.4294462203979492, -76.1159439086914], [-0.004392403177917004, 0.4294482171535492, 1.953338623046875, -87.68096160888672], [0.0, 0.0, 0.0, 1.0]], "dcmmeta_reorient_transform": [[0.0, -1.0, 0.0, 99.0], [1.0, 0.0, 0.0, 0.0], [0.0, 0.0, -1.0, 71.0], [0.0, 0.0, 0.0, 1.0]], "dcmmeta_shape": [100, 100, 72], "dcmmeta_slice_dim": 2, "dcmmeta_version": 0.6, "global": {"const": {"AcquisitionMatrix": [0, 100, 100, 0], "AcquisitionNumber": 1, "AngioFlag": "N", "BitsAllocated": 16, "BitsStored": 12, "BodyPartExamined": "BRAIN", "Columns": 100, "EchoNumbers": 2, "EchoTime": 7.38, "EchoTrainLength": 0, "FlipAngle": 60.0, "HighBit": 11, "ImageOrientationPatient": [0.99999747177908, -0.0004828397562, -0.0021962015432, -1.0683e-11, 0.97667474599949, -0.214724103274], "ImageType": ["ORIGINAL", "PRIMARY", "P", "ND"], "ImagedNucleus": "1H", "ImagingFrequency": 123.257711, "InPlanePhaseEncodingDirection": "ROW", "MRAcquisitionType": "2D", "MagneticFieldStrength": 3.0, "Manufacturer": "SIEMENS", "ManufacturerModelName": "Prisma", "Modality": "MR", "NumberOfAverages": 1.0, "NumberOfPhaseEncodingSteps": 100, "PercentPhaseFieldOfView": 100.0, "PercentSampling": 100.0, "PerformedProcedureStepStartTime": "155536.703000", "PhotometricInterpretation": "MONOCHROME2", "PixelBandwidth": 570.0, "PixelRepresentation": 0, "PixelSpacing": [2.0, 2.0], "ProtocolName": "field_mapping_2x2x2", "RepetitionTime": 720.0, "RescaleIntercept": -4096.0, "RescaleSlope": 2.0, "RescaleType": "US", "Rows": 100, "SAR": 0.14028020475823, "SamplesPerPixel": 1, "ScanningSequence": "GR", "SequenceName": "*fm2d2r", "SequenceVariant": "SP", "SeriesDescription": "field_mapping_2x2x2", "SeriesNumber": 10, "SeriesTime": "163620.301000", "SliceThickness": 2.0, "SoftwareVersions": "syngo MR E11", "SpacingBetweenSlices": 2.0, "SpecificCharacterSet": "ISO_IR 100", "StudyID": "1", "StudyTime": "155536.619000", "TransmitCoilName": "Body", "VariableFlipAngleFlag": "N", "WindowCenterWidthExplanation": "Algo1", "dBdt": 0.0}, "slices": {"AcquisitionTime": ["163355.715000", "163355.355000", "163355.725000", "163355.365000", "163355.735000", "163355.375000", "163355.745000", "163355.385000", "163355.755000", "163355.395000", "163355.765000", "163355.405000", "163355.775000", "163355.415000", "163355.785000", "163355.425000", "163355.795000", "163355.435000", "163355.805000", "163355.445000", "163355.815000", "163355.455000", "163355.825000", "163355.465000", "163355.835000", "163355.475000", "163355.845000", "163355.485000", "163355.855000", "163355.495000", "163355.865000", "163355.505000", "163355.875000", "163355.515000", "163355.885000", "163355.525000", "163355.895000", "163355.535000", "163355.905000", "163355.545000", "163355.915000", "163355.555000", "163355.925000", "163355.565000", "163355.935000", "163355.575000", "163355.945000", "163355.585000", "163355.955000", "163355.595000", "163355.965000", "163355.605000", "163355.975000", "163355.615000", "163355.985000", "163355.625000", "163355.995000", "163355.635000", "163356.005000", "163355.645000", "163356.015000", "163355.655000", "163356.025000", "163355.665000", "163356.035000", "163355.675000", "163356.045000", "163355.685000", "163356.055000", "163355.695000", "163356.065000", "163355.705000"], "ContentTime": ["163620.376000", "163620.303000", "163620.379000", "163620.307000", "163620.382000", "163620.310000", "163620.384000", "163620.312000", "163620.386000", "163620.314000", "163620.388000", "163620.316000", "163620.391000", "163620.318000", "163620.393000", "163620.320000", "163620.395000", "163620.322000", "163620.397000", "163620.324000", "163620.399000", "163620.326000", "163620.401000", "163620.328000", "163620.403000", "163620.330000", "163620.406000", "163620.332000", "163620.408000", "163620.334000", "163620.410000", "163620.336000", "163620.419000", "163620.338000", "163620.422000", "163620.340000", "163620.426000", "163620.342000", "163620.428000", "163620.343000", "163620.432000", "163620.345000", "163620.434000", "163620.347000", "163620.437000", "163620.349000", "163620.439000", "163620.351000", "163620.441000", "163620.353000", "163620.443000", "163620.355000", "163620.445000", "163620.357000", "163620.447000", "163620.359000", "163620.449000", "163620.361000", "163620.451000", "163620.363000", "163620.453000", "163620.365000", "163620.455000", "163620.366000", "163620.457000", "163620.368000", "163620.459000", "163620.370000", "163620.461000", "163620.372000", "163620.463000", "163620.374000"], "CsaImage.GSWDDataType": ["measured", "predicted", "measured", "predicted", "measured", "predicted", "measured", "predicted", "measured", "predicted", "measured", "predicted", "measured", "predicted", "measured", "predicted", "measured", "predicted", "measured", "predicted", "measured", "predicted", "measured", "predicted", "measured", "predicted", "measured", "predicted", "measured", "predicted", "measured", "predicted", "measured", "predicted", "measured", "predicted", "measured", "predicted", "measured", "predicted", "measured", "predicted", "measured", "predicted", "measured", "predicted", "measured", "predicted", "measured", "predicted", "measured", "predicted", "measured", "predicted", "measured", "predicted", "measured", "predicted", "measured", "predicted", "measured", "predicted", "measured", "predicted", "measured", "predicted", "measured", "predicted", "measured", "predicted", "measured", "measured"], "CsaImage.ICE_Dims": ["X_2_1_1_1_1_1_37_1_1_1_1_218", "X_2_1_1_1_1_1_1_1_1_2_1_218", "X_2_1_1_1_1_1_38_1_1_3_1_218", "X_2_1_1_1_1_1_2_1_1_4_1_218", "X_2_1_1_1_1_1_39_1_1_5_1_218", "X_2_1_1_1_1_1_3_1_1_6_1_218", "X_2_1_1_1_1_1_40_1_1_7_1_218", "X_2_1_1_1_1_1_4_1_1_8_1_218", "X_2_1_1_1_1_1_41_1_1_9_1_218", "X_2_1_1_1_1_1_5_1_1_10_1_218", "X_2_1_1_1_1_1_42_1_1_11_1_218", "X_2_1_1_1_1_1_6_1_1_12_1_218", "X_2_1_1_1_1_1_43_1_1_13_1_218", "X_2_1_1_1_1_1_7_1_1_14_1_218", "X_2_1_1_1_1_1_44_1_1_15_1_218", "X_2_1_1_1_1_1_8_1_1_16_1_218", "X_2_1_1_1_1_1_45_1_1_17_1_218", "X_2_1_1_1_1_1_9_1_1_18_1_218", "X_2_1_1_1_1_1_46_1_1_19_1_218", "X_2_1_1_1_1_1_10_1_1_20_1_218", "X_2_1_1_1_1_1_47_1_1_21_1_218", "X_2_1_1_1_1_1_11_1_1_22_1_218", "X_2_1_1_1_1_1_48_1_1_23_1_218", "X_2_1_1_1_1_1_12_1_1_24_1_218", "X_2_1_1_1_1_1_49_1_1_25_1_218", "X_2_1_1_1_1_1_13_1_1_26_1_218", "X_2_1_1_1_1_1_50_1_1_27_1_218", "X_2_1_1_1_1_1_14_1_1_28_1_218", "X_2_1_1_1_1_1_51_1_1_29_1_218", "X_2_1_1_1_1_1_15_1_1_30_1_218", "X_2_1_1_1_1_1_52_1_1_31_1_218", "X_2_1_1_1_1_1_16_1_1_32_1_218", "X_2_1_1_1_1_1_53_1_1_33_1_218", "X_2_1_1_1_1_1_17_1_1_34_1_218", "X_2_1_1_1_1_1_54_1_1_35_1_218", "X_2_1_1_1_1_1_18_1_1_36_1_218", "X_2_1_1_1_1_1_55_1_1_37_1_218", "X_2_1_1_1_1_1_19_1_1_38_1_218", "X_2_1_1_1_1_1_56_1_1_39_1_218", "X_2_1_1_1_1_1_20_1_1_40_1_218", "X_2_1_1_1_1_1_57_1_1_41_1_218", "X_2_1_1_1_1_1_21_1_1_42_1_218", "X_2_1_1_1_1_1_58_1_1_43_1_218", "X_2_1_1_1_1_1_22_1_1_44_1_218", "X_2_1_1_1_1_1_59_1_1_45_1_218", "X_2_1_1_1_1_1_23_1_1_46_1_218", "X_2_1_1_1_1_1_60_1_1_47_1_218", "X_2_1_1_1_1_1_24_1_1_48_1_218", "X_2_1_1_1_1_1_61_1_1_49_1_218", "X_2_1_1_1_1_1_25_1_1_50_1_218", "X_2_1_1_1_1_1_62_1_1_51_1_218", "X_2_1_1_1_1_1_26_1_1_52_1_218", "X_2_1_1_1_1_1_63_1_1_53_1_218", "X_2_1_1_1_1_1_27_1_1_54_1_218", "X_2_1_1_1_1_1_64_1_1_55_1_218", "X_2_1_1_1_1_1_28_1_1_56_1_218", "X_2_1_1_1_1_1_65_1_1_57_1_218", "X_2_1_1_1_1_1_29_1_1_58_1_218", "X_2_1_1_1_1_1_66_1_1_59_1_218", "X_2_1_1_1_1_1_30_1_1_60_1_218", "X_2_1_1_1_1_1_67_1_1_61_1_218", "X_2_1_1_1_1_1_31_1_1_62_1_218", "X_2_1_1_1_1_1_68_1_1_63_1_218", "X_2_1_1_1_1_1_32_1_1_64_1_218", "X_2_1_1_1_1_1_69_1_1_65_1_218", "X_2_1_1_1_1_1_33_1_1_66_1_218", "X_2_1_1_1_1_1_70_1_1_67_1_218", "X_2_1_1_1_1_1_34_1_1_68_1_218", "X_2_1_1_1_1_1_71_1_1_69_1_218", "X_2_1_1_1_1_1_35_1_1_70_1_218", "X_2_1_1_1_1_1_72_1_1_71_1_218", "X_2_1_1_1_1_1_36_1_1_72_1_218"], "CsaImage.ProtocolSliceNumber": [0, 1, 2, 3, 4, 5, 6, 7, 8, 9, 10, 11, 12, 13, 14, 15, 16, 17, 18, 19, 20, 21, 22, 23, 24, 25, 26, 27, 28, 29, 30, 31, 32, 33, 34, 35, 36, 37, 38, 39, 40, 41, 42, 43, 44, 45, 46, 47, 48, 49, 50, 51, 52, 53, 54, 55, 56, 57, 58, 59, 60, 61, 62, 63, 64, 65, 66, 67, 68, 69, 70, 71], "CsaImage.RFSWDDataType": ["measured", "predicted", "measured", "predicted", "measured", "predicted", "measured", "predicted", "measured", "predicted", "measured", "predicted", "measured", "predicted", "measured", "predicted", "measured", "predicted", "measured", "predicted", "measured", "predicted", "measured", "predicted", "measured", "predicted", "measured", "predicted", "measured", "predicted", "measured", "predicted", "measured", "predicted", "measured", "predicted", "measured", "predicted", "measured", "predicted", "measured", "predicted", "measured", "predicted", "measured", "predicted", "measured", "predicted", "measured", "predicted", "measured", "predicted", "measured", "predicted", "measured", "predicted", "measured", "predicted", "measured", "predicted", "measured", "predicted", "measured", "predicted", "measured", "predicted", "measured", "measured", "measured", "measured", "measured", "measured"], "CsaImage.SlicePosition_PCS": [[-104.92463007, -117.26571696, -45.16600937], [-104.92013254, -116.83626979, -43.21266312], [-104.91563549, -116.40682261, -41.25932068], [-104.91113796, -115.97737544, -39.30597443], [-104.90664091, -115.54792826, -37.35263199], [-104.90214338, -115.11848109, -35.39928574], [-104.89764585, -114.68903392, -33.44593949], [-104.8931488, -114.25958674, -31.49259705], [-104.88865127, -113.83013957, -29.5392508], [-104.88415422, -113.40069239, -27.58590836], [-104.87965669, -112.97124522, -25.63256211], [-104.87515964, -112.54179805, -23.67921967], [-104.87066211, -112.11235087, -21.72587342], [-104.86616506, -111.6829037, -19.77253098], [-104.86166753, -111.25345652, -17.81918473], [-104.85717048, -110.8240103, -15.86584229], [-104.85267295, -110.39456313, -13.91249604], [-104.8481759, -109.96511596, -11.95914979], [-104.84367837, -109.53566878, -10.00580735], [-104.83918132, -109.10622161, -8.052463], [-104.8346838, -108.67677443, -6.09911675], [-104.83018674, -108.24732726, -4.14577241], [-104.82568922, -107.81788009, -2.19242806], [-104.82119169, -107.38843291, -0.23908372], [-104.81669464, -106.95898574, 1.71426063], [-104.81219711, -106.52953856, 3.66760498], [-104.80770006, -106.10009139, 5.62094932], [-104.80320253, -105.67064421, 7.57429462], [-104.79870548, -105.24119752, 9.52763896], [-104.79420795, -104.81175034, 11.48098331], [-104.7897109, -104.38230317, 13.43432765], [-104.78521337, -103.952856, 15.38767248], [-104.78071632, -103.5234093, 17.3410173], [-104.77621879, -103.09396212, 19.29436164], [-104.77172174, -102.66451495, 21.2477062], [-104.76722421, -102.23506778, 23.20105069], [-104.76272716, -101.8056206, 25.15439539], [-104.75822963, -101.37617367, 27.10773998], [-104.75373258, -100.94672649, 29.06108432], [-104.74923505, -100.51727932, 31.01442867], [-104.74473753, -100.08783214, 32.96777397], [-104.74024047, -99.65838521, 34.92111831], [-104.73574295, -99.22893803, 36.87446266], [-104.7312459, -98.79949086, 38.827807], [-104.72674837, -98.37004381, 40.78115135], [-104.72225132, -97.94059669, 42.73449569], [-104.71775379, -97.51114959, 44.68784004], [-104.71325674, -97.08170246, 46.64118629], [-104.70875921, -96.65225541, 48.59453063], [-104.70426216, -96.22280829, 50.54787498], [-104.69976463, -95.79336112, 52.50121932], [-104.69526758, -95.36391394, 54.45456176], [-104.69077005, -94.93446701, 56.40790801], [-104.686273, -94.50501983, 58.36125427], [-104.68177547, -94.07557266, 60.3145967], [-104.67727842, -93.64612572, 62.26794296], [-104.67278089, -93.21667855, 64.2212854], [-104.66828336, -92.78723138, 66.17463165], [-104.66378631, -92.3577842, 68.12797409], [-104.65928878, -91.92833703, 70.08132034], [-104.65479173, -91.49889033, 72.03466278], [-104.6502942, -91.06944316, 73.98800903], [-104.64579715, -90.63999598, 75.94135528], [-104.64129963, -90.21054881, 77.89469772], [-104.63680257, -89.78110164, 79.84804397], [-104.63230505, -89.35165446, 81.80138641], [-104.62780799, -88.92220729, 83.75473266], [-104.62331047, -88.49276011, 85.7080751], [-104.61881342, -88.06331294, 87.66142135], [-104.61431589, -87.63386576, 89.6147676], [-104.60981884, -87.20441859, 91.56811386], [-104.60532131, -86.77497237, 93.52145248]], "CsaImage.TimeAfterStart": [1.0825, 0.7225, 1.0925, 0.7325, 1.1025, 0.7425, 1.1125, 0.7525, 1.1225, 0.7625, 1.1325, 0.7725, 1.1425, 0.7825, 1.1525, 0.7925, 1.1625, 0.8025, 1.1725, 0.8125, 1.1825, 0.8225, 1.1925, 0.8325, 1.2025, 0.8425, 1.2125, 0.8525, 1.2225, 0.8625, 1.2325, 0.8725, 1.2425, 0.8825, 1.2525, 0.8925, 1.2625, 0.9025, 1.2725, 0.9125, 1.2825, 0.9225, 1.2925, 0.9325, 1.3025, 0.9425, 1.3125, 0.9525, 1.3225, 0.9625, 1.3325, 0.9725, 1.3425, 0.9825, 1.3525, 0.9925, 1.3625, 1.0025, 1.3725, 1.0125, 1.3825, 1.0225, 1.3925, 1.0325, 1.4025, 1.0425, 1.4125, 1.0525, 1.4225, 1.0625, 1.4325, 1.0725], "ImagePositionPatient": [[-104.92463006563, -117.265716961, -45.16600937424], [-104.92013253756, -116.83626978692, -43.212663121799], [-104.91563548632, -116.40682261285, -41.259320684054], [-104.91113795824, -115.97737543878, -39.305974431613], [-104.906640907, -115.54792826471, -37.352631993869], [-104.90214337893, -115.11848109063, -35.399285741427], [-104.89764585085, -114.68903391656, -33.445939488986], [-104.89314879961, -114.25958674249, -31.492597051242], [-104.88865127154, -113.83013956842, -29.5392507988], [-104.8841542203, -113.40069239435, -27.585908361056], [-104.87965669222, -112.97124522027, -25.632562108615], [-104.87515964098, -112.5417980462, -23.679219670871], [-104.87066211291, -112.11235087213, -21.725873418429], [-104.86616506167, -111.68290369806, -19.772530980685], [-104.86166753359, -111.25345652398, -17.819184728244], [-104.85717048235, -110.82401030359, -15.8658422905], [-104.85267295428, -110.39456312951, -13.912496038058], [-104.84817590304, -109.96511595544, -11.959149785617], [-104.84367837496, -109.53566878137, -10.005807347873], [-104.83918132372, -109.1062216073, -8.05246300278], [-104.83468379564, -108.67677443322, -6.0991167503386], [-104.83018674441, -108.24732725915, -4.1457724052458], [-104.82568921633, -107.81788008508, -2.192428060153], [-104.82119168825, -107.38843291101, -0.2390837150602], [-104.81669463701, -106.95898573694, 1.7142606300325], [-104.81219710894, -106.52953856286, 3.6676049751253], [-104.8077000577, -106.10009138879, 5.6209493202181], [-104.80320252962, -105.67064421472, 7.5742946189852], [-104.79870547838, -105.24119751748, 9.5276389640779], [-104.79420795031, -104.81175034341, 11.480983309171], [-104.78971089907, -104.38230316934, 13.434327654263], [-104.78521337099, -103.95285599527, 15.387672476193], [-104.78071631975, -103.52340929803, 17.341017298123], [-104.77621879168, -103.09396212396, 19.294361643216], [-104.77172174044, -102.66451494989, 21.247706196925], [-104.76722421236, -102.23506777581, 23.20105069103], [-104.76272716112, -101.80562060174, 25.15439539375], [-104.75822963305, -101.37617366609, 27.107739977262], [-104.75373258181, -100.94672649202, 29.061084322354], [-104.74923505373, -100.51727931794, 31.014428667447], [-104.74473752566, -100.08783214387, 32.967773966214], [-104.74024047442, -99.658385208218, 34.921118311307], [-104.73574294634, -99.228938034146, 36.8744626564], [-104.7312458951, -98.799490860074, 38.827807001492], [-104.72674836703, -98.370043805211, 40.781151346585], [-104.72225131579, -97.940596690743, 42.734495691678], [-104.71775378771, -97.511149591177, 44.687840036771], [-104.71325673647, -97.081702461808, 46.641186289212], [-104.70875920839, -96.652255406945, 48.594530634305], [-104.70426215716, -96.222808292477, 50.547874979398], [-104.69976462908, -95.793361118405, 52.501219324491], [-104.69526757784, -95.363913944333, 54.454561762235], [-104.69077004976, -94.934467008679, 56.407908014676], [-104.68627299853, -94.505019834607, 58.361254267117], [-104.68177547045, -94.075572660535, 60.314596704862], [-104.67727841921, -93.646125724881, 62.267942957303], [-104.67278089113, -93.216678550809, 64.221285395047], [-104.66828336306, -92.787231376736, 66.174631647489], [-104.66378631182, -92.357784202664, 68.127974085233], [-104.65928878374, -91.928337028592, 70.081320337674], [-104.6547917325, -91.498890331357, 72.034662775418], [-104.65029420443, -91.069443157284, 73.98800902786], [-104.64579715319, -90.639995983212, 75.941355280301], [-104.64129962511, -90.21054880914, 77.894697718045], [-104.63680257387, -89.781101635068, 79.848043970487], [-104.6323050458, -89.351654460995, 81.801386408231], [-104.62780799456, -88.922207286923, 83.754732660672], [-104.62331046648, -88.492760112851, 85.708075098416], [-104.61881341524, -88.063312938779, 87.661421350858], [-104.61431588717, -87.633865764706, 89.614767603299], [-104.60981883593, -87.204418590634, 91.568113855741], [-104.60532130785, -86.774972370236, 93.521452478787]], "InstanceCreationTime": ["163620.376000", "163620.303000", "163620.379000", "163620.307000", "163620.382000", "163620.310000", "163620.384000", "163620.312000", "163620.386000", "163620.314000", "163620.388000", "163620.316000", "163620.391000", "163620.318000", "163620.393000", "163620.320000", "163620.395000", "163620.322000", "163620.397000", "163620.324000", "163620.399000", "163620.326000", "163620.401000", "163620.328000", "163620.403000", "163620.330000", "163620.406000", "163620.332000", "163620.408000", "163620.334000", "163620.410000", "163620.336000", "163620.419000", "163620.338000", "163620.422000", "163620.340000", "163620.426000", "163620.342000", "163620.428000", "163620.343000", "163620.432000", "163620.345000", "163620.434000", "163620.347000", "163620.437000", "163620.349000", "163620.439000", "163620.351000", "163620.441000", "163620.353000", "163620.443000", "163620.355000", "163620.445000", "163620.357000", "163620.447000", "163620.359000", "163620.449000", "163620.361000", "163620.451000", "163620.363000", "163620.453000", "163620.365000", "163620.455000", "163620.366000", "163620.457000", "163620.368000", "163620.459000", "163620.370000", "163620.461000", "163620.372000", "163620.463000", "163620.374000"], "InstanceNumber": [1, 2, 3, 4, 5, 6, 7, 8, 9, 10, 11, 12, 13, 14, 15, 16, 17, 18, 19, 20, 21, 22, 23, 24, 25, 26, 27, 28, 29, 30, 31, 32, 33, 34, 35, 36, 37, 38, 39, 40, 41, 42, 43, 44, 45, 46, 47, 48, 49, 50, 51, 52, 53, 54, 55, 56, 57, 58, 59, 60, 61, 62, 63, 64, 65, 66, 67, 68, 69, 70, 71, 72], "LargestImagePixelValue": [4094, 4094, 4094, 4093, 4094, 4095, 4095, 4095, 4093, 4092, 4095, 4092, 4093, 4094, 4095, 4095, 4094, 4093, 4094, 4095, 4090, 4092, 4093, 4092, 4092, 4094, 4093, 4094, 4094, 4094, 4091, 4095, 4095, 4093, 4093, 4091, 4090, 4094, 4093, 4094, 4095, 4094, 4095, 4094, 4092, 4092, 4092, 4094, 4095, 4093, 4093, 4093, 4094, 4093, 4095, 4093, 4094, 4093, 4095, 4092, 4092, 4094, 4091, 4095, 4093, 4094, 4094, 4095, 4094, 4094, 4094, 4095], "SliceLocation": [-69.528040437093, -67.528038765843, -65.528040821374, -63.528039150123, -61.528041205654, -59.528039534404, -57.528037863154, -55.528039918685, -53.528038247434, -51.528040302965, -49.528038631715, -47.528040687246, -45.528039015995, -43.528041071526, -41.528039400276, -39.528041660583, -37.528039989333, -35.528038319155, -33.528040373614, -31.52804056629, -29.52803889504, -27.528039087716, -25.52803927932, -23.528039470924, -21.528039663601, -19.528039855205, -17.528040047881, -15.528039308058, -13.528039603123, -11.528039794727, -9.5280399874036, -7.5280397132941, -5.5280395426451, -3.5280397342493, -1.528039723176, 0.47196023075532, 2.4719603873641, 4.4719603774227, 6.4719601847462, 8.4719599931421, 10.471960732965, 12.471960489095, 14.47196029749, 16.471960104814, 18.471959887613, 20.471959682138, 22.471959474536, 24.471961135115, 26.471960917914, 28.471960712439, 30.471960520834, 32.471958465303, 34.47196008536, 36.471961755538, 38.471959701079, 40.471961320063, 42.471959265604, 44.471960936855, 46.471958881324, 48.471960552574, 50.471958394655, 52.471960065905, 54.471961736083, 56.471959681625, 58.471961351803, 60.471959297344, 62.471960967522, 64.471958913064, 66.471960583242, 68.471962254492, 70.47196392467, 72.471957939726], "SmallestImagePixelValue": [1, 0, 0, 1, 0, 0, 1, 0, 0, 0, 0, 0, 0, 0, 0, 0, 0, 0, 0, 1, 0, 1, 1, 1, 0, 0, 3, 3, 2, 1, 1, 0, 2, 2, 4, 0, 2, 1, 0, 1, 0, 0, 1, 0, 0, 2, 3, 0, 0, 1, 0, 0, 0, 0, 1, 3, 0, 0, 0, 0, 2, 1, 0, 0, 2, 0, 0, 1, 0, 0, 0, 0], "WindowCenter": [-192.0, -176.0, -158.0, -118.0, -182.0, -194.0, -188.0, -228.0, -222.0, -270.0, -260.0, -212.0, -148.0, -148.0, -110.0, -118.0, -110.0, -182.0, -232.0, -300.0, -312.0, -304.0, -292.0, -288.0, -228.0, -182.0, -162.0, -136.0, -116.0, -134.0, -220.0, -236.0, -248.0, -218.0, -212.0, -194.0, -182.0, -176.0, -152.0, -130.0, -80.0, -98.0, -36.0, -26.0, 2.0, 14.0, -44.0, -38.0, -182.0, -36.0, -182.0, -208.0, -212.0, -226.0, -234.0, -206.0, -200.0, -208.0, -218.0, -56.0, -102.0, -50.0, -106.0, -98.0, -90.0, -96.0, -174.0, -170.0, -244.0, -202.0, -392.0, -312.0], "WindowWidth": [6082.0, 6144.0, 6172.0, 6192.0, 6214.0, 6232.0, 6294.0, 6230.0, 6278.0, 6256.0, 6370.0, 6370.0, 6476.0, 6446.0, 6528.0, 6532.0, 6564.0, 6466.0, 6426.0, 6338.0, 6240.0, 6150.0, 6048.0, 5902.0, 5860.0, 5798.0, 5802.0, 5756.0, 5840.0, 5840.0, 5828.0, 5798.0, 5760.0, 5698.0, 5712.0, 5664.0, 5562.0, 5480.0, 5392.0, 5370.0, 5506.0, 5394.0, 5478.0, 5338.0, 5216.0, 5250.0, 5024.0, 5136.0, 4622.0, 5270.0, 4618.0, 4620.0, 4636.0, 4648.0, 4660.0, 4660.0, 4680.0, 4686.0, 4714.0, 5416.0, 5188.0, 5424.0, 5470.0, 5452.0, 5680.0, 5732.0, 5730.0, 5780.0, 5810.0, 5822.0, 5366.0, 5748.0]}}, "IntendedFor": ["ses-action01/func/sub-22_ses-action01_task-action_run-04_bold.nii.gz", "ses-action01/func/sub-22_ses-action01_task-action_run-06_bold.nii.gz", "ses-action01/func/sub-22_ses-action01_task-action_run-09_bold.nii.gz", "ses-action01/func/sub-22_ses-action01_task-action_run-10_bold.nii.gz", "ses-action01/func/sub-22_ses-action01_task-action_run-02_bold.nii.gz", "ses-action01/func/sub-22_ses-action01_task-action_run-12_bold.nii.gz", "ses-action01/func/sub-22_ses-action01_task-action_run-01_bold.nii.gz", "ses-action01/func/sub-22_ses-action01_task-action_run-11_bold.nii.gz", "ses-action01/func/sub-22_ses-action01_task-action_run-03_bold.nii.gz", "ses-action01/func/sub-22_ses-action01_task-action_run-05_bold.nii.gz", "ses-action01/func/sub-22_ses-action01_task-action_run-08_bold.nii.gz", "ses-action01/func/sub-22_ses-action01_task-action_run-07_bold.nii.gz"]}