{"AcquisitionMatrixPE": 100, "AcquisitionNumber": 1, "AcquisitionTime": "16:33:54.992500", "BaseResolution": 100, "BodyPartExamined": "BRAIN", "CoilCombinationMethod": "Sum of Squares", "ConsistencyInfo": "N4_VE11C_LATEST_20160120", "ConversionSoftware": "dcm2niix", "ConversionSoftwareVersion": "v1.0.20211006", "DeviceSerialNumber": "166078", "DwellTime": 8.8e-06, "EchoNumber": 1, "EchoTime": 0.00492, "FlipAngle": 60, "ImageOrientationPatientDICOM": [0.999997, -0.00048284, -0.0021962, -1.0683e-11, 0.976675, -0.214724], "ImageOrientationText": "Tra>Cor(-12.4)>Sag(-0.1)", "ImageType": ["ORIGINAL", "PRIMARY", "M", "ND"], "ImagingFrequency": 123.258, "InPlanePhaseEncodingDirectionDICOM": "ROW", "InstitutionAddress": "Street StreetNo,Bei Jing,District,CN,ZIP", "InstitutionName": "BeiJing Normal University", "InstitutionalDepartmentName": "Department", "MRAcquisitionType": "2D", "MagneticFieldStrength": 3, "Manufacturer": "Siemens", "ManufacturersModelName": "Prisma", "MatrixCoilMode": "SENSE", "Modality": "MR", "MultibandAccelerationFactor": 2, "PartialFourier": 1, "PatientPosition": "HFS", "PercentPhaseFOV": 100, "PercentSampling": 100, "PhaseEncodingDirection": "i", "PhaseEncodingSteps": 100, "PhaseResolution": 1, "PixelBandwidth": 570, "ProcedureStepDescription": "BNU_P2018_64CH^Zhen.ZongLei", "ProtocolName": "field_mapping_2x2x2", "PulseSequenceDetails": "%SiemensSeq%\\gre_field_mapping", "ReceiveCoilActiveElements": "HC1-7;NC1", "ReceiveCoilName": "HeadNeck_64", "ReconMatrixPE": 100, "RepetitionTime": 0.72, "SAR": 0.14028, "ScanningSequence": "GR", "SequenceName": "*fm2d2r", "SequenceVariant": "SP", "SeriesDescription": "field_mapping_2x2x2", "SeriesNumber": 9, "ShimSetting": [-5469, -11538, -1312, 329, -3, -519, -139, 90], "SliceThickness": 2, "SliceTiming": [0.375, 0, 0.375, 0.01562, 0.39062, 0.03125, 0.39062, 0.03125, 0.40625, 0.04688, 0.42188, 0.0625, 0.42188, 0.0625, 0.4375, 0.07812, 0.45312, 0.09375, 0.45312, 0.09375, 0.46875, 0.10938, 0.48438, 0.125, 0.48438, 0.125, 0.5, 0.14062, 0.5, 0.14062, 0.51562, 0.15625, 0.53125, 0.17188, 0.53125, 0.17188, 0.54688, 0.1875, 0.5625, 0.20312, 0.5625, 0.20312, 0.57812, 0.21875, 0.59375, 0.23438, 0.59375, 0.23438, 0.60938, 0.25, 0.625, 0.25, 0.625, 0.26562, 0.64062, 0.28125, 0.64062, 0.28125, 0.65625, 0.29688, 0.67188, 0.3125, 0.67188, 0.3125, 0.6875, 0.32812, 0.70312, 0.34375, 0.70312, 0.34375, 0.71875, 0.35938], "SoftwareVersions": "syngo MR E11", "SpacingBetweenSlices": 2, "StationName": "AWP166078", "TxRefAmp": 227.228, "IntendedFor": ["ses-action01/func/sub-22_ses-action01_task-action_run-04_bold.nii.gz", "ses-action01/func/sub-22_ses-action01_task-action_run-06_bold.nii.gz", "ses-action01/func/sub-22_ses-action01_task-action_run-09_bold.nii.gz", "ses-action01/func/sub-22_ses-action01_task-action_run-10_bold.nii.gz", "ses-action01/func/sub-22_ses-action01_task-action_run-02_bold.nii.gz", "ses-action01/func/sub-22_ses-action01_task-action_run-12_bold.nii.gz", "ses-action01/func/sub-22_ses-action01_task-action_run-01_bold.nii.gz", "ses-action01/func/sub-22_ses-action01_task-action_run-11_bold.nii.gz", "ses-action01/func/sub-22_ses-action01_task-action_run-03_bold.nii.gz", "ses-action01/func/sub-22_ses-action01_task-action_run-05_bold.nii.gz", "ses-action01/func/sub-22_ses-action01_task-action_run-08_bold.nii.gz", "ses-action01/func/sub-22_ses-action01_task-action_run-07_bold.nii.gz"]}