{"AcquisitionMatrixPE": 100, "AcquisitionNumber": 1, "AcquisitionTime": "13:39:35.370000", "BaseResolution": 100, "BodyPartExamined": "BRAIN", "CoilCombinationMethod": "Sum of Squares", "ConsistencyInfo": "N4_VE11C_LATEST_20160120", "ConversionSoftware": "dcm2niix", "ConversionSoftwareVersion": "v1.0.20211006", "DeviceSerialNumber": "166078", "DwellTime": 8.8e-06, "EchoNumber": 2, "EchoTime": 0.00738, "EchoTime1": 0.00492, "EchoTime2": 0.00738, "FlipAngle": 60, "ImageOrientationPatientDICOM": [0.999976, 0.000814509, 0.00693358, 6.865e-12, 0.993171, -0.116671], "ImageOrientationText": "Tra>Cor(-6.7)>Sag(0.4)", "ImageType": ["ORIGINAL", "PRIMARY", "P", "ND", "PHASE"], "ImagingFrequency": 123.258, "InPlanePhaseEncodingDirectionDICOM": "ROW", "InstitutionAddress": "Street StreetNo,Bei Jing,District,CN,ZIP", "InstitutionName": "BeiJing Normal University", "InstitutionalDepartmentName": "Department", "MRAcquisitionType": "2D", "MagneticFieldStrength": 3, "Manufacturer": "Siemens", "ManufacturersModelName": "Prisma", "MatrixCoilMode": "SENSE", "Modality": "MR", "MultibandAccelerationFactor": 2, "PartialFourier": 1, "PatientPosition": "HFS", "PercentPhaseFOV": 100, "PercentSampling": 100, "PhaseEncodingDirection": "i", "PhaseEncodingSteps": 100, "PhaseResolution": 1, "PixelBandwidth": 570, "ProcedureStepDescription": "BNU_P2018_64CH^Zhen.ZongLei", "ProtocolName": "field_mapping_2x2x2", "PulseSequenceDetails": "%SiemensSeq%\\gre_field_mapping", "ReceiveCoilActiveElements": "HC1-7;NC1", "ReceiveCoilName": "HeadNeck_64", "ReconMatrixPE": 100, "RepetitionTime": 0.72, "SAR": 0.109958, "ScanningSequence": "GR", "SequenceName": "*fm2d2r", "SequenceVariant": "SP", "SeriesDescription": "field_mapping_2x2x2", "SeriesNumber": 10, "ShimSetting": [-5435, -11515, -1240, 303, -58, -263, -116, -6], "SliceThickness": 2, "SliceTiming": [0.35938, 0, 0.35938, 0, 0.375, 0.01562, 0.39062, 0.03125, 0.39062, 0.03125, 0.40625, 0.04688, 0.42188, 0.04688, 0.42188, 0.0625, 0.4375, 0.07812, 0.4375, 0.07812, 0.45312, 0.09375, 0.46875, 0.10938, 0.46875, 0.10938, 0.48438, 0.125, 0.5, 0.14062, 0.5, 0.14062, 0.51562, 0.15625, 0.53125, 0.17188, 0.53125, 0.17188, 0.54688, 0.1875, 0.54688, 0.1875, 0.5625, 0.20312, 0.57812, 0.21875, 0.57812, 0.21875, 0.59375, 0.23438, 0.60938, 0.25, 0.60938, 0.25, 0.625, 0.26562, 0.64062, 0.28125, 0.64062, 0.28125, 0.65625, 0.29688, 0.67188, 0.29688, 0.67188, 0.3125, 0.6875, 0.32812, 0.6875, 0.32812, 0.70312, 0.34375], "SoftwareVersions": "syngo MR E11", "SpacingBetweenSlices": 2, "StationName": "AWP166078", "TxRefAmp": 212.729, "dcmmeta_affine": [[-1.9999512434005737, 1.3729999776002089e-11, 0.013962507247924805, 100.85782623291016], [-0.0016290175262838602, 1.9863413572311401, -0.2333359718322754, -88.22381591796875], [0.013867165893316269, 0.23334147036075592, 1.986297607421875, -70.30177307128906], [0.0, 0.0, 0.0, 1.0]], "dcmmeta_reorient_transform": [[0.0, -1.0, 0.0, 99.0], [1.0, 0.0, 0.0, 0.0], [0.0, 0.0, -1.0, 71.0], [0.0, 0.0, 0.0, 1.0]], "dcmmeta_shape": [100, 100, 72], "dcmmeta_slice_dim": 2, "dcmmeta_version": 0.6, "global": {"const": {"AcquisitionMatrix": [0, 100, 100, 0], "AcquisitionNumber": 1, "AngioFlag": "N", "BitsAllocated": 16, "BitsStored": 12, "BodyPartExamined": "BRAIN", "Columns": 100, "EchoNumbers": 2, "EchoTime": 7.38, "EchoTrainLength": 0, "FlipAngle": 60.0, "HighBit": 11, "ImageOrientationPatient": [0.99997563070505, 0.00081450878652, 0.00693358287498, 6.865e-12, 0.99317064949396, -0.1166707374784], "ImageType": ["ORIGINAL", "PRIMARY", "P", "ND"], "ImagedNucleus": "1H", "ImagingFrequency": 123.257687, "InPlanePhaseEncodingDirection": "ROW", "MRAcquisitionType": "2D", "MagneticFieldStrength": 3.0, "Manufacturer": "SIEMENS", "ManufacturerModelName": "Prisma", "Modality": "MR", "NumberOfAverages": 1.0, "NumberOfPhaseEncodingSteps": 100, "PercentPhaseFieldOfView": 100.0, "PercentSampling": 100.0, "PerformedProcedureStepStartTime": "125430.952000", "PhotometricInterpretation": "MONOCHROME2", "PixelBandwidth": 570.0, "PixelRepresentation": 0, "PixelSpacing": [2.0, 2.0], "ProtocolName": "field_mapping_2x2x2", "RepetitionTime": 720.0, "RescaleIntercept": -4096.0, "RescaleSlope": 2.0, "RescaleType": "US", "Rows": 100, "SAR": 0.10995823955881, "SamplesPerPixel": 1, "ScanningSequence": "GR", "SequenceName": "*fm2d2r", "SequenceVariant": "SP", "SeriesDescription": "field_mapping_2x2x2", "SeriesNumber": 10, "SeriesTime": "134159.777000", "SliceThickness": 2.0, "SoftwareVersions": "syngo MR E11", "SpacingBetweenSlices": 2.0, "SpecificCharacterSet": "ISO_IR 100", "StudyID": "1", "StudyTime": "125430.798000", "TransmitCoilName": "Body", "VariableFlipAngleFlag": "N", "WindowCenterWidthExplanation": "Algo1", "dBdt": 0.0}, "slices": {"AcquisitionTime": ["133935.370000", "133935.010000", "133935.380000", "133935.020000", "133935.390000", "133935.030000", "133935.400000", "133935.040000", "133935.410000", "133935.050000", "133935.420000", "133935.060000", "133935.430000", "133935.070000", "133935.440000", "133935.080000", "133935.450000", "133935.090000", "133935.460000", "133935.100000", "133935.470000", "133935.110000", "133935.480000", "133935.120000", "133935.490000", "133935.130000", "133935.500000", "133935.140000", "133935.510000", "133935.150000", "133935.520000", "133935.160000", "133935.530000", "133935.170000", "133935.540000", "133935.180000", "133935.550000", "133935.190000", "133935.560000", "133935.200000", "133935.570000", "133935.210000", "133935.580000", "133935.220000", "133935.590000", "133935.230000", "133935.600000", "133935.240000", "133935.610000", "133935.250000", "133935.620000", "133935.260000", "133935.630000", "133935.270000", "133935.640000", "133935.280000", "133935.650000", "133935.290000", "133935.660000", "133935.300000", "133935.670000", "133935.310000", "133935.680000", "133935.320000", "133935.690000", "133935.330000", "133935.700000", "133935.340000", "133935.710000", "133935.350000", "133935.720000", "133935.360000"], "ContentTime": ["134200.051000", "134159.784000", "134200.053000", "134159.787000", "134200.055000", "134159.788000", "134200.057000", "134159.790000", "134200.059000", "134159.792000", "134200.061000", "134159.794000", "134200.063000", "134159.796000", "134200.065000", "134159.798000", "134200.067000", "134159.800000", "134200.068000", "134159.801000", "134200.070000", "134159.803000", "134200.072000", "134159.805000", "134200.074000", "134159.807000", "134200.076000", "134159.809000", "134200.078000", "134159.811000", "134200.080000", "134159.813000", "134200.082000", "134159.815000", "134200.084000", "134200.014000", "134200.085000", "134200.016000", "134200.087000", "134200.018000", "134200.089000", "134200.019000", "134200.091000", "134200.021000", "134200.093000", "134200.023000", "134200.095000", "134200.025000", "134200.097000", "134200.027000", "134200.100000", "134200.029000", "134200.101000", "134200.031000", "134200.103000", "134200.033000", "134200.106000", "134200.035000", "134200.108000", "134200.036000", "134200.110000", "134200.038000", "134200.112000", "134200.040000", "134200.114000", "134200.042000", "134200.115000", "134200.044000", "134200.117000", "134200.046000", "134200.121000", "134200.048000"], "CsaImage.GSWDDataType": ["measured", "predicted", "measured", "predicted", "measured", "predicted", "measured", "predicted", "measured", "predicted", "measured", "predicted", "measured", "predicted", "measured", "predicted", "measured", "predicted", "measured", "predicted", "measured", "predicted", "measured", "predicted", "measured", "predicted", "measured", "predicted", "measured", "predicted", "measured", "predicted", "measured", "predicted", "measured", "predicted", "measured", "predicted", "measured", "predicted", "measured", "predicted", "measured", "predicted", "measured", "predicted", "measured", "predicted", "measured", "predicted", "measured", "predicted", "measured", "predicted", "measured", "predicted", "measured", "predicted", "measured", "predicted", "measured", "predicted", "measured", "predicted", "measured", "measured", "measured", "measured", "measured", "measured", "measured", "measured"], "CsaImage.ICE_Dims": ["X_2_1_1_1_1_1_37_1_1_1_1_152", "X_2_1_1_1_1_1_1_1_1_2_1_152", "X_2_1_1_1_1_1_38_1_1_3_1_152", "X_2_1_1_1_1_1_2_1_1_4_1_152", "X_2_1_1_1_1_1_39_1_1_5_1_152", "X_2_1_1_1_1_1_3_1_1_6_1_152", "X_2_1_1_1_1_1_40_1_1_7_1_152", "X_2_1_1_1_1_1_4_1_1_8_1_152", "X_2_1_1_1_1_1_41_1_1_9_1_152", "X_2_1_1_1_1_1_5_1_1_10_1_152", "X_2_1_1_1_1_1_42_1_1_11_1_152", "X_2_1_1_1_1_1_6_1_1_12_1_152", "X_2_1_1_1_1_1_43_1_1_13_1_152", "X_2_1_1_1_1_1_7_1_1_14_1_152", "X_2_1_1_1_1_1_44_1_1_15_1_152", "X_2_1_1_1_1_1_8_1_1_16_1_152", "X_2_1_1_1_1_1_45_1_1_17_1_152", "X_2_1_1_1_1_1_9_1_1_18_1_152", "X_2_1_1_1_1_1_46_1_1_19_1_152", "X_2_1_1_1_1_1_10_1_1_20_1_152", "X_2_1_1_1_1_1_47_1_1_21_1_152", "X_2_1_1_1_1_1_11_1_1_22_1_152", "X_2_1_1_1_1_1_48_1_1_23_1_152", "X_2_1_1_1_1_1_12_1_1_24_1_152", "X_2_1_1_1_1_1_49_1_1_25_1_152", "X_2_1_1_1_1_1_13_1_1_26_1_152", "X_2_1_1_1_1_1_50_1_1_27_1_152", "X_2_1_1_1_1_1_14_1_1_28_1_152", "X_2_1_1_1_1_1_51_1_1_29_1_152", "X_2_1_1_1_1_1_15_1_1_30_1_152", "X_2_1_1_1_1_1_52_1_1_31_1_152", "X_2_1_1_1_1_1_16_1_1_32_1_152", "X_2_1_1_1_1_1_53_1_1_33_1_152", "X_2_1_1_1_1_1_17_1_1_34_1_152", "X_2_1_1_1_1_1_54_1_1_35_1_152", "X_2_1_1_1_1_1_18_1_1_36_1_152", "X_2_1_1_1_1_1_55_1_1_37_1_152", "X_2_1_1_1_1_1_19_1_1_38_1_152", "X_2_1_1_1_1_1_56_1_1_39_1_152", "X_2_1_1_1_1_1_20_1_1_40_1_152", "X_2_1_1_1_1_1_57_1_1_41_1_152", "X_2_1_1_1_1_1_21_1_1_42_1_152", "X_2_1_1_1_1_1_58_1_1_43_1_152", "X_2_1_1_1_1_1_22_1_1_44_1_152", "X_2_1_1_1_1_1_59_1_1_45_1_152", "X_2_1_1_1_1_1_23_1_1_46_1_152", "X_2_1_1_1_1_1_60_1_1_47_1_152", "X_2_1_1_1_1_1_24_1_1_48_1_152", "X_2_1_1_1_1_1_61_1_1_49_1_152", "X_2_1_1_1_1_1_25_1_1_50_1_152", "X_2_1_1_1_1_1_62_1_1_51_1_152", "X_2_1_1_1_1_1_26_1_1_52_1_152", "X_2_1_1_1_1_1_63_1_1_53_1_152", "X_2_1_1_1_1_1_27_1_1_54_1_152", "X_2_1_1_1_1_1_64_1_1_55_1_152", "X_2_1_1_1_1_1_28_1_1_56_1_152", "X_2_1_1_1_1_1_65_1_1_57_1_152", "X_2_1_1_1_1_1_29_1_1_58_1_152", "X_2_1_1_1_1_1_66_1_1_59_1_152", "X_2_1_1_1_1_1_30_1_1_60_1_152", "X_2_1_1_1_1_1_67_1_1_61_1_152", "X_2_1_1_1_1_1_31_1_1_62_1_152", "X_2_1_1_1_1_1_68_1_1_63_1_152", "X_2_1_1_1_1_1_32_1_1_64_1_152", "X_2_1_1_1_1_1_69_1_1_65_1_152", "X_2_1_1_1_1_1_33_1_1_66_1_152", "X_2_1_1_1_1_1_70_1_1_67_1_152", "X_2_1_1_1_1_1_34_1_1_68_1_152", "X_2_1_1_1_1_1_71_1_1_69_1_152", "X_2_1_1_1_1_1_35_1_1_70_1_152", "X_2_1_1_1_1_1_72_1_1_71_1_152", "X_2_1_1_1_1_1_36_1_1_72_1_152"], "CsaImage.ProtocolSliceNumber": [0, 1, 2, 3, 4, 5, 6, 7, 8, 9, 10, 11, 12, 13, 14, 15, 16, 17, 18, 19, 20, 21, 22, 23, 24, 25, 26, 27, 28, 29, 30, 31, 32, 33, 34, 35, 36, 37, 38, 39, 40, 41, 42, 43, 44, 45, 46, 47, 48, 49, 50, 51, 52, 53, 54, 55, 56, 57, 58, 59, 60, 61, 62, 63, 64, 65, 66, 67, 68, 69, 70, 71], "CsaImage.RFSWDDataType": ["measured", "predicted", "measured", "predicted", "measured", "predicted", "measured", "predicted", "measured", "predicted", "measured", "predicted", "measured", "predicted", "measured", "predicted", "measured", "predicted", "measured", "predicted", "measured", "predicted", "measured", "predicted", "measured", "predicted", "measured", "predicted", "measured", "predicted", "measured", "predicted", "measured", "predicted", "measured", "predicted", "measured", "predicted", "measured", "predicted", "measured", "predicted", "measured", "predicted", "measured", "predicted", "measured", "predicted", "measured", "predicted", "measured", "predicted", "measured", "predicted", "measured", "predicted", "measured", "predicted", "measured", "predicted", "measured", "predicted", "measured", "measured", "measured", "measured", "measured", "measured", "measured", "measured", "measured", "measured"], "CsaImage.SlicePosition_PCS": [[-100.85782582, -108.42396081, -47.20063528], [-100.87178833, -108.19062532, -45.21434149], [-100.88575084, -107.95728887, -43.22804769], [-100.89971334, -107.72395337, -41.24175771], [-100.91367585, -107.49061788, -39.25546392], [-100.92763842, -107.25728191, -37.26917013], [-100.94160093, -107.02394594, -35.28287634], [-100.95556343, -106.79061044, -33.29658254], [-100.96952594, -106.55727447, -31.31029257], [-100.98348851, -106.32393897, -29.32399877], [-100.99745101, -106.090603, -27.33770498], [-101.01141352, -105.85726703, -25.35141119], [-101.02537603, -105.62393153, -23.36512121], [-101.03933854, -105.39059556, -21.37882742], [-101.05330104, -105.15725959, -19.39253362], [-101.06726355, -104.9239241, -17.40624174], [-101.08122618, -104.69058812, -15.41994795], [-101.09518868, -104.45725263, -13.43365606], [-101.10915119, -104.22391666, -11.44736227], [-101.1231137, -103.99058069, -9.46107038], [-101.13707621, -103.75724519, -7.47477659], [-101.15103871, -103.52390922, -5.4884847], [-101.16500122, -103.29057349, -3.50219091], [-101.17896373, -103.05723775, -1.51589807], [-101.19292624, -102.82390202, 0.47039477], [-101.20688886, -102.59056605, 2.45668761], [-101.22085137, -102.35723031, 4.44298044], [-101.23481388, -102.12389458, 6.42927376], [-101.24877638, -101.89055885, 8.41556636], [-101.26273889, -101.65722287, 10.40185938], [-101.2767014, -101.42388714, 12.38815228], [-101.29066391, -101.19055141, 14.37444512], [-101.30462641, -100.95721567, 16.36073796], [-101.31858892, -100.72387982, 18.34703079], [-101.33255155, -100.49054409, 20.33332411], [-101.34651405, -100.25720824, 22.31961695], [-101.36047656, -100.0238725, 24.30590979], [-101.37443907, -99.79053668, 26.29220263], [-101.38840158, -99.5572009, 28.27849451], [-101.40236408, -99.32386512, 30.26478831], [-101.41632659, -99.09052933, 32.2510821], [-101.4302891, -98.85719354, 34.23737398], [-101.4442516, -98.62385774, 36.22366778], [-101.45821423, -98.39052201, 38.20995966], [-101.47217674, -98.15718616, 40.19625345], [-101.48613924, -97.92385042, 42.18254534], [-101.50010175, -97.69051457, 44.16883723], [-101.51406426, -97.45717884, 46.15513102], [-101.52802677, -97.22384299, 48.14142481], [-101.54198927, -96.99050725, 50.1277186], [-101.55595178, -96.75717152, 52.11400858], [-101.56991429, -96.52383555, 54.10030237], [-101.58387691, -96.29049981, 56.08659617], [-101.59783942, -96.05716408, 58.07288996], [-101.61180193, -95.82382835, 60.05917994], [-101.62576444, -95.59049261, 62.04547373], [-101.63972694, -95.35715688, 64.03176752], [-101.65368945, -95.12382091, 66.01806132], [-101.66765196, -94.89048494, 68.00435511], [-101.68161447, -94.65714944, 69.99064509], [-101.69557697, -94.42381347, 71.97693888], [-101.7095396, -94.19047797, 73.96323267], [-101.72350211, -93.957142, 75.94952265], [-101.73746461, -93.72380603, 77.93582026], [-101.75142712, -93.49047054, 79.92211024], [-101.76538963, -93.25713456, 81.90840021], [-101.77935214, -93.02379907, 83.89469782], [-101.79331464, -92.7904631, 85.8809878], [-101.80727715, -92.55712713, 87.86728541], [-101.82123966, -92.32379163, 89.85357538], [-101.83520228, -92.09045566, 91.83986536], [-101.84916479, -91.85711969, 93.82616297]], "CsaImage.TimeAfterStart": [1.0825, 0.7225, 1.0925, 0.7325, 1.1025, 0.7425, 1.1125, 0.7525, 1.1225, 0.7625, 1.1325, 0.7725, 1.1425, 0.7825, 1.1525, 0.7925, 1.1625, 0.8025, 1.1725, 0.8125, 1.1825, 0.8225, 1.1925, 0.8325, 1.2025, 0.8425, 1.2125, 0.8525, 1.2225, 0.8625, 1.2325, 0.8725, 1.2425, 0.8825, 1.2525, 0.8925, 1.2625, 0.9025, 1.2725, 0.9125, 1.2825, 0.9225, 1.2925, 0.9325, 1.3025, 0.9425, 1.3125, 0.9525, 1.3225, 0.9625, 1.3325, 0.9725, 1.3425, 0.9825, 1.3525, 0.9925, 1.3625, 1.0025, 1.3725, 1.0125, 1.3825, 1.0225, 1.3925, 1.0325, 1.4025, 1.0425, 1.4125, 1.0525, 1.4225, 1.0625, 1.4325, 1.0725], "ImagePositionPatient": [[-100.85782582277, -108.42396081248, -47.200635278189], [-100.87178833002, -108.19062531749, -45.214341485464], [-100.88575083727, -107.95728886882, -43.22804769274], [-100.89971334451, -107.72395337382, -41.241757714712], [-100.91367585176, -107.49061787883, -39.255463921988], [-100.92763841862, -107.257281907, -37.269170129263], [-100.94160092586, -107.02394593516, -35.282876336538], [-100.95556343311, -106.79061044017, -33.296582543814], [-100.96952594036, -106.55727446834, -31.310292565786], [-100.98348850721, -106.32393897334, -29.323998773062], [-100.99745101446, -106.09060300151, -27.337704980337], [-101.01141352171, -105.85726702968, -25.351411187613], [-101.02537602896, -105.62393153468, -23.365121209585], [-101.0393385362, -105.39059556285, -21.378827416861], [-101.05330104345, -105.15725959102, -19.392533624136], [-101.0672635507, -104.92392409602, -17.40624173876], [-101.08122617716, -104.69058812419, -15.419947946035], [-101.0951886844, -104.4572526292, -13.433656060659], [-101.10915119165, -104.22391665736, -11.447362267935], [-101.1231136989, -103.99058068553, -9.4610703825589], [-101.13707620615, -103.75724519054, -7.4747765898343], [-101.1510387134, -103.5239092187, -5.4884847044583], [-101.16500122064, -103.29057348529, -3.5021909117337], [-101.17896372789, -103.05723775188, -1.5158980726834], [-101.19292623514, -102.82390201846, 0.47039476636687], [-101.2068888616, -102.59056604663, 2.4566876054172], [-101.22085136884, -102.35723031322, 4.4429804444675], [-101.23481387609, -102.1238945798, 6.4292737603549], [-101.24877638334, -101.89055884639, 8.4155663609866], [-101.26273889059, -101.65722287456, 10.401859378851], [-101.27670139784, -101.42388714114, 12.388152277506], [-101.29066390508, -101.19055140773, 14.374445116556], [-101.30462641233, -100.95721567432, 16.360737955606], [-101.31858891958, -100.72387982169, 18.347030794657], [-101.33255154604, -100.49054408828, 20.333324110544], [-101.34651405329, -100.25720823566, 22.319616949594], [-101.36047656053, -100.02387250224, 24.305909788645], [-101.37443906778, -99.790536679422, 26.292202627695], [-101.38840157503, -99.557200901304, 28.278494513071], [-101.40236408228, -99.323865115737, 30.264788305796], [-101.41632658952, -99.090529330169, 32.25108209852], [-101.43028909677, -98.857193537151, 34.237373983896], [-101.44425160402, -98.623857744132, 36.223667776621], [-101.45821423048, -98.390522010719, 38.209959661997], [-101.47217673773, -98.157186158096, 40.196253454721], [-101.48613924497, -97.923850424682, 42.182545340097], [-101.50010175222, -97.690514572059, 44.168837225473], [-101.51406425947, -97.457178838645, 46.155131018198], [-101.52802676672, -97.223842986022, 48.141424810923], [-101.54198927397, -96.990507252609, 50.127718603647], [-101.55595178121, -96.757171519195, 52.114008581674], [-101.56991428846, -96.523835547363, 54.100302374399], [-101.58387691492, -96.290499813949, 56.086596167124], [-101.59783942217, -96.057164080535, 58.072889959848], [-101.61180192941, -95.823828347121, 60.059179937876], [-101.62576443666, -95.590492613708, 62.0454737306], [-101.63972694391, -95.357156880294, 64.031767523325], [-101.65368945116, -95.123820908462, 66.018061316049], [-101.66765195841, -94.89048493663, 68.004355108774], [-101.68161446565, -94.657149441634, 69.990645086801], [-101.6955769729, -94.423813469802, 71.976938879526], [-101.70953959936, -94.190477974807, 73.963232672251], [-101.72350210661, -93.957142002975, 75.949522650278], [-101.73746461386, -93.723806031142, 77.9358202577], [-101.7514271211, -93.490470536147, 79.922110235727], [-101.76538962835, -93.257134564315, 81.908400213755], [-101.7793521356, -93.02379906932, 83.894697821176], [-101.79331464285, -92.790463097488, 85.880987799204], [-101.80727715009, -92.557127125655, 87.867285406626], [-101.82123965734, -92.32379163066, 89.853575384653], [-101.8352022838, -92.090455658828, 91.83986536268], [-101.84916479105, -91.857119686996, 93.826162970102]], "InstanceCreationTime": ["134200.051000", "134159.784000", "134200.053000", "134159.787000", "134200.055000", "134159.788000", "134200.057000", "134159.790000", "134200.059000", "134159.792000", "134200.061000", "134159.794000", "134200.063000", "134159.796000", "134200.065000", "134159.798000", "134200.067000", "134159.800000", "134200.068000", "134159.801000", "134200.070000", "134159.803000", "134200.072000", "134159.805000", "134200.074000", "134159.807000", "134200.076000", "134159.809000", "134200.078000", "134159.811000", "134200.080000", "134159.813000", "134200.082000", "134159.815000", "134200.084000", "134200.014000", "134200.085000", "134200.016000", "134200.087000", "134200.018000", "134200.089000", "134200.019000", "134200.091000", "134200.021000", "134200.093000", "134200.023000", "134200.095000", "134200.025000", "134200.097000", "134200.027000", "134200.100000", "134200.029000", "134200.101000", "134200.031000", "134200.103000", "134200.033000", "134200.106000", "134200.035000", "134200.108000", "134200.036000", "134200.110000", "134200.038000", "134200.112000", "134200.040000", "134200.114000", "134200.042000", "134200.115000", "134200.044000", "134200.117000", "134200.046000", "134200.121000", "134200.048000"], "InstanceNumber": [1, 2, 3, 4, 5, 6, 7, 8, 9, 10, 11, 12, 13, 14, 15, 16, 17, 18, 19, 20, 21, 22, 23, 24, 25, 26, 27, 28, 29, 30, 31, 32, 33, 34, 35, 36, 37, 38, 39, 40, 41, 42, 43, 44, 45, 46, 47, 48, 49, 50, 51, 52, 53, 54, 55, 56, 57, 58, 59, 60, 61, 62, 63, 64, 65, 66, 67, 68, 69, 70, 71, 72], "LargestImagePixelValue": [4095, 4094, 4095, 4094, 4094, 4095, 4094, 4093, 4095, 4092, 4092, 4094, 4095, 4093, 4095, 4093, 4094, 4095, 4090, 4094, 4095, 4094, 4091, 4095, 4094, 4089, 4092, 4095, 4087, 4088, 4094, 4092, 4093, 4088, 4090, 4079, 4092, 4091, 4095, 4088, 4092, 4094, 4094, 4090, 4091, 4094, 4092, 4093, 4094, 4093, 4094, 4087, 4090, 4091, 4084, 4095, 4094, 4092, 4095, 4092, 4090, 4094, 4095, 4095, 4094, 4092, 4095, 4093, 4093, 4095, 4095, 4094], "SliceLocation": [-58.822623663881, -56.822622804918, -54.822621834693, -52.822624764284, -50.822623905322, -48.822622990312, -46.822622075718, -44.822621216756, -42.822624090715, -40.822623231337, -38.822622316743, -36.822621402149, -34.82262433174, -32.822623417147, -30.822622502553, -28.822623537867, -26.822622622441, -24.822623657756, -22.822622743162, -20.822623722845, -18.822622863882, -16.822623843565, -14.822622956787, -12.822623017147, -10.822623077508, -8.82262310922, -6.8226231695803, -4.8226227563715, -2.8226230535163, -0.8226229084724, 1.1773770903634, 3.1773770300032, 5.1773769696429, 7.1773769231905, 9.1773773372315, 11.177377290779, 13.177377230419, 15.177377180489, 17.177376178206, 19.177377071069, 21.177377963932, 23.177376963387, 25.177377857119, 27.177376850453, 29.177377751139, 31.17737674364, 33.177375750049, 35.177376636827, 37.177377537513, 39.177378424291, 41.177375522516, 43.17737643711, 45.17737732472, 47.177378211498, 49.177375309723, 51.177376196501, 53.177377083279, 55.177377997873, 57.177378912466, 59.177375982875, 61.177376897469, 63.177377757264, 65.177374883304, 67.177379586451, 69.17737665686, 71.177373782901, 73.177378430416, 75.177375556457, 77.177380259604, 79.177377330013, 81.177374456886, 83.177379160033], "SmallestImagePixelValue": [0, 0, 0, 0, 0, 0, 2, 1, 2, 0, 0, 0, 1, 0, 1, 1, 2, 0, 3, 0, 2, 0, 0, 0, 5, 3, 0, 10, 3, 4, 2, 5, 4, 20, 1, 0, 2, 2, 3, 6, 0, 0, 0, 0, 3, 3, 0, 3, 0, 0, 0, 7, 0, 0, 0, 0, 4, 0, 0, 2, 0, 2, 3, 1, 3, 0, 0, 1, 0, 0, 0, 2], "WindowCenter": [-222.0, -174.0, -186.0, -230.0, -236.0, -246.0, -256.0, -272.0, -274.0, -226.0, -244.0, -198.0, -224.0, -192.0, -222.0, -192.0, -222.0, -230.0, -222.0, -208.0, -230.0, -232.0, -210.0, -168.0, -164.0, -146.0, -136.0, -144.0, -84.0, -114.0, -114.0, -98.0, -124.0, -140.0, -138.0, -138.0, -104.0, -86.0, -108.0, -78.0, -112.0, -154.0, -40.0, -26.0, -42.0, -166.0, -72.0, -184.0, -194.0, -190.0, -194.0, -74.0, -92.0, -58.0, -62.0, -68.0, -42.0, -54.0, -72.0, -30.0, -82.0, -76.0, -92.0, -94.0, -138.0, -150.0, -182.0, -190.0, -286.0, -286.0, -324.0, -312.0], "WindowWidth": [6206.0, 6288.0, 6258.0, 6278.0, 6214.0, 6204.0, 6112.0, 6120.0, 6112.0, 6156.0, 6090.0, 6142.0, 6110.0, 6154.0, 6092.0, 6092.0, 6022.0, 6004.0, 5918.0, 5864.0, 5772.0, 5772.0, 5720.0, 5704.0, 5624.0, 5570.0, 5584.0, 5512.0, 5580.0, 5374.0, 5338.0, 5434.0, 5296.0, 5274.0, 5310.0, 5296.0, 5346.0, 5432.0, 5278.0, 5366.0, 5108.0, 4790.0, 5336.0, 5316.0, 5094.0, 4564.0, 4906.0, 4578.0, 4578.0, 4592.0, 4588.0, 5188.0, 5012.0, 5258.0, 5318.0, 5354.0, 5488.0, 5408.0, 5512.0, 5636.0, 5650.0, 5738.0, 5830.0, 5882.0, 5946.0, 6050.0, 6118.0, 6164.0, 6182.0, 6228.0, 6266.0, 6344.0]}}, "IntendedFor": ["ses-action01/func/sub-19_ses-action01_task-action_run-04_bold.nii.gz", "ses-action01/func/sub-19_ses-action01_task-action_run-09_bold.nii.gz", "ses-action01/func/sub-19_ses-action01_task-action_run-06_bold.nii.gz", "ses-action01/func/sub-19_ses-action01_task-action_run-10_bold.nii.gz", "ses-action01/func/sub-19_ses-action01_task-action_run-02_bold.nii.gz", "ses-action01/func/sub-19_ses-action01_task-action_run-12_bold.nii.gz", "ses-action01/func/sub-19_ses-action01_task-action_run-01_bold.nii.gz", "ses-action01/func/sub-19_ses-action01_task-action_run-11_bold.nii.gz", "ses-action01/func/sub-19_ses-action01_task-action_run-03_bold.nii.gz", "ses-action01/func/sub-19_ses-action01_task-action_run-05_bold.nii.gz", "ses-action01/func/sub-19_ses-action01_task-action_run-07_bold.nii.gz", "ses-action01/func/sub-19_ses-action01_task-action_run-08_bold.nii.gz"]}