{"AcquisitionMatrixPE": 100, "AcquisitionNumber": 1, "AcquisitionTime": "11:09:28.267500", "BaseResolution": 100, "BodyPartExamined": "BRAIN", "CoilCombinationMethod": "Sum of Squares", "ConsistencyInfo": "N4_VE11C_LATEST_20160120", "ConversionSoftware": "dcm2niix", "ConversionSoftwareVersion": "v1.0.20211006", "DeviceSerialNumber": "166078", "DwellTime": 8.8e-06, "EchoNumber": 2, "EchoTime": 0.00738, "EchoTime1": 0.00492, "EchoTime2": 0.00738, "FlipAngle": 60, "ImageOrientationPatientDICOM": [1, 4.894e-12, 1.54e-13, -4.897e-12, 0.999507, 0.0314108], "ImageOrientationText": "Tra>Cor(1.8)", "ImageType": ["ORIGINAL", "PRIMARY", "P", "ND", "PHASE"], "ImagingFrequency": 123.258, "InPlanePhaseEncodingDirectionDICOM": "ROW", "InstitutionAddress": "Street StreetNo,Bei Jing,District,CN,ZIP", "InstitutionName": "BeiJing Normal University", "InstitutionalDepartmentName": "Department", "MRAcquisitionType": "2D", "MagneticFieldStrength": 3, "Manufacturer": "Siemens", "ManufacturersModelName": "Prisma", "MatrixCoilMode": "SENSE", "Modality": "MR", "PartialFourier": 1, "PatientPosition": "HFS", "PercentPhaseFOV": 100, "PercentSampling": 100, "PhaseEncodingDirection": "i", "PhaseEncodingSteps": 100, "PhaseResolution": 1, "PixelBandwidth": 570, "ProcedureStepDescription": "BNU_P2018_64CH^Zhen.ZongLei", "ProtocolName": "field_mapping_2x2x2", "PulseSequenceDetails": "%SiemensSeq%\\gre_field_mapping", "ReceiveCoilActiveElements": "HC1-7;NC1", "ReceiveCoilName": "HeadNeck_64", "ReconMatrixPE": 100, "RepetitionTime": 0.72, "SAR": 0.127437, "ScanningSequence": "GR", "SequenceName": "*fm2d2r", "SequenceVariant": "SP", "SeriesDescription": "field_mapping_2x2x2", "SeriesNumber": 10, "ShimSetting": [-5481, -11537, -1253, 118, -76, -310, -24, 7], "SliceThickness": 2, "SliceTiming": [0.35938, 0, 0.375, 0.00781, 0.38281, 0.02344, 0.39062, 0.03125, 0.39844, 0.03906, 0.41406, 0.05469, 0.42188, 0.0625, 0.42969, 0.07031, 0.4375, 0.07812, 0.45312, 0.09375, 0.46094, 0.10156, 0.46875, 0.10938, 0.48438, 0.125, 0.49219, 0.13281, 0.5, 0.14062, 0.50781, 0.14844, 0.52344, 0.16406, 0.53125, 0.17188, 0.53906, 0.17969, 0.55469, 0.1875, 0.5625, 0.20312, 0.57031, 0.21094, 0.57812, 0.21875, 0.59375, 0.23438, 0.60156, 0.24219, 0.60938, 0.25, 0.625, 0.25781, 0.63281, 0.27344, 0.64062, 0.28125, 0.64844, 0.28906, 0.66406, 0.30469, 0.67188, 0.3125, 0.67969, 0.32031, 0.6875, 0.32812, 0.70312, 0.34375, 0.71094, 0.35156], "SoftwareVersions": "syngo MR E11", "SpacingBetweenSlices": 2, "StationName": "AWP166078", "TxRefAmp": 235.836, "dcmmeta_affine": [[-2.0, -9.79399981254625e-12, 0.0, 100.0], [-9.788000271404584e-12, 1.999013066291809, 0.06282234191894531, -90.89857482910156], [3.0799999052935623e-13, -0.06282152235507965, 1.9990081787109375, -62.288299560546875], [0.0, 0.0, 0.0, 1.0]], "dcmmeta_reorient_transform": [[0.0, -1.0, 0.0, 99.0], [1.0, 0.0, 0.0, 0.0], [0.0, 0.0, -1.0, 71.0], [0.0, 0.0, 0.0, 1.0]], "dcmmeta_shape": [100, 100, 72], "dcmmeta_slice_dim": 2, "dcmmeta_version": 0.6, "global": {"const": {"AcquisitionMatrix": [0, 100, 100, 0], "AcquisitionNumber": 1, "AngioFlag": "N", "BitsAllocated": 16, "BitsStored": 12, "BodyPartExamined": "BRAIN", "Columns": 100, "EchoNumbers": 2, "EchoTime": 7.38, "EchoTrainLength": 0, "FlipAngle": 60.0, "HighBit": 11, "ImageOrientationPatient": [1.0, 4.894e-12, 1.54e-13, -4.897e-12, 0.99950656032494, 0.03141076037602], "ImageType": ["ORIGINAL", "PRIMARY", "P", "ND"], "ImagedNucleus": "1H", "ImagingFrequency": 123.257663, "InPlanePhaseEncodingDirection": "ROW", "MRAcquisitionType": "2D", "MagneticFieldStrength": 3.0, "Manufacturer": "SIEMENS", "ManufacturerModelName": "Prisma", "Modality": "MR", "NumberOfAverages": 1.0, "NumberOfPhaseEncodingSteps": 100, "PercentPhaseFieldOfView": 100.0, "PercentSampling": 100.0, "PerformedProcedureStepStartTime": "103104.889000", "PhotometricInterpretation": "MONOCHROME2", "PixelBandwidth": 570.0, "PixelRepresentation": 0, "PixelSpacing": [2.0, 2.0], "ProtocolName": "field_mapping_2x2x2", "RepetitionTime": 720.0, "RescaleIntercept": -4096.0, "RescaleSlope": 2.0, "RescaleType": "US", "Rows": 100, "SAR": 0.1274368797134, "SamplesPerPixel": 1, "ScanningSequence": "GR", "SequenceName": "*fm2d2r", "SequenceVariant": "SP", "SeriesDescription": "field_mapping_2x2x2", "SeriesNumber": 10, "SeriesTime": "111152.892000", "SliceThickness": 2.0, "SoftwareVersions": "syngo MR E11", "SpacingBetweenSlices": 2.0, "SpecificCharacterSet": "ISO_IR 100", "StudyID": "1", "StudyTime": "103104.850000", "TransmitCoilName": "Body", "VariableFlipAngleFlag": "N", "WindowCenterWidthExplanation": "Algo1", "dBdt": 0.0}, "slices": {"AcquisitionTime": ["110928.267500", "110927.907500", "110928.277500", "110927.917500", "110928.287500", "110927.927500", "110928.297500", "110927.937500", "110928.307500", "110927.947500", "110928.317500", "110927.957500", "110928.327500", "110927.967500", "110928.337500", "110927.977500", "110928.347500", "110927.987500", "110928.357500", "110927.997500", "110928.367500", "110928.007500", "110928.377500", "110928.017500", "110928.387500", "110928.027500", "110928.397500", "110928.037500", "110928.407500", "110928.047500", "110928.417500", "110928.057500", "110928.427500", "110928.067500", "110928.437500", "110928.077500", "110928.447500", "110928.087500", "110928.457500", "110928.097500", "110928.467500", "110928.107500", "110928.477500", "110928.117500", "110928.487500", "110928.127500", "110928.497500", "110928.137500", "110928.507500", "110928.147500", "110928.517500", "110928.157500", "110928.527500", "110928.167500", "110928.537500", "110928.177500", "110928.547500", "110928.187500", "110928.557500", "110928.197500", "110928.567500", "110928.207500", "110928.577500", "110928.217500", "110928.587500", "110928.227500", "110928.597500", "110928.237500", "110928.607500", "110928.247500", "110928.617500", "110928.257500"], "ContentTime": ["111152.969000", "111152.898000", "111152.971000", "111152.900000", "111152.973000", "111152.903000", "111152.975000", "111152.905000", "111152.977000", "111152.907000", "111152.979000", "111152.909000", "111152.981000", "111152.911000", "111152.983000", "111152.913000", "111152.985000", "111152.915000", "111152.987000", "111152.917000", "111152.989000", "111152.919000", "111152.991000", "111152.921000", "111152.993000", "111152.923000", "111152.995000", "111152.925000", "111152.997000", "111152.927000", "111152.998000", "111152.929000", "111153.001000", "111152.931000", "111153.003000", "111152.933000", "111153.005000", "111152.935000", "111153.007000", "111152.937000", "111153.009000", "111152.939000", "111153.011000", "111152.941000", "111153.012000", "111152.943000", "111153.014000", "111152.945000", "111153.016000", "111152.947000", "111153.018000", "111152.949000", "111153.020000", "111152.951000", "111153.022000", "111152.952000", "111153.024000", "111152.954000", "111153.026000", "111152.956000", "111153.028000", "111152.958000", "111153.030000", "111152.960000", "111153.032000", "111152.962000", "111153.034000", "111152.964000", "111153.036000", "111152.966000", "111153.038000", "111152.968000"], "CsaImage.GSWDDataType": ["measured", "predicted", "measured", "predicted", "measured", "predicted", "measured", "predicted", "measured", "predicted", "measured", "predicted", "measured", "predicted", "measured", "predicted", "measured", "predicted", "measured", "predicted", "measured", "predicted", "measured", "predicted", "measured", "predicted", "measured", "predicted", "measured", "predicted", "measured", "predicted", "measured", "predicted", "measured", "predicted", "measured", "predicted", "measured", "predicted", "measured", "predicted", "measured", "predicted", "measured", "predicted", "measured", "predicted", "measured", "predicted", "measured", "predicted", "measured", "predicted", "measured", "predicted", "measured", "predicted", "measured", "predicted", "measured", "predicted", "measured", "predicted", "measured", "predicted", "measured", "predicted", "measured", "predicted", "measured", "measured"], "CsaImage.ICE_Dims": ["X_2_1_1_1_1_1_37_1_1_1_1_39", "X_2_1_1_1_1_1_1_1_1_2_1_39", "X_2_1_1_1_1_1_38_1_1_3_1_39", "X_2_1_1_1_1_1_2_1_1_4_1_39", "X_2_1_1_1_1_1_39_1_1_5_1_39", "X_2_1_1_1_1_1_3_1_1_6_1_39", "X_2_1_1_1_1_1_40_1_1_7_1_39", "X_2_1_1_1_1_1_4_1_1_8_1_39", "X_2_1_1_1_1_1_41_1_1_9_1_39", "X_2_1_1_1_1_1_5_1_1_10_1_39", "X_2_1_1_1_1_1_42_1_1_11_1_39", "X_2_1_1_1_1_1_6_1_1_12_1_39", "X_2_1_1_1_1_1_43_1_1_13_1_39", "X_2_1_1_1_1_1_7_1_1_14_1_39", "X_2_1_1_1_1_1_44_1_1_15_1_39", "X_2_1_1_1_1_1_8_1_1_16_1_39", "X_2_1_1_1_1_1_45_1_1_17_1_39", "X_2_1_1_1_1_1_9_1_1_18_1_39", "X_2_1_1_1_1_1_46_1_1_19_1_39", "X_2_1_1_1_1_1_10_1_1_20_1_39", "X_2_1_1_1_1_1_47_1_1_21_1_39", "X_2_1_1_1_1_1_11_1_1_22_1_39", "X_2_1_1_1_1_1_48_1_1_23_1_39", "X_2_1_1_1_1_1_12_1_1_24_1_39", "X_2_1_1_1_1_1_49_1_1_25_1_39", "X_2_1_1_1_1_1_13_1_1_26_1_39", "X_2_1_1_1_1_1_50_1_1_27_1_39", "X_2_1_1_1_1_1_14_1_1_28_1_39", "X_2_1_1_1_1_1_51_1_1_29_1_39", "X_2_1_1_1_1_1_15_1_1_30_1_39", "X_2_1_1_1_1_1_52_1_1_31_1_39", "X_2_1_1_1_1_1_16_1_1_32_1_39", "X_2_1_1_1_1_1_53_1_1_33_1_39", "X_2_1_1_1_1_1_17_1_1_34_1_39", "X_2_1_1_1_1_1_54_1_1_35_1_39", "X_2_1_1_1_1_1_18_1_1_36_1_39", "X_2_1_1_1_1_1_55_1_1_37_1_39", "X_2_1_1_1_1_1_19_1_1_38_1_39", "X_2_1_1_1_1_1_56_1_1_39_1_39", "X_2_1_1_1_1_1_20_1_1_40_1_39", "X_2_1_1_1_1_1_57_1_1_41_1_39", "X_2_1_1_1_1_1_21_1_1_42_1_39", "X_2_1_1_1_1_1_58_1_1_43_1_39", "X_2_1_1_1_1_1_22_1_1_44_1_39", "X_2_1_1_1_1_1_59_1_1_45_1_39", "X_2_1_1_1_1_1_23_1_1_46_1_39", "X_2_1_1_1_1_1_60_1_1_47_1_39", "X_2_1_1_1_1_1_24_1_1_48_1_39", "X_2_1_1_1_1_1_61_1_1_49_1_39", "X_2_1_1_1_1_1_25_1_1_50_1_39", "X_2_1_1_1_1_1_62_1_1_51_1_39", "X_2_1_1_1_1_1_26_1_1_52_1_39", "X_2_1_1_1_1_1_63_1_1_53_1_39", "X_2_1_1_1_1_1_27_1_1_54_1_39", "X_2_1_1_1_1_1_64_1_1_55_1_39", "X_2_1_1_1_1_1_28_1_1_56_1_39", "X_2_1_1_1_1_1_65_1_1_57_1_39", "X_2_1_1_1_1_1_29_1_1_58_1_39", "X_2_1_1_1_1_1_66_1_1_59_1_39", "X_2_1_1_1_1_1_30_1_1_60_1_39", "X_2_1_1_1_1_1_67_1_1_61_1_39", "X_2_1_1_1_1_1_31_1_1_62_1_39", "X_2_1_1_1_1_1_68_1_1_63_1_39", "X_2_1_1_1_1_1_32_1_1_64_1_39", "X_2_1_1_1_1_1_69_1_1_65_1_39", "X_2_1_1_1_1_1_33_1_1_66_1_39", "X_2_1_1_1_1_1_70_1_1_67_1_39", "X_2_1_1_1_1_1_34_1_1_68_1_39", "X_2_1_1_1_1_1_71_1_1_69_1_39", "X_2_1_1_1_1_1_35_1_1_70_1_39", "X_2_1_1_1_1_1_72_1_1_71_1_39", "X_2_1_1_1_1_1_36_1_1_72_1_39"], "CsaImage.ProtocolSliceNumber": [0, 1, 2, 3, 4, 5, 6, 7, 8, 9, 10, 11, 12, 13, 14, 15, 16, 17, 18, 19, 20, 21, 22, 23, 24, 25, 26, 27, 28, 29, 30, 31, 32, 33, 34, 35, 36, 37, 38, 39, 40, 41, 42, 43, 44, 45, 46, 47, 48, 49, 50, 51, 52, 53, 54, 55, 56, 57, 58, 59, 60, 61, 62, 63, 64, 65, 66, 67, 68, 69, 70, 71], "CsaImage.RFSWDDataType": ["measured", "predicted", "measured", "predicted", "measured", "predicted", "measured", "predicted", "measured", "predicted", "measured", "predicted", "measured", "predicted", "measured", "predicted", "measured", "predicted", "measured", "predicted", "measured", "predicted", "measured", "predicted", "measured", "predicted", "measured", "predicted", "measured", "predicted", "measured", "predicted", "measured", "predicted", "measured", "predicted", "measured", "predicted", "measured", "predicted", "measured", "predicted", "measured", "predicted", "measured", "predicted", "measured", "predicted", "measured", "predicted", "measured", "predicted", "measured", "predicted", "measured", "predicted", "measured", "predicted", "measured", "predicted", "measured", "predicted", "measured", "predicted", "measured", "predicted", "measured", "measured", "measured", "measured", "measured", "measured"], "CsaImage.SlicePosition_PCS": [[-100.0, -107.00378523, -68.50798125], [-100.0, -107.06660662, -66.50896544], [-100.0, -107.12942801, -64.50995345], [-100.0, -107.19224987, -62.51093764], [-100.0, -107.25507126, -60.51192565], [-100.0, -107.31789265, -58.51291365], [-100.0, -107.38071404, -56.51390166], [-100.0, -107.4435359, -54.51488585], [-100.0, -107.50635729, -52.51587386], [-100.0, -107.56917868, -50.51686187], [-100.0, -107.63200007, -48.51784606], [-100.0, -107.69482193, -46.51883406], [-100.0, -107.75764332, -44.51982207], [-100.0, -107.82046471, -42.52081008], [-100.0, -107.88328657, -40.52179427], [-100.0, -107.94610796, -38.52278228], [-100.0, -108.00892935, -36.52377028], [-100.0, -108.07175074, -34.52475638], [-100.0, -108.13457212, -32.52574248], [-100.0, -108.19739351, -30.52673049], [-100.0, -108.26021586, -28.52771659], [-100.0, -108.32303724, -26.52870269], [-100.0, -108.38585863, -24.52969069], [-100.0, -108.44868002, -22.53067679], [-100.0, -108.51150141, -20.5316648], [-100.0, -108.5743228, -18.5326509], [-100.0, -108.63714418, -16.53363795], [-100.0, -108.69996653, -14.534625], [-100.0, -108.76278791, -12.5356111], [-100.0, -108.8256093, -10.53659816], [-100.0, -108.88843069, -8.53758521], [-100.0, -108.95125208, -6.53857202], [-100.0, -109.01407347, -4.53955896], [-100.0, -109.07689486, -2.54054589], [-100.0, -109.1397172, -0.5415327], [-100.0, -109.20253859, 1.45748048], [-100.0, -109.26535997, 3.45649343], [-100.0, -109.32818136, 5.45550638], [-100.0, -109.39100275, 7.45451932], [-100.0, -109.45382414, 9.45353322], [-100.0, -109.51664553, 11.45254617], [-100.0, -109.57946692, 13.45155816], [-100.0, -109.64228926, 15.45057206], [-100.0, -109.70511065, 17.44958596], [-100.0, -109.76793203, 19.44859796], [-100.0, -109.83075342, 21.44761186], [-100.0, -109.89357481, 23.44662385], [-100.0, -109.9563962, 25.44563775], [-100.0, -110.01921759, 27.44465165], [-100.0, -110.08203993, 29.44366365], [-100.0, -110.14486132, 31.44267564], [-100.0, -110.20768271, 33.44169145], [-100.0, -110.27050409, 35.44070344], [-100.0, -110.33332548, 37.43971544], [-100.0, -110.39614687, 39.43873124], [-100.0, -110.45896826, 41.43774324], [-100.0, -110.5217906, 43.43675523], [-100.0, -110.58461199, 45.43576722], [-100.0, -110.64743338, 47.43478303], [-100.0, -110.71025476, 49.43379503], [-100.0, -110.77307615, 51.43280702], [-100.0, -110.83589754, 53.43182283], [-100.0, -110.89871893, 55.43083482], [-100.0, -110.96154032, 57.42984681], [-100.0, -111.02436266, 59.42886262], [-100.0, -111.08718405, 61.4278708], [-100.0, -111.15000544, 63.42688661], [-100.0, -111.21282682, 65.42590242], [-100.0, -111.27564821, 67.4249106], [-100.0, -111.3384696, 69.4239264], [-100.0, -111.40129099, 71.42294221], [-100.0, -111.46411333, 73.42195039]], "CsaImage.TimeAfterStart": [1.0825, 0.7225, 1.0925, 0.7325, 1.1025, 0.7425, 1.1125, 0.7525, 1.1225, 0.7625, 1.1325, 0.7725, 1.1425, 0.7825, 1.1525, 0.7925, 1.1625, 0.8025, 1.1725, 0.8125, 1.1825, 0.8225, 1.1925, 0.8325, 1.2025, 0.8425, 1.2125, 0.8525, 1.2225, 0.8625, 1.2325, 0.8725, 1.2425, 0.8825, 1.2525, 0.8925, 1.2625, 0.9025, 1.2725, 0.9125, 1.2825, 0.9225, 1.2925, 0.9325, 1.3025, 0.9425, 1.3125, 0.9525, 1.3225, 0.9625, 1.3325, 0.9725, 1.3425, 0.9825, 1.3525, 0.9925, 1.3625, 1.0025, 1.3725, 1.0125, 1.3825, 1.0225, 1.3925, 1.0325, 1.4025, 1.0425, 1.4125, 1.0525, 1.4225, 1.0625, 1.4325, 1.0725], "ImagePositionPatient": [[-99.99999999951, -107.00378522915, -68.50798125002], [-99.99999999951, -107.0666066174, -66.508965441914], [-99.99999999951, -107.12942800564, -64.509953448506], [-99.99999999951, -107.19224987072, -62.510937640401], [-99.99999999951, -107.25507125897, -60.511925646993], [-99.99999999951, -107.31789264721, -58.512913653584], [-99.99999999951, -107.38071403546, -56.513901660176], [-99.99999999951, -107.44353590054, -54.514885852071], [-99.99999999951, -107.50635728878, -52.515873858663], [-99.99999999951, -107.56917867703, -50.516861865254], [-99.99999999951, -107.63200006527, -48.517846057149], [-99.99999999951, -107.69482193035, -46.518834063741], [-99.99999999951, -107.7576433186, -44.519822070332], [-99.99999999951, -107.82046470684, -42.520810076924], [-99.99999999951, -107.88328657192, -40.521794268819], [-99.99999999951, -107.94610796017, -38.522782275411], [-99.99999999951, -108.00892934841, -36.523770282002], [-99.99999999951, -108.07175073666, -34.524756381246], [-99.99999999951, -108.1345721249, -32.525742480489], [-99.99999999951, -108.19739351315, -30.52673048708], [-99.99999999951, -108.26021585507, -28.527716586324], [-99.99999999951, -108.32303724331, -26.528702685567], [-99.99999999951, -108.38585863156, -24.529690692159], [-99.99999999951, -108.4486800198, -22.530676791402], [-99.99999999951, -108.51150140804, -20.531664797994], [-99.99999999951, -108.57432279629, -18.532650897237], [-99.99999999951, -108.63714418453, -16.533637950154], [-99.99999999951, -108.69996652645, -14.534625003072], [-99.99999999951, -108.7627879147, -12.535611102315], [-99.99999999951, -108.82560930294, -10.536598155232], [-99.99999999951, -108.88843069119, -8.5375852081498], [-99.99999999951, -108.95125207943, -6.5385720226487], [-99.99999999951, -109.01407346768, -4.5395589563569], [-99.99999999951, -109.07689485592, -2.5405458900651], [-99.99999999951, -109.13971719784, -0.541532704564], [-99.99999999951, -109.20253858608, 1.4574804809371], [-99.99999999951, -109.26535997433, 3.4564934280196], [-99.99999999951, -109.32818136257, 5.4555063751021], [-99.99999999951, -109.39100275082, 7.4545193221846], [-99.99999999951, -109.45382413906, 9.4535332229415], [-99.99999999951, -109.51664552731, 11.452546170024], [-99.99999999951, -109.57946691555, 13.451558163432], [-99.99999999951, -109.64228925747, 15.450572064189], [-99.99999999951, -109.70511064572, 17.449585964946], [-99.99999999951, -109.76793203396, 19.448597958354], [-99.99999999951, -109.8307534222, 21.447611859111], [-99.99999999951, -109.89357481045, 23.446623852519], [-99.99999999951, -109.95639619869, 25.445637753276], [-99.99999999951, -110.01921758694, 27.444651654033], [-99.99999999951, -110.08203992886, 29.443663647441], [-99.99999999951, -110.1448613171, 31.442675640849], [-99.99999999951, -110.20768270535, 33.441691448955], [-99.99999999951, -110.27050409359, 35.440703442363], [-99.99999999951, -110.33332548184, 37.439715435771], [-99.99999999951, -110.39614687008, 39.438731243877], [-99.99999999951, -110.45896825833, 41.437743237285], [-99.99999999951, -110.52179060024, 43.436755230693], [-99.99999999951, -110.58461198849, 45.435767224101], [-99.99999999951, -110.64743337673, 47.434783032207], [-99.99999999951, -110.71025476498, 49.433795025615], [-99.99999999951, -110.77307615322, 51.432807019023], [-99.99999999951, -110.83589754147, 53.431822827128], [-99.99999999951, -110.89871892971, 55.430834820537], [-99.99999999951, -110.96154031796, 57.429846813945], [-99.99999999951, -111.02436265988, 59.42886262205], [-99.99999999951, -111.08718404812, 61.427870800761], [-99.99999999951, -111.15000543636, 63.426886608867], [-99.99999999951, -111.21282682461, 65.425902416972], [-99.99999999951, -111.27564821285, 67.424910595683], [-99.99999999951, -111.3384696011, 69.423926403789], [-99.99999999951, -111.40129098934, 71.422942211894], [-99.99999999951, -111.46411333126, 73.421950390605]], "InstanceCreationTime": ["111152.969000", "111152.898000", "111152.971000", "111152.900000", "111152.973000", "111152.903000", "111152.975000", "111152.905000", "111152.977000", "111152.907000", "111152.979000", "111152.909000", "111152.981000", "111152.911000", "111152.983000", "111152.913000", "111152.985000", "111152.915000", "111152.987000", "111152.917000", "111152.989000", "111152.919000", "111152.991000", "111152.921000", "111152.993000", "111152.923000", "111152.995000", "111152.925000", "111152.997000", "111152.927000", "111152.998000", "111152.929000", "111153.001000", "111152.931000", "111153.003000", "111152.933000", "111153.005000", "111152.935000", "111153.007000", "111152.937000", "111153.009000", "111152.939000", "111153.011000", "111152.941000", "111153.012000", "111152.943000", "111153.014000", "111152.945000", "111153.016000", "111152.947000", "111153.018000", "111152.949000", "111153.020000", "111152.951000", "111153.022000", "111152.952000", "111153.024000", "111152.954000", "111153.026000", "111152.956000", "111153.028000", "111152.958000", "111153.030000", "111152.960000", "111153.032000", "111152.962000", "111153.034000", "111152.964000", "111153.036000", "111152.966000", "111153.038000", "111152.968000"], "InstanceNumber": [1, 2, 3, 4, 5, 6, 7, 8, 9, 10, 11, 12, 13, 14, 15, 16, 17, 18, 19, 20, 21, 22, 23, 24, 25, 26, 27, 28, 29, 30, 31, 32, 33, 34, 35, 36, 37, 38, 39, 40, 41, 42, 43, 44, 45, 46, 47, 48, 49, 50, 51, 52, 53, 54, 55, 56, 57, 58, 59, 60, 61, 62, 63, 64, 65, 66, 67, 68, 69, 70, 71, 72], "LargestImagePixelValue": [4094, 4093, 4095, 4095, 4095, 4095, 4095, 4095, 4093, 4094, 4095, 4095, 4095, 4094, 4093, 4095, 4094, 4094, 4094, 4094, 4094, 4093, 4094, 4094, 4093, 4095, 4093, 4095, 4094, 4089, 4080, 4095, 4094, 4091, 4094, 4095, 4091, 4094, 4090, 4093, 4094, 4091, 4094, 4094, 4094, 4094, 4093, 4091, 4090, 4090, 4095, 4095, 4093, 4090, 4094, 4092, 4095, 4094, 4092, 4094, 4093, 4095, 4095, 4095, 4092, 4095, 4094, 4094, 4094, 4095, 4093, 4095], "SliceLocation": [-65.113106436853, -63.113103754886, -61.113104885733, -59.113102188788, -57.113103319636, -55.113104450483, -53.113105581331, -51.113102884386, -49.113104015233, -47.113105146081, -45.113102464114, -43.113103579984, -41.113104710831, -39.113105841679, -37.113103144734, -35.113104275581, -33.113105406429, -31.113104630869, -29.113103855309, -27.113104986157, -25.113104180641, -23.113103405081, -21.113104535929, -19.113103760369, -17.113104891217, -15.113104115657, -13.113104293301, -11.113104440989, -9.1131036654292, -7.1131038430731, -5.113104020717, -3.1131039600599, -1.1131040185533, 0.88689592295325, 2.8868960135659, 4.886896074223, 6.8868958965791, 8.8868957189352, 10.886895541291, 12.886896316851, 14.886896139207, 16.88689500836, 18.886895813875, 20.886896589435, 22.886895458587, 24.886896234147, 26.8868951033, 28.88689587886, 30.886896654419, 32.886895553527, 34.88689442268, 36.886897104647, 38.886895973799, 40.886894842952, 42.886897524919, 44.886896394072, 46.88689529318, 48.886894162332, 50.886896844299, 52.886895713452, 54.886894582604, 56.886897264571, 58.886896133724, 60.886895002876, 62.886897714799, 64.886892771137, 66.886895453104, 68.886898135071, 70.886893191409, 72.886895873376, 74.886898555343, 76.886893641636], "SmallestImagePixelValue": [1, 0, 0, 0, 0, 0, 0, 1, 0, 0, 0, 0, 0, 0, 0, 0, 0, 1, 0, 4, 5, 1, 0, 0, 0, 0, 0, 6, 6, 2, 0, 2, 1, 7, 5, 1, 2, 0, 5, 3, 3, 1, 2, 14, 2, 2, 5, 1, 4, 1, 6, 4, 0, 8, 0, 3, 1, 1, 0, 0, 2, 0, 0, 2, 3, 2, 1, 0, 0, 0, 1, 0], "WindowCenter": [-254.0, -220.0, -236.0, -278.0, -244.0, -206.0, -190.0, -132.0, -136.0, -148.0, -144.0, -128.0, -134.0, -96.0, -50.0, -94.0, -188.0, -270.0, -294.0, -280.0, -258.0, -252.0, -262.0, -240.0, -192.0, -150.0, -142.0, -100.0, -104.0, -118.0, -132.0, -174.0, -192.0, -204.0, -192.0, -160.0, -142.0, -134.0, -130.0, -110.0, -124.0, -166.0, -118.0, -190.0, -50.0, -168.0, -180.0, -168.0, -186.0, -200.0, -204.0, -228.0, -248.0, -258.0, -280.0, -280.0, -302.0, -300.0, -300.0, -310.0, -286.0, -306.0, -314.0, -214.0, -190.0, -192.0, -210.0, -256.0, -312.0, -324.0, -258.0, -280.0], "WindowWidth": [6042.0, 6098.0, 6142.0, 6130.0, 6240.0, 6332.0, 6368.0, 6410.0, 6422.0, 6414.0, 6418.0, 6442.0, 6480.0, 6408.0, 6466.0, 6396.0, 6326.0, 6244.0, 6222.0, 6184.0, 6118.0, 6070.0, 5910.0, 5880.0, 5810.0, 5796.0, 5720.0, 5768.0, 5712.0, 5662.0, 5542.0, 5462.0, 5486.0, 5460.0, 5324.0, 5362.0, 5394.0, 5370.0, 5346.0, 5210.0, 5076.0, 4722.0, 4788.0, 4544.0, 5008.0, 4536.0, 4540.0, 4526.0, 4540.0, 4544.0, 4542.0, 4562.0, 4578.0, 4578.0, 4602.0, 4604.0, 4646.0, 4662.0, 4684.0, 4696.0, 4696.0, 4718.0, 4766.0, 5416.0, 5568.0, 5688.0, 5784.0, 5938.0, 6016.0, 6178.0, 6256.0, 6486.0]}}, "IntendedFor": ["ses-action01/func/sub-29_ses-action01_task-action_run-01_bold.nii.gz", "ses-action01/func/sub-29_ses-action01_task-action_run-11_bold.nii.gz", "ses-action01/func/sub-29_ses-action01_task-action_run-03_bold.nii.gz", "ses-action01/func/sub-29_ses-action01_task-action_run-05_bold.nii.gz", "ses-action01/func/sub-29_ses-action01_task-action_run-08_bold.nii.gz", "ses-action01/func/sub-29_ses-action01_task-action_run-07_bold.nii.gz", "ses-action01/func/sub-29_ses-action01_task-action_run-04_bold.nii.gz", "ses-action01/func/sub-29_ses-action01_task-action_run-06_bold.nii.gz", "ses-action01/func/sub-29_ses-action01_task-action_run-09_bold.nii.gz", "ses-action01/func/sub-29_ses-action01_task-action_run-10_bold.nii.gz", "ses-action01/func/sub-29_ses-action01_task-action_run-02_bold.nii.gz", "ses-action01/func/sub-29_ses-action01_task-action_run-12_bold.nii.gz"]}