{"AcquisitionMatrixPE": 100, "AcquisitionNumber": 1, "AcquisitionTime": "11:42:29.795000", "BaseResolution": 100, "BodyPartExamined": "BRAIN", "CoilCombinationMethod": "Sum of Squares", "ConsistencyInfo": "N4_VE11C_LATEST_20160120", "ConversionSoftware": "dcm2niix", "ConversionSoftwareVersion": "v1.0.20211006", "DeviceSerialNumber": "166078", "DwellTime": 8.8e-06, "EchoNumber": 2, "EchoTime": 0.00738, "EchoTime1": 0.00492, "EchoTime2": 0.00738, "FlipAngle": 60, "ImageOrientationPatientDICOM": [0.999194, 0.00710673, 0.0394975, -7.4053e-11, 0.984196, -0.177085], "ImageOrientationText": "Tra>Cor(-10.2)>Sag(2.3)", "ImageType": ["ORIGINAL", "PRIMARY", "P", "ND", "PHASE"], "ImagingFrequency": 123.258, "InPlanePhaseEncodingDirectionDICOM": "ROW", "InstitutionAddress": "Street StreetNo,Bei Jing,District,CN,ZIP", "InstitutionName": "BeiJing Normal University", "InstitutionalDepartmentName": "Department", "MRAcquisitionType": "2D", "MagneticFieldStrength": 3, "Manufacturer": "Siemens", "ManufacturersModelName": "Prisma", "MatrixCoilMode": "SENSE", "Modality": "MR", "PartialFourier": 1, "PatientPosition": "HFS", "PercentPhaseFOV": 100, "PercentSampling": 100, "PhaseEncodingDirection": "i", "PhaseEncodingSteps": 100, "PhaseResolution": 1, "PixelBandwidth": 570, "ProcedureStepDescription": "BNU_P2018_64CH^Zhen.ZongLei", "ProtocolName": "field_mapping_2x2x2", "PulseSequenceDetails": "%SiemensSeq%\\gre_field_mapping", "ReceiveCoilActiveElements": "HC1-7;NC1", "ReceiveCoilName": "HeadNeck_64", "ReconMatrixPE": 100, "RepetitionTime": 0.72, "SAR": 0.122902, "ScanningSequence": "GR", "SequenceName": "*fm2d2r", "SequenceVariant": "SP", "SeriesDescription": "field_mapping_2x2x2", "SeriesNumber": 10, "ShimSetting": [-5435, -11499, -1211, 492, 25, -200, -138, 21], "SliceThickness": 2, "SliceTiming": [0.35938, 0, 0.36719, 0.00781, 0.375, 0.01562, 0.39062, 0.03125, 0.39844, 0.03906, 0.40625, 0.04688, 0.41406, 0.05469, 0.42969, 0.07031, 0.4375, 0.07812, 0.44531, 0.08594, 0.46094, 0.09375, 0.46875, 0.10938, 0.47656, 0.11719, 0.48438, 0.125, 0.5, 0.14062, 0.50781, 0.14844, 0.51562, 0.15625, 0.53125, 0.16406, 0.53906, 0.17969, 0.54688, 0.1875, 0.55469, 0.19531, 0.57031, 0.21094, 0.57812, 0.21875, 0.58594, 0.22656, 0.59375, 0.23438, 0.60938, 0.25, 0.61719, 0.25781, 0.625, 0.26562, 0.64062, 0.28125, 0.64844, 0.28906, 0.65625, 0.29688, 0.66406, 0.30469, 0.67969, 0.32031, 0.6875, 0.32812, 0.69531, 0.33594, 0.71094, 0.34375], "SoftwareVersions": "syngo MR E11", "SpacingBetweenSlices": 2, "StationName": "AWP166078", "TxRefAmp": 239.774, "dcmmeta_affine": [[-1.9983887672424316, -1.4810599968662075e-10, 0.08026361465454102, 99.78194427490234], [-0.014213455840945244, 1.9683911800384521, -0.3538837432861328, -81.57477569580078], [0.07899507135152817, 0.35416948795318604, 1.9668045043945312, -79.05692291259766], [0.0, 0.0, 0.0, 1.0]], "dcmmeta_reorient_transform": [[0.0, -1.0, 0.0, 99.0], [1.0, 0.0, 0.0, 0.0], [0.0, 0.0, -1.0, 71.0], [0.0, 0.0, 0.0, 1.0]], "dcmmeta_shape": [100, 100, 72], "dcmmeta_slice_dim": 2, "dcmmeta_version": 0.6, "global": {"const": {"AcquisitionMatrix": [0, 100, 100, 0], "AcquisitionNumber": 1, "AngioFlag": "N", "BitsAllocated": 16, "BitsStored": 12, "BodyPartExamined": "BRAIN", "Columns": 100, "EchoNumbers": 2, "EchoTime": 7.38, "EchoTrainLength": 0, "FlipAngle": 60.0, "HighBit": 11, "ImageOrientationPatient": [0.99919439508903, 0.00710672811119, 0.03949753458406, -7.4053e-11, 0.984195608565, -0.1770847370085], "ImageType": ["ORIGINAL", "PRIMARY", "P", "ND"], "ImagedNucleus": "1H", "ImagingFrequency": 123.257707, "InPlanePhaseEncodingDirection": "ROW", "MRAcquisitionType": "2D", "MagneticFieldStrength": 3.0, "Manufacturer": "SIEMENS", "ManufacturerModelName": "Prisma", "Modality": "MR", "NumberOfAverages": 1.0, "NumberOfPhaseEncodingSteps": 100, "PercentPhaseFieldOfView": 100.0, "PercentSampling": 100.0, "PerformedProcedureStepStartTime": "105552.209000", "PhotometricInterpretation": "MONOCHROME2", "PixelBandwidth": 570.0, "PixelRepresentation": 0, "PixelSpacing": [2.0, 2.0], "ProtocolName": "field_mapping_2x2x2", "RepetitionTime": 720.0, "RescaleIntercept": -4096.0, "RescaleSlope": 2.0, "RescaleType": "US", "Rows": 100, "SAR": 0.12290169287817, "SamplesPerPixel": 1, "ScanningSequence": "GR", "SequenceName": "*fm2d2r", "SequenceVariant": "SP", "SeriesDescription": "field_mapping_2x2x2", "SeriesNumber": 10, "SeriesTime": "114454.646000", "SliceThickness": 2.0, "SoftwareVersions": "syngo MR E11", "SpacingBetweenSlices": 2.0, "SpecificCharacterSet": "ISO_IR 100", "StudyID": "1", "StudyTime": "105552.099000", "TransmitCoilName": "Body", "VariableFlipAngleFlag": "N", "WindowCenterWidthExplanation": "Algo1", "dBdt": 0.0}, "slices": {"AcquisitionTime": ["114229.795000", "114229.435000", "114229.805000", "114229.445000", "114229.815000", "114229.455000", "114229.825000", "114229.465000", "114229.835000", "114229.475000", "114229.845000", "114229.485000", "114229.855000", "114229.495000", "114229.865000", "114229.505000", "114229.875000", "114229.515000", "114229.885000", "114229.525000", "114229.895000", "114229.535000", "114229.905000", "114229.545000", "114229.915000", "114229.555000", "114229.925000", "114229.565000", "114229.935000", "114229.575000", "114229.945000", "114229.585000", "114229.955000", "114229.595000", "114229.965000", "114229.605000", "114229.975000", "114229.615000", "114229.985000", "114229.625000", "114229.995000", "114229.635000", "114230.005000", "114229.645000", "114230.015000", "114229.655000", "114230.025000", "114229.665000", "114230.035000", "114229.675000", "114230.045000", "114229.685000", "114230.055000", "114229.695000", "114230.065000", "114229.705000", "114230.075000", "114229.715000", "114230.085000", "114229.725000", "114230.095000", "114229.735000", "114230.105000", "114229.745000", "114230.115000", "114229.755000", "114230.125000", "114229.765000", "114230.135000", "114229.775000", "114230.145000", "114229.785000"], "ContentTime": ["114454.721000", "114454.651000", "114454.728000", "114454.654000", "114454.730000", "114454.655000", "114454.732000", "114454.657000", "114454.734000", "114454.659000", "114454.736000", "114454.661000", "114454.738000", "114454.663000", "114454.740000", "114454.665000", "114454.742000", "114454.667000", "114454.744000", "114454.669000", "114454.746000", "114454.671000", "114454.748000", "114454.673000", "114454.750000", "114454.675000", "114454.752000", "114454.676000", "114454.754000", "114454.678000", "114454.756000", "114454.680000", "114454.758000", "114454.682000", "114454.760000", "114454.684000", "114454.762000", "114454.686000", "114454.763000", "114454.688000", "114454.765000", "114454.690000", "114454.767000", "114454.691000", "114454.770000", "114454.693000", "114454.772000", "114454.695000", "114454.773000", "114454.697000", "114454.775000", "114454.699000", "114454.777000", "114454.701000", "114454.779000", "114454.703000", "114454.781000", "114454.705000", "114454.783000", "114454.707000", "114454.785000", "114454.709000", "114454.787000", "114454.711000", "114454.788000", "114454.713000", "114454.791000", "114454.715000", "114454.793000", "114454.717000", "114454.795000", "114454.719000"], "CsaImage.GSWDDataType": ["measured", "predicted", "measured", "predicted", "measured", "predicted", "measured", "predicted", "measured", "predicted", "measured", "predicted", "measured", "predicted", "measured", "predicted", "measured", "predicted", "measured", "predicted", "measured", "predicted", "measured", "predicted", "measured", "predicted", "measured", "predicted", "measured", "predicted", "measured", "predicted", "measured", "predicted", "measured", "predicted", "measured", "predicted", "measured", "predicted", "measured", "predicted", "measured", "predicted", "measured", "predicted", "measured", "predicted", "measured", "predicted", "measured", "predicted", "measured", "predicted", "measured", "predicted", "measured", "predicted", "measured", "predicted", "measured", "predicted", "measured", "predicted", "measured", "measured", "measured", "measured", "measured", "measured", "measured", "measured"], "CsaImage.ICE_Dims": ["X_2_1_1_1_1_1_37_1_1_1_1_69", "X_2_1_1_1_1_1_1_1_1_2_1_69", "X_2_1_1_1_1_1_38_1_1_3_1_69", "X_2_1_1_1_1_1_2_1_1_4_1_69", "X_2_1_1_1_1_1_39_1_1_5_1_69", "X_2_1_1_1_1_1_3_1_1_6_1_69", "X_2_1_1_1_1_1_40_1_1_7_1_69", "X_2_1_1_1_1_1_4_1_1_8_1_69", "X_2_1_1_1_1_1_41_1_1_9_1_69", "X_2_1_1_1_1_1_5_1_1_10_1_69", "X_2_1_1_1_1_1_42_1_1_11_1_69", "X_2_1_1_1_1_1_6_1_1_12_1_69", "X_2_1_1_1_1_1_43_1_1_13_1_69", "X_2_1_1_1_1_1_7_1_1_14_1_69", "X_2_1_1_1_1_1_44_1_1_15_1_69", "X_2_1_1_1_1_1_8_1_1_16_1_69", "X_2_1_1_1_1_1_45_1_1_17_1_69", "X_2_1_1_1_1_1_9_1_1_18_1_69", "X_2_1_1_1_1_1_46_1_1_19_1_69", "X_2_1_1_1_1_1_10_1_1_20_1_69", "X_2_1_1_1_1_1_47_1_1_21_1_69", "X_2_1_1_1_1_1_11_1_1_22_1_69", "X_2_1_1_1_1_1_48_1_1_23_1_69", "X_2_1_1_1_1_1_12_1_1_24_1_69", "X_2_1_1_1_1_1_49_1_1_25_1_69", "X_2_1_1_1_1_1_13_1_1_26_1_69", "X_2_1_1_1_1_1_50_1_1_27_1_69", "X_2_1_1_1_1_1_14_1_1_28_1_69", "X_2_1_1_1_1_1_51_1_1_29_1_69", "X_2_1_1_1_1_1_15_1_1_30_1_69", "X_2_1_1_1_1_1_52_1_1_31_1_69", "X_2_1_1_1_1_1_16_1_1_32_1_69", "X_2_1_1_1_1_1_53_1_1_33_1_69", "X_2_1_1_1_1_1_17_1_1_34_1_69", "X_2_1_1_1_1_1_54_1_1_35_1_69", "X_2_1_1_1_1_1_18_1_1_36_1_69", "X_2_1_1_1_1_1_55_1_1_37_1_69", "X_2_1_1_1_1_1_19_1_1_38_1_69", "X_2_1_1_1_1_1_56_1_1_39_1_69", "X_2_1_1_1_1_1_20_1_1_40_1_69", "X_2_1_1_1_1_1_57_1_1_41_1_69", "X_2_1_1_1_1_1_21_1_1_42_1_69", "X_2_1_1_1_1_1_58_1_1_43_1_69", "X_2_1_1_1_1_1_22_1_1_44_1_69", "X_2_1_1_1_1_1_59_1_1_45_1_69", "X_2_1_1_1_1_1_23_1_1_46_1_69", "X_2_1_1_1_1_1_60_1_1_47_1_69", "X_2_1_1_1_1_1_24_1_1_48_1_69", "X_2_1_1_1_1_1_61_1_1_49_1_69", "X_2_1_1_1_1_1_25_1_1_50_1_69", "X_2_1_1_1_1_1_62_1_1_51_1_69", "X_2_1_1_1_1_1_26_1_1_52_1_69", "X_2_1_1_1_1_1_63_1_1_53_1_69", "X_2_1_1_1_1_1_27_1_1_54_1_69", "X_2_1_1_1_1_1_64_1_1_55_1_69", "X_2_1_1_1_1_1_28_1_1_56_1_69", "X_2_1_1_1_1_1_65_1_1_57_1_69", "X_2_1_1_1_1_1_29_1_1_58_1_69", "X_2_1_1_1_1_1_66_1_1_59_1_69", "X_2_1_1_1_1_1_30_1_1_60_1_69", "X_2_1_1_1_1_1_67_1_1_61_1_69", "X_2_1_1_1_1_1_31_1_1_62_1_69", "X_2_1_1_1_1_1_68_1_1_63_1_69", "X_2_1_1_1_1_1_32_1_1_64_1_69", "X_2_1_1_1_1_1_69_1_1_65_1_69", "X_2_1_1_1_1_1_33_1_1_66_1_69", "X_2_1_1_1_1_1_70_1_1_67_1_69", "X_2_1_1_1_1_1_34_1_1_68_1_69", "X_2_1_1_1_1_1_71_1_1_69_1_69", "X_2_1_1_1_1_1_35_1_1_70_1_69", "X_2_1_1_1_1_1_72_1_1_71_1_69", "X_2_1_1_1_1_1_36_1_1_72_1_69"], "CsaImage.ProtocolSliceNumber": [0, 1, 2, 3, 4, 5, 6, 7, 8, 9, 10, 11, 12, 13, 14, 15, 16, 17, 18, 19, 20, 21, 22, 23, 24, 25, 26, 27, 28, 29, 30, 31, 32, 33, 34, 35, 36, 37, 38, 39, 40, 41, 42, 43, 44, 45, 46, 47, 48, 49, 50, 51, 52, 53, 54, 55, 56, 57, 58, 59, 60, 61, 62, 63, 64, 65, 66, 67, 68, 69, 70, 71], "CsaImage.RFSWDDataType": ["measured", "predicted", "measured", "predicted", "measured", "predicted", "measured", "predicted", "measured", "predicted", "measured", "predicted", "measured", "predicted", "measured", "predicted", "measured", "predicted", "measured", "predicted", "measured", "predicted", "measured", "predicted", "measured", "predicted", "measured", "predicted", "measured", "predicted", "measured", "predicted", "measured", "predicted", "measured", "predicted", "measured", "predicted", "measured", "predicted", "measured", "predicted", "measured", "predicted", "measured", "predicted", "measured", "predicted", "measured", "predicted", "measured", "predicted", "measured", "predicted", "measured", "predicted", "measured", "predicted", "measured", "predicted", "measured", "measured", "measured", "measured", "measured", "measured", "measured", "measured", "measured", "measured", "measured", "measured"], "CsaImage.SlicePosition_PCS": [[-99.78194664, -113.29598608, -43.99421707], [-99.86221022, -112.94210138, -42.02741257], [-99.94247381, -112.58821764, -40.06060425], [-100.02273739, -112.23433294, -38.09379975], [-100.10300098, -111.8804492, -36.12699524], [-100.18326456, -111.5265645, -34.16019074], [-100.26352815, -111.17268076, -32.19338242], [-100.34379173, -110.81879701, -30.22657791], [-100.42405534, -110.46491232, -28.25977341], [-100.5043189, -110.11102857, -26.29296891], [-100.58458251, -109.75714388, -24.32616059], [-100.66484607, -109.40326013, -22.35935608], [-100.74510968, -109.04937544, -20.39255158], [-100.82537324, -108.69549169, -18.42574707], [-100.90563685, -108.341607, -16.45894066], [-100.98590047, -107.98772325, -14.49213425], [-101.06616396, -107.63383951, -12.52532975], [-101.14642758, -107.27995481, -10.55852333], [-101.22669119, -106.92607059, -8.59171883], [-101.30695481, -106.57218685, -6.62491242], [-101.3872183, -106.21830263, -4.65810791], [-101.46748192, -105.86441841, -2.6913015], [-101.54774553, -105.51053419, -0.72449604], [-101.62800915, -105.15664997, 1.24230941], [-101.70827264, -104.80276575, 3.20911487], [-101.78853626, -104.44888153, 5.17592033], [-101.86879987, -104.09499731, 7.14272579], [-101.94906349, -103.74111357, 9.10953125], [-102.0293271, -103.38722935, 11.07633647], [-102.10959072, -103.03334513, 13.04314198], [-102.18985409, -102.67946091, 15.0099475], [-102.27011771, -102.32557669, 16.97675284], [-102.35038132, -101.97169247, 18.94355854], [-102.43064494, -101.61780848, 20.910364], [-102.51090855, -101.26392426, 22.87716945], [-102.59117217, -100.91004004, 24.84397491], [-102.67143578, -100.55615594, 26.81078037], [-102.75169939, -100.20227172, 28.77758583], [-102.83196277, -99.84838762, 30.74439033], [-102.91222639, -99.49450346, 32.71119674], [-102.99249, -99.1406193, 34.67800125], [-103.07275362, -98.78673514, 36.64480766], [-103.15301723, -98.43285098, 38.61161216], [-103.23328084, -98.07896676, 40.57841858], [-103.31354446, -97.72508266, 42.54522499], [-103.39380807, -97.37119844, 44.51202949], [-103.47407145, -97.01731434, 46.4788359], [-103.55433506, -96.66343012, 48.44564041], [-103.63459868, -96.30954614, 50.41244491], [-103.71486229, -95.95566192, 52.37925323], [-103.79512591, -95.60177769, 54.34605774], [-103.87538952, -95.24789347, 56.31286224], [-103.9556529, -94.89400949, 58.27966675], [-104.03591651, -94.54012527, 60.24647506], [-104.11618013, -94.18624105, 62.21327957], [-104.19644374, -93.83235683, 64.18008407], [-104.27670736, -93.47847261, 66.14688858], [-104.35697097, -93.12458839, 68.1136969], [-104.43723459, -92.77070465, 70.0805014], [-104.5174982, -92.41682043, 72.04730591], [-104.59776182, -92.06293621, 74.01411041], [-104.67802543, -91.70905199, 75.98091873], [-104.75828905, -91.35516777, 77.94772323], [-104.83855266, -91.00128355, 79.91452774], [-104.91881628, -90.64739981, 81.88133224], [-104.99907989, -90.29351511, 83.84813675], [-105.07934303, -89.93963137, 85.81494125], [-105.15960664, -89.58574667, 87.78175338], [-105.23987026, -89.23186292, 89.74855789], [-105.32013387, -88.87797823, 91.71536239], [-105.40039749, -88.52409448, 93.6821669], [-105.4806611, -88.17021074, 95.6489714]], "CsaImage.TimeAfterStart": [1.0825, 0.7225, 1.0925, 0.7325, 1.1025, 0.7425, 1.1125, 0.7525, 1.1225, 0.7625, 1.1325, 0.7725, 1.1425, 0.7825, 1.1525, 0.7925, 1.1625, 0.8025, 1.1725, 0.8125, 1.1825, 0.8225, 1.1925, 0.8325, 1.2025, 0.8425, 1.2125, 0.8525, 1.2225, 0.8625, 1.2325, 0.8725, 1.2425, 0.8825, 1.2525, 0.8925, 1.2625, 0.9025, 1.2725, 0.9125, 1.2825, 0.9225, 1.2925, 0.9325, 1.3025, 0.9425, 1.3125, 0.9525, 1.3225, 0.9625, 1.3325, 0.9725, 1.3425, 0.9825, 1.3525, 0.9925, 1.3625, 1.0025, 1.3725, 1.0125, 1.3825, 1.0225, 1.3925, 1.0325, 1.4025, 1.0425, 1.4125, 1.0525, 1.4225, 1.0625, 1.4325, 1.0725], "ImagePositionPatient": [[-99.781946636174, -113.29598607851, -43.994217074448], [-99.862210224751, -112.94210138155, -42.027412570054], [-99.942473809603, -112.58821763826, -40.060604250962], [-100.02273739073, -112.2343329413, -38.093799746567], [-100.10300097558, -111.88044919801, -36.126995242173], [-100.18326456043, -111.52656450105, -34.160190737778], [-100.26352814529, -111.17268075777, -32.193382418686], [-100.34379173014, -110.81879701448, -30.226577914292], [-100.42405534479, -110.46491231752, -28.259773409897], [-100.50431889984, -110.11102857424, -26.292968905503], [-100.5845825145, -109.75714387727, -24.326160586411], [-100.66484606955, -109.40326013399, -22.359356082016], [-100.7451096842, -109.04937543703, -20.392551577622], [-100.82537323925, -108.69549169374, -18.425747073227], [-100.90563685391, -108.34160699678, -16.458940661484], [-100.98590046856, -107.9877232535, -14.492134249741], [-101.06616396401, -107.63383951021, -12.525329745347], [-101.14642757866, -107.27995481325, -10.558523333603], [-101.22669119332, -106.92607059313, -8.5917188292089], [-101.30695480797, -106.57218684984, -6.6249124174657], [-101.38721830342, -106.21830262972, -4.6581079130712], [-101.46748191807, -105.86441840959, -2.691301501328], [-101.54774553272, -105.51053418947, -0.7244960432592], [-101.62800914738, -105.15664996935, 1.2423094148097], [-101.70827264282, -104.80276574922, 3.2091148728785], [-101.78853625748, -104.4488815291, 5.1759203309474], [-101.86879987213, -104.09499730898, 7.1427257890162], [-101.94906348679, -103.74111356569, 9.1095312470851], [-102.02932710144, -103.38722934557, 11.076336466735], [-102.1095907161, -103.03334512544, 13.043141984409], [-102.18985409233, -102.67946090532, 15.009947502082], [-102.27011770699, -102.3255766852, 16.976752840942], [-102.35038132164, -101.97169246507, 18.943558537429], [-102.4306449363, -101.61780848337, 20.910363995498], [-102.51090855095, -101.26392426325, 22.877169453567], [-102.59117216561, -100.91004004312, 24.843974911636], [-102.67143578026, -100.55615594221, 26.810780369705], [-102.75169939492, -100.20227172209, 28.777585827774], [-102.83196277115, -99.848387621171, 30.744390332168], [-102.91222638581, -99.494503460652, 32.711196743911], [-102.99249000046, -99.14061929734, 34.678001248306], [-103.07275361511, -98.786735139615, 36.644807660049], [-103.15301722977, -98.432850979096, 38.611612164443], [-103.23328084442, -98.078966758973, 40.578418576187], [-103.31354445908, -97.725082658059, 42.54522498793], [-103.39380807373, -97.371198437936, 44.512029492324], [-103.47407144997, -97.017314337022, 46.478835904067], [-103.55433506462, -96.663430116899, 48.445640408462], [-103.63459867928, -96.309546135194, 50.412444912857], [-103.71486229393, -95.955661915071, 52.379253231948], [-103.79512590859, -95.601777694947, 54.346057736343], [-103.87538952324, -95.247893474824, 56.312862240737], [-103.95565289948, -94.894009493119, 58.279666745132], [-104.03591651413, -94.540125272996, 60.246475064224], [-104.11618012879, -94.186241052873, 62.213279568618], [-104.19644374344, -93.832356832749, 64.180084073013], [-104.2767073581, -93.478472612626, 66.146888577407], [-104.35697097275, -93.124588392503, 68.113696896499], [-104.4372345874, -92.770704649217, 70.080501400894], [-104.51749820206, -92.416820429093, 72.047305905288], [-104.59776181671, -92.06293620897, 74.014110409683], [-104.67802543137, -91.709051988847, 75.980918728775], [-104.75828904602, -91.355167768724, 77.947723233169], [-104.83855266068, -91.0012835486, 79.914527737564], [-104.91881627533, -90.647399805314, 81.881332241958], [-104.99907988999, -90.293515108354, 83.848136746353], [-105.0793430278, -89.939631365068, 85.814941250747], [-105.15960664246, -89.585746668107, 87.781753384536], [-105.23987025711, -89.231862924821, 89.748557888931], [-105.32013387177, -88.87797822786, 91.715362393325], [-105.40039748642, -88.524094484574, 93.68216689772], [-105.48066110108, -88.170210741288, 95.648971402114]], "InstanceCreationTime": ["114454.721000", "114454.651000", "114454.728000", "114454.654000", "114454.730000", "114454.655000", "114454.732000", "114454.657000", "114454.734000", "114454.659000", "114454.736000", "114454.661000", "114454.738000", "114454.663000", "114454.740000", "114454.665000", "114454.742000", "114454.667000", "114454.744000", "114454.669000", "114454.746000", "114454.671000", "114454.748000", "114454.673000", "114454.750000", "114454.675000", "114454.752000", "114454.676000", "114454.754000", "114454.678000", "114454.756000", "114454.680000", "114454.758000", "114454.682000", "114454.760000", "114454.684000", "114454.762000", "114454.686000", "114454.763000", "114454.688000", "114454.765000", "114454.690000", "114454.767000", "114454.691000", "114454.770000", "114454.693000", "114454.772000", "114454.695000", "114454.773000", "114454.697000", "114454.775000", "114454.699000", "114454.777000", "114454.701000", "114454.779000", "114454.703000", "114454.781000", "114454.705000", "114454.783000", "114454.707000", "114454.785000", "114454.709000", "114454.787000", "114454.711000", "114454.788000", "114454.713000", "114454.791000", "114454.715000", "114454.793000", "114454.717000", "114454.795000", "114454.719000"], "InstanceNumber": [1, 2, 3, 4, 5, 6, 7, 8, 9, 10, 11, 12, 13, 14, 15, 16, 17, 18, 19, 20, 21, 22, 23, 24, 25, 26, 27, 28, 29, 30, 31, 32, 33, 34, 35, 36, 37, 38, 39, 40, 41, 42, 43, 44, 45, 46, 47, 48, 49, 50, 51, 52, 53, 54, 55, 56, 57, 58, 59, 60, 61, 62, 63, 64, 65, 66, 67, 68, 69, 70, 71, 72], "LargestImagePixelValue": [4094, 4093, 4092, 4095, 4093, 4093, 4094, 4095, 4094, 4092, 4095, 4094, 4094, 4094, 4084, 4091, 4093, 4092, 4094, 4093, 4094, 4092, 4093, 4089, 4090, 4084, 4094, 4080, 4081, 4088, 4090, 4087, 4078, 4088, 4091, 4062, 4083, 4053, 4089, 4083, 4091, 4086, 4092, 4083, 4089, 4093, 4091, 4091, 4089, 4087, 4093, 4081, 4094, 4093, 4093, 4093, 4094, 4093, 4095, 4092, 4094, 4095, 4094, 4095, 4094, 4095, 4094, 4094, 4094, 4094, 4095, 4093], "SliceLocation": [-59.306432039461, -57.306432894236, -55.306430166522, -53.306431021596, -51.306432045266, -49.306432900191, -47.306430172477, -45.306431196147, -43.306432049875, -41.306433074741, -39.306430177086, -37.306431201952, -35.30643205568, -33.306433080546, -31.306432058583, -29.306431205365, -27.306432232622, -25.306431210659, -23.30643214876, -21.306431295542, -19.306432238427, -17.306431300837, -15.306431301092, -13.306431301347, -11.306431306386, -9.3064313066416, -7.3064313068968, -5.3064313915246, -3.3064316262413, -1.3064315678812, 0.69356848091078, 2.6935683634248, 4.6935685976311, 6.6935685551896, 8.6935685549343, 10.693568554679, 12.693568533331, 14.693568533076, 16.693567564313, 18.693568491357, 20.693567543204, 22.693568469754, 24.693567521106, 26.693568458697, 28.693569375194, 30.693568437093, 32.693569344022, 34.693568405921, 36.693567425634, 38.693570238916, 40.693569300815, 42.693568362714, 44.693567372858, 46.693570186141, 48.69356924804, 50.693568309939, 52.693567371837, 54.69357018512, 56.693569162646, 58.693568224545, 60.693567286444, 62.693570099727, 64.693569161625, 66.693568223524, 68.693567201051, 70.693566347322, 72.693565305712, 74.693571954751, 76.693570932277, 78.693570078548, 80.693569056075, 82.693568033601], "SmallestImagePixelValue": [0, 0, 0, 0, 1, 0, 0, 0, 0, 3, 0, 2, 8, 0, 1, 8, 11, 7, 0, 0, 1, 0, 17, 2, 13, 4, 3, 10, 4, 0, 2, 4, 6, 3, 0, 5, 1, 11, 11, 9, 21, 5, 7, 0, 6, 15, 5, 14, 9, 0, 0, 4, 6, 4, 0, 1, 1, 0, 1, 3, 0, 0, 1, 0, 0, 1, 0, 0, 0, 0, 0, 0], "WindowCenter": [-334.0, -326.0, -348.0, -308.0, -276.0, -188.0, -154.0, -162.0, -148.0, -142.0, -164.0, -160.0, -172.0, -174.0, -206.0, -224.0, -208.0, -186.0, -166.0, -150.0, -124.0, -100.0, -60.0, -112.0, -110.0, -122.0, -116.0, -106.0, -136.0, -102.0, -120.0, -58.0, -76.0, -86.0, -96.0, -128.0, -126.0, -104.0, -94.0, -78.0, -86.0, -200.0, -198.0, -192.0, -198.0, -92.0, -64.0, -62.0, -194.0, -196.0, -182.0, -202.0, -200.0, -208.0, -208.0, -236.0, -246.0, -134.0, -116.0, -152.0, -156.0, -190.0, -200.0, -222.0, -250.0, -276.0, -308.0, -276.0, -284.0, -328.0, -290.0, -302.0], "WindowWidth": [5722.0, 5928.0, 5794.0, 5902.0, 5948.0, 6040.0, 6056.0, 6082.0, 6088.0, 6044.0, 5966.0, 5970.0, 5892.0, 5838.0, 5684.0, 5604.0, 5554.0, 5560.0, 5492.0, 5398.0, 5354.0, 5508.0, 5580.0, 5540.0, 5386.0, 5314.0, 5238.0, 5192.0, 5026.0, 5256.0, 5060.0, 5352.0, 5234.0, 5212.0, 5136.0, 4958.0, 4958.0, 5034.0, 5032.0, 5126.0, 5046.0, 4552.0, 4550.0, 4548.0, 4556.0, 4954.0, 5046.0, 5076.0, 4572.0, 4578.0, 4580.0, 4596.0, 4608.0, 4626.0, 4640.0, 4672.0, 4694.0, 5352.0, 5568.0, 5540.0, 5588.0, 5586.0, 5752.0, 5746.0, 5812.0, 5906.0, 5978.0, 6050.0, 6146.0, 6176.0, 6260.0, 6388.0]}}, "IntendedFor": ["ses-action01/func/sub-28_ses-action01_task-action_run-05_bold.nii.gz", "ses-action01/func/sub-28_ses-action01_task-action_run-08_bold.nii.gz", "ses-action01/func/sub-28_ses-action01_task-action_run-07_bold.nii.gz", "ses-action01/func/sub-28_ses-action01_task-action_run-01_bold.nii.gz", "ses-action01/func/sub-28_ses-action01_task-action_run-11_bold.nii.gz", "ses-action01/func/sub-28_ses-action01_task-action_run-03_bold.nii.gz", "ses-action01/func/sub-28_ses-action01_task-action_run-10_bold.nii.gz", "ses-action01/func/sub-28_ses-action01_task-action_run-02_bold.nii.gz", "ses-action01/func/sub-28_ses-action01_task-action_run-12_bold.nii.gz", "ses-action01/func/sub-28_ses-action01_task-action_run-04_bold.nii.gz", "ses-action01/func/sub-28_ses-action01_task-action_run-06_bold.nii.gz", "ses-action01/func/sub-28_ses-action01_task-action_run-09_bold.nii.gz"]}