{
  "AcquisitionMatrixPE": 100,
  "AcquisitionNumber": 1,
  "AcquisitionTime": "13:38:32.397500",
  "BandwidthPerPixelPhaseEncode": 18.519,
  "BaseResolution": 100,
  "BodyPartExamined": "BRAIN",
  "CoilCombinationMethod": "Sum of Squares",
  "ConsistencyInfo": "N4_VE11C_LATEST_20160120",
  "ConversionSoftware": "dcm2niix",
  "ConversionSoftwareVersion": "v1.0.20211006",
  "DerivedVendorReportedEchoSpacing": 0.000539986,
  "DeviceSerialNumber": "166078",
  "DwellTime": 2.1e-06,
  "EchoTime": 0.034,
  "EchoTrainLength": 100,
  "EffectiveEchoSpacing": 0.000539986,
  "FlipAngle": 90,
  "ImageOrientationPatientDICOM": [1, 4.36014e-05, 0.00027582, 7.18071e-08, 0.987695, -0.156394],
  "ImageOrientationText": "Tra>Cor(-9.0)>Sag(0.0)",
  "ImageType": [
    "ORIGINAL",
    "PRIMARY",
    "M",
    "ND",
    "MOSAIC"
],
  "ImagingFrequency": 123.258,
  "InPlanePhaseEncodingDirectionDICOM": "COL",
  "InstitutionAddress": "Street StreetNo,Bei Jing,District,CN,ZIP",
  "InstitutionName": "BeiJing Normal University",
  "InstitutionalDepartmentName": "Department",
  "MRAcquisitionType": "2D",
  "MagneticFieldStrength": 3,
  "Manufacturer": "Siemens",
  "ManufacturersModelName": "Prisma",
  "Modality": "MR",
  "MultibandAccelerationFactor": 3,
  "PartialFourier": 1,
  "PatientPosition": "HFS",
  "PercentPhaseFOV": 100,
  "PercentSampling": 100,
  "PhaseEncodingDirection": "j-",
  "PhaseEncodingSteps": 100,
  "PhaseResolution": 1,
  "PixelBandwidth": 2380,
  "ProcedureStepDescription": "BNU_P2018_64CH^Zhen.ZongLei",
  "ProtocolName": "bold_100x100_s3_2x2x2_static_156",
  "PulseSequenceDetails": "%SiemensSeq%\\ep2d_bold",
  "ReceiveCoilActiveElements": "HC1-7;NC1",
  "ReceiveCoilName": "HeadNeck_64",
  "ReconMatrixPE": 100,
  "RefLinesPE": 32,
  "RepetitionTime": 2,
  "SAR": 0.0633519,
  "ScanOptions": "FS",
  "ScanningSequence": "EP",
  "SequenceName": "*epfid2d1_100",
  "SequenceVariant": "SK",
  "SeriesDescription": "bold_100x100_s3_2x2x2_static_156",
  "SeriesNumber": 5,
  "ShimSetting": [-5467, -11506, -1245, 455, -62, -283, -102, 109],
  "SliceThickness": 2,
  "SliceTiming": [1.485, 0, 0.99, 0.0825, 1.0725, 0.165, 1.155, 0.2475, 1.2375, 0.33, 1.32, 0.4125, 1.4025, 0.5775, 1.5675, 0.66, 1.65, 0.7425, 1.7325, 0.825, 1.815, 0.9075, 1.8975, 0.495, 1.485, 0, 0.99, 0.0825, 1.0725, 0.165, 1.155, 0.2475, 1.2375, 0.33, 1.32, 0.4125, 1.4025, 0.5775, 1.5675, 0.66, 1.65, 0.7425, 1.7325, 0.825, 1.815, 0.9075, 1.8975, 0.495, 1.485, 0, 0.99, 0.0825, 1.0725, 0.165, 1.155, 0.2475, 1.2375, 0.33, 1.32, 0.4125, 1.4025, 0.5775, 1.5675, 0.66, 1.65, 0.7425, 1.7325, 0.825, 1.815, 0.9075, 1.8975, 0.495],
  "SoftwareVersions": "syngo MR E11",
  "SpacingBetweenSlices": 2,
  "StationName": "AWP166078",
  "TaskName": "action",
  "TotalReadoutTime": 0.0534586,
  "TxRefAmp": 214.139,
  "dcmmeta_affine": [
    [-1.9999998807907104, 1.436142866850787e-07, 0.0005584903992712498, 101.84530639648438],
    [-8.720281766727567e-05, 1.9753894805908203, -0.3127883970737457, -77.54387664794922],
    [0.0005516405217349529, 0.3127884268760681, 1.9753893613815308, -78.04408264160156],
    [0.0, 0.0, 0.0, 1.0]
],
  "dcmmeta_reorient_transform": [
    [0.0, -1.0, 0.0, 99.0],
    [1.0, 0.0, 0.0, 0.0],
    [0.0, 0.0, 1.0, 0.0],
    [0.0, 0.0, 0.0, 1.0]
],
  "dcmmeta_shape": [100, 100, 72, 156],
  "dcmmeta_slice_dim": 2,
  "dcmmeta_version": 0.6,
  "global": {
    "const": {
      "AcquisitionMatrix": [100, 0, 0, 100],
      "AngioFlag": "N",
      "BitsAllocated": 16,
      "BitsStored": 12,
      "BodyPartExamined": "BRAIN",
      "Columns": 900,
      "EchoNumbers": 1,
      "EchoTime": 34.0,
      "EchoTrainLength": 100,
      "FlipAngle": 90.0,
      "HighBit": 11,
      "ImageOrientationPatient": [0.99999996101105, 4.360140967e-05, 0.00027582024815, 7.180714e-08, 0.98769471595002, -0.1563942073237],
      "ImagePositionPatient": [-901.84534451592, -908.21032951105, 77.816679440989],
      "ImageType": [
        "ORIGINAL",
        "PRIMARY",
        "M",
        "ND",
        "MOSAIC"
],
      "ImagedNucleus": "1H",
      "ImagingFrequency": 123.257697,
      "InPlanePhaseEncodingDirection": "COL",
      "MRAcquisitionType": "2D",
      "MagneticFieldStrength": 3.0,
      "Manufacturer": "SIEMENS",
      "ManufacturerModelName": "Prisma",
      "Modality": "MR",
      "NumberOfAverages": 1.0,
      "NumberOfPhaseEncodingSteps": 100,
      "PercentPhaseFieldOfView": 100.0,
      "PercentSampling": 100.0,
      "PerformedProcedureStepStartTime": "132337.977000",
      "PhotometricInterpretation": "MONOCHROME2",
      "PixelBandwidth": 2380.0,
      "PixelRepresentation": 0,
      "PixelSpacing": [2.0, 2.0],
      "ProtocolName": "bold_100x100_s3_2x2x2_static_156",
      "RepetitionTime": 2000.0,
      "Rows": 900,
      "SAR": 0.06335191111307,
      "SamplesPerPixel": 1,
      "ScanOptions": "FS",
      "ScanningSequence": "EP",
      "SequenceName": "*epfid2d1_100",
      "SequenceVariant": "SK",
      "SeriesDescription": "bold_100x100_s3_2x2x2_static_156",
      "SeriesNumber": 5,
      "SeriesTime": "133834.485000",
      "SliceLocation": -64.927872955161,
      "SliceThickness": 2.0,
      "SmallestImagePixelValue": 0,
      "SoftwareVersions": "syngo MR E11",
      "SpacingBetweenSlices": 1.999999991508,
      "SpecificCharacterSet": "ISO_IR 100",
      "StudyID": "1",
      "StudyTime": "132337.914000",
      "TransmitCoilName": "Body",
      "VariableFlipAngleFlag": "N",
      "WindowCenterWidthExplanation": "Algo1",
      "dBdt": 0.0},
