{"AcquisitionMatrixPE": 100, "AcquisitionNumber": 1, "AcquisitionTime": "11:21:47.027500", "BaseResolution": 100, "BodyPartExamined": "BRAIN", "CoilCombinationMethod": "Sum of Squares", "ConsistencyInfo": "N4_VE11C_LATEST_20160120", "ConversionSoftware": "dcm2niix", "ConversionSoftwareVersion": "v1.0.20211006", "DeviceSerialNumber": "166078", "DwellTime": 8.8e-06, "EchoNumber": 1, "EchoTime": 0.00492, "FlipAngle": 60, "ImageOrientationPatientDICOM": [0.997108, 0.0277803, 0.0707351, 9.80961e-10, 0.930789, -0.365556], "ImageOrientationText": "Tra>Cor(-21.4)>Sag(4.4)", "ImageType": ["ORIGINAL", "PRIMARY", "M", "ND"], "ImagingFrequency": 123.258, "InPlanePhaseEncodingDirectionDICOM": "ROW", "InstitutionAddress": "Street StreetNo,Bei Jing,District,CN,ZIP", "InstitutionName": "BeiJing Normal University", "InstitutionalDepartmentName": "Department", "MRAcquisitionType": "2D", "MagneticFieldStrength": 3, "Manufacturer": "Siemens", "ManufacturersModelName": "Prisma", "MatrixCoilMode": "SENSE", "Modality": "MR", "PartialFourier": 1, "PatientPosition": "HFS", "PercentPhaseFOV": 100, "PercentSampling": 100, "PhaseEncodingDirection": "i", "PhaseEncodingSteps": 100, "PhaseResolution": 1, "PixelBandwidth": 570, "ProcedureStepDescription": "BNU_P2018_64CH^Zhen.ZongLei", "ProtocolName": "field_mapping_2x2x2", "PulseSequenceDetails": "%SiemensSeq%\\gre_field_mapping", "ReceiveCoilActiveElements": "HC1-7;NC1", "ReceiveCoilName": "HeadNeck_64", "ReconMatrixPE": 100, "RepetitionTime": 0.72, "SAR": 0.11337, "ScanningSequence": "GR", "SequenceName": "*fm2d2r", "SequenceVariant": "SP", "SeriesDescription": "field_mapping_2x2x2", "SeriesNumber": 9, "ShimSetting": [-5432, -11478, -1241, 399, 62, -286, -155, 23], "SliceThickness": 2, "SliceTiming": [0.36719, 0, 0.375, 0.01562, 0.38281, 0.02344, 0.39062, 0.03125, 0.40625, 0.04688, 0.41406, 0.05469, 0.42188, 0.0625, 0.42969, 0.07031, 0.44531, 0.08594, 0.45312, 0.09375, 0.46094, 0.10156, 0.47656, 0.11719, 0.48438, 0.125, 0.49219, 0.13281, 0.5, 0.14062, 0.51562, 0.15625, 0.52344, 0.16406, 0.53125, 0.17188, 0.54688, 0.17969, 0.55469, 0.19531, 0.5625, 0.20312, 0.57031, 0.21094, 0.58594, 0.22656, 0.59375, 0.23438, 0.60156, 0.24219, 0.61719, 0.25, 0.625, 0.26562, 0.63281, 0.27344, 0.64062, 0.28125, 0.65625, 0.29688, 0.66406, 0.30469, 0.67188, 0.3125, 0.67969, 0.32031, 0.69531, 0.33594, 0.70312, 0.34375, 0.71094, 0.35156], "SoftwareVersions": "syngo MR E11", "SpacingBetweenSlices": 2, "StationName": "AWP166078", "TxRefAmp": 218.231, "IntendedFor": ["ses-action01/func/sub-15_ses-action01_task-action_run-07_bold.nii.gz", "ses-action01/func/sub-15_ses-action01_task-action_run-08_bold.nii.gz", "ses-action01/func/sub-15_ses-action01_task-action_run-05_bold.nii.gz", "ses-action01/func/sub-15_ses-action01_task-action_run-03_bold.nii.gz", "ses-action01/func/sub-15_ses-action01_task-action_run-11_bold.nii.gz", "ses-action01/func/sub-15_ses-action01_task-action_run-01_bold.nii.gz", "ses-action01/func/sub-15_ses-action01_task-action_run-12_bold.nii.gz", "ses-action01/func/sub-15_ses-action01_task-action_run-02_bold.nii.gz", "ses-action01/func/sub-15_ses-action01_task-action_run-10_bold.nii.gz", "ses-action01/func/sub-15_ses-action01_task-action_run-09_bold.nii.gz", "ses-action01/func/sub-15_ses-action01_task-action_run-06_bold.nii.gz", "ses-action01/func/sub-15_ses-action01_task-action_run-04_bold.nii.gz"]}