{"AcquisitionMatrixPE": 100, "AcquisitionNumber": 1, "AcquisitionTime": "12:06:40.475000", "BaseResolution": 100, "BodyPartExamined": "BRAIN", "CoilCombinationMethod": "Sum of Squares", "ConsistencyInfo": "N4_VE11C_LATEST_20160120", "ConversionSoftware": "dcm2niix", "ConversionSoftwareVersion": "v1.0.20211006", "DeviceSerialNumber": "166078", "DwellTime": 8.8e-06, "EchoNumber": 1, "EchoTime": 0.00492, "FlipAngle": 60, "ImageOrientationPatientDICOM": [0.997636, 0.0245746, 0.064172, -4.13169e-10, 0.933866, -0.357623], "ImageOrientationText": "Tra>Cor(-21.0)>Sag(3.9)", "ImageType": ["ORIGINAL", "PRIMARY", "M", "ND"], "ImagingFrequency": 123.258, "InPlanePhaseEncodingDirectionDICOM": "ROW", "InstitutionAddress": "Street StreetNo,Bei Jing,District,CN,ZIP", "InstitutionName": "BeiJing Normal University", "InstitutionalDepartmentName": "Department", "MRAcquisitionType": "2D", "MagneticFieldStrength": 3, "Manufacturer": "Siemens", "ManufacturersModelName": "Prisma", "MatrixCoilMode": "SENSE", "Modality": "MR", "PartialFourier": 1, "PatientPosition": "HFS", "PercentPhaseFOV": 100, "PercentSampling": 100, "PhaseEncodingDirection": "i", "PhaseEncodingSteps": 100, "PhaseResolution": 1, "PixelBandwidth": 570, "ProcedureStepDescription": "BNU_P2018_64CH^Zhen.ZongLei", "ProtocolName": "field_mapping_2x2x2", "PulseSequenceDetails": "%SiemensSeq%\\gre_field_mapping", "ReceiveCoilActiveElements": "HC1-7;NC1", "ReceiveCoilName": "HeadNeck_64", "ReconMatrixPE": 100, "RepetitionTime": 0.72, "SAR": 0.120651, "ScanningSequence": "GR", "SequenceName": "*fm2d2r", "SequenceVariant": "SP", "SeriesDescription": "field_mapping_2x2x2", "SeriesNumber": 19, "ShimSetting": [-5435, -11462, -1292, 386, 65, -276, -163, -7], "SliceThickness": 2, "SliceTiming": [0.35938, 0, 0.36719, 0.00781, 0.375, 0.01562, 0.39062, 0.03125, 0.39844, 0.03906, 0.40625, 0.04688, 0.41406, 0.05469, 0.42969, 0.07031, 0.4375, 0.07812, 0.44531, 0.08594, 0.46094, 0.10156, 0.46875, 0.10938, 0.47656, 0.11719, 0.48438, 0.125, 0.5, 0.14062, 0.50781, 0.14844, 0.51562, 0.15625, 0.53125, 0.16406, 0.53906, 0.17969, 0.54688, 0.1875, 0.55469, 0.19531, 0.57031, 0.21094, 0.57812, 0.21875, 0.58594, 0.22656, 0.60156, 0.23438, 0.60938, 0.25, 0.61719, 0.25781, 0.625, 0.26562, 0.64062, 0.28125, 0.64844, 0.28906, 0.65625, 0.29688, 0.66406, 0.30469, 0.67969, 0.32031, 0.6875, 0.32812, 0.69531, 0.33594, 0.71094, 0.35156], "SoftwareVersions": "syngo MR E11", "SpacingBetweenSlices": 2, "StationName": "AWP166078", "TxRefAmp": 228.085, "IntendedFor": ["ses-action01/func/sub-15_ses-action01_task-action_run-07_bold.nii.gz", "ses-action01/func/sub-15_ses-action01_task-action_run-08_bold.nii.gz", "ses-action01/func/sub-15_ses-action01_task-action_run-05_bold.nii.gz", "ses-action01/func/sub-15_ses-action01_task-action_run-03_bold.nii.gz", "ses-action01/func/sub-15_ses-action01_task-action_run-11_bold.nii.gz", "ses-action01/func/sub-15_ses-action01_task-action_run-01_bold.nii.gz", "ses-action01/func/sub-15_ses-action01_task-action_run-12_bold.nii.gz", "ses-action01/func/sub-15_ses-action01_task-action_run-02_bold.nii.gz", "ses-action01/func/sub-15_ses-action01_task-action_run-10_bold.nii.gz", "ses-action01/func/sub-15_ses-action01_task-action_run-09_bold.nii.gz", "ses-action01/func/sub-15_ses-action01_task-action_run-06_bold.nii.gz", "ses-action01/func/sub-15_ses-action01_task-action_run-04_bold.nii.gz"]}