{"AcquisitionMatrixPE": 100, "AcquisitionNumber": 1, "AcquisitionTime": "11:21:47.750000", "BaseResolution": 100, "BodyPartExamined": "BRAIN", "CoilCombinationMethod": "Sum of Squares", "ConsistencyInfo": "N4_VE11C_LATEST_20160120", "ConversionSoftware": "dcm2niix", "ConversionSoftwareVersion": "v1.0.20211006", "DeviceSerialNumber": "166078", "DwellTime": 8.8e-06, "EchoNumber": 2, "EchoTime": 0.00738, "EchoTime1": 0.00492, "EchoTime2": 0.00738, "FlipAngle": 60, "ImageOrientationPatientDICOM": [0.997108, 0.0277803, 0.0707351, 9.80961e-10, 0.930789, -0.365556], "ImageOrientationText": "Tra>Cor(-21.4)>Sag(4.4)", "ImageType": ["ORIGINAL", "PRIMARY", "P", "ND", "PHASE"], "ImagingFrequency": 123.258, "InPlanePhaseEncodingDirectionDICOM": "ROW", "InstitutionAddress": "Street StreetNo,Bei Jing,District,CN,ZIP", "InstitutionName": "BeiJing Normal University", "InstitutionalDepartmentName": "Department", "MRAcquisitionType": "2D", "MagneticFieldStrength": 3, "Manufacturer": "Siemens", "ManufacturersModelName": "Prisma", "MatrixCoilMode": "SENSE", "Modality": "MR", "PartialFourier": 1, "PatientPosition": "HFS", "PercentPhaseFOV": 100, "PercentSampling": 100, "PhaseEncodingDirection": "i", "PhaseEncodingSteps": 100, "PhaseResolution": 1, "PixelBandwidth": 570, "ProcedureStepDescription": "BNU_P2018_64CH^Zhen.ZongLei", "ProtocolName": "field_mapping_2x2x2", "PulseSequenceDetails": "%SiemensSeq%\\gre_field_mapping", "ReceiveCoilActiveElements": "HC1-7;NC1", "ReceiveCoilName": "HeadNeck_64", "ReconMatrixPE": 100, "RepetitionTime": 0.72, "SAR": 0.11337, "ScanningSequence": "GR", "SequenceName": "*fm2d2r", "SequenceVariant": "SP", "SeriesDescription": "field_mapping_2x2x2", "SeriesNumber": 10, "ShimSetting": [-5432, -11478, -1241, 399, 62, -286, -155, 23], "SliceThickness": 2, "SliceTiming": [0.35938, 0, 0.36719, 0.00781, 0.38281, 0.01562, 0.39062, 0.03125, 0.39844, 0.03906, 0.40625, 0.04688, 0.42188, 0.0625, 0.42969, 0.07031, 0.4375, 0.07812, 0.45312, 0.08594, 0.46094, 0.10156, 0.46875, 0.10938, 0.47656, 0.11719, 0.49219, 0.13281, 0.5, 0.14062, 0.50781, 0.14844, 0.51562, 0.15625, 0.53125, 0.17188, 0.53906, 0.17969, 0.54688, 0.1875, 0.5625, 0.20312, 0.57031, 0.21094, 0.57812, 0.21875, 0.58594, 0.22656, 0.60156, 0.24219, 0.60938, 0.25, 0.61719, 0.25781, 0.63281, 0.26562, 0.64062, 0.28125, 0.64844, 0.28906, 0.65625, 0.29688, 0.67188, 0.3125, 0.67969, 0.32031, 0.6875, 0.32812, 0.70312, 0.33594, 0.71094, 0.35156], "SoftwareVersions": "syngo MR E11", "SpacingBetweenSlices": 2, "StationName": "AWP166078", "TxRefAmp": 218.231, "dcmmeta_affine": [[-1.9942164421081543, 1.9619219582267533e-09, 0.15198945999145508, 94.4410171508789], [-0.0555606372654438, 1.8615788221359253, -0.7289981842041016, -61.86656951904297], [0.14147019386291504, 0.7311116456985474, 1.8561935424804688, -106.94721984863281], [0.0, 0.0, 0.0, 1.0]], "dcmmeta_reorient_transform": [[0.0, -1.0, 0.0, 99.0], [1.0, 0.0, 0.0, 0.0], [0.0, 0.0, -1.0, 71.0], [0.0, 0.0, 0.0, 1.0]], "dcmmeta_shape": [100, 100, 72], "dcmmeta_slice_dim": 2, "dcmmeta_version": 0.6, "global": {"const": {"AcquisitionMatrix": [0, 100, 100, 0], "AcquisitionNumber": 1, "AngioFlag": "N", "BitsAllocated": 16, "BitsStored": 12, "BodyPartExamined": "BRAIN", "Columns": 100, "EchoNumbers": 2, "EchoTime": 7.38, "EchoTrainLength": 0, "FlipAngle": 60.0, "HighBit": 11, "ImageOrientationPatient": [0.99710821864245, 0.02778031839571, 0.07073509896454, 9.80961e-10, 0.93078941756571, -0.3655558235724], "ImageType": ["ORIGINAL", "PRIMARY", "P", "ND"], "ImagedNucleus": "1H", "ImagingFrequency": 123.257747, "InPlanePhaseEncodingDirection": "ROW", "MRAcquisitionType": "2D", "MagneticFieldStrength": 3.0, "Manufacturer": "SIEMENS", "ManufacturerModelName": "Prisma", "Modality": "MR", "NumberOfAverages": 1.0, "NumberOfPhaseEncodingSteps": 100, "PercentPhaseFieldOfView": 100.0, "PercentSampling": 100.0, "PerformedProcedureStepStartTime": "103805.151000", "PhotometricInterpretation": "MONOCHROME2", "PixelBandwidth": 570.0, "PixelRepresentation": 0, "PixelSpacing": [2.0, 2.0], "ProtocolName": "field_mapping_2x2x2", "RepetitionTime": 720.0, "RescaleIntercept": -4096.0, "RescaleSlope": 2.0, "RescaleType": "US", "Rows": 100, "SAR": 0.11337037831688, "SamplesPerPixel": 1, "ScanningSequence": "GR", "SequenceName": "*fm2d2r", "SequenceVariant": "SP", "SeriesDescription": "field_mapping_2x2x2", "SeriesNumber": 10, "SeriesTime": "112412.522000", "SliceThickness": 2.0, "SoftwareVersions": "syngo MR E11", "SpacingBetweenSlices": 2.0, "SpecificCharacterSet": "ISO_IR 100", "StudyID": "1", "StudyTime": "103805.058000", "TransmitCoilName": "Body", "VariableFlipAngleFlag": "N", "WindowCenterWidthExplanation": "Algo1", "dBdt": 0.0}, "slices": {"AcquisitionTime": ["112147.750000", "112147.390000", "112147.760000", "112147.400000", "112147.770000", "112147.410000", "112147.780000", "112147.420000", "112147.790000", "112147.430000", "112147.800000", "112147.440000", "112147.810000", "112147.450000", "112147.820000", "112147.460000", "112147.830000", "112147.470000", "112147.840000", "112147.480000", "112147.850000", "112147.490000", "112147.860000", "112147.500000", "112147.870000", "112147.510000", "112147.880000", "112147.520000", "112147.890000", "112147.530000", "112147.900000", "112147.540000", "112147.910000", "112147.550000", "112147.920000", "112147.560000", "112147.930000", "112147.570000", "112147.940000", "112147.580000", "112147.950000", "112147.590000", "112147.960000", "112147.600000", "112147.970000", "112147.610000", "112147.980000", "112147.620000", "112147.990000", "112147.630000", "112148.000000", "112147.640000", "112148.010000", "112147.650000", "112148.020000", "112147.660000", "112148.030000", "112147.670000", "112148.040000", "112147.680000", "112148.050000", "112147.690000", "112148.060000", "112147.700000", "112148.070000", "112147.710000", "112148.080000", "112147.720000", "112148.090000", "112147.730000", "112148.100000", "112147.740000"], "ContentTime": ["112412.596000", "112412.524000", "112412.598000", "112412.526000", "112412.600000", "112412.528000", "112412.602000", "112412.530000", "112412.604000", "112412.532000", "112412.606000", "112412.534000", "112412.609000", "112412.536000", "112412.611000", "112412.538000", "112412.613000", "112412.539000", "112412.615000", "112412.541000", "112412.618000", "112412.543000", "112412.620000", "112412.545000", "112412.622000", "112412.547000", "112412.624000", "112412.549000", "112412.627000", "112412.551000", "112412.629000", "112412.552000", "112412.632000", "112412.554000", "112412.634000", "112412.556000", "112412.636000", "112412.558000", "112412.638000", "112412.560000", "112412.640000", "112412.562000", "112412.643000", "112412.564000", "112412.645000", "112412.566000", "112412.647000", "112412.568000", "112412.649000", "112412.570000", "112412.652000", "112412.571000", "112412.654000", "112412.574000", "112412.656000", "112412.576000", "112412.659000", "112412.578000", "112412.661000", "112412.580000", "112412.663000", "112412.582000", "112412.665000", "112412.585000", "112412.667000", "112412.587000", "112412.669000", "112412.589000", "112412.671000", "112412.592000", "112412.673000", "112412.594000"], "CsaImage.GSWDDataType": ["measured", "predicted", "measured", "predicted", "measured", "predicted", "measured", "predicted", "measured", "predicted", "measured", "predicted", "measured", "predicted", "measured", "predicted", "measured", "predicted", "measured", "predicted", "measured", "predicted", "measured", "predicted", "measured", "predicted", "measured", "predicted", "measured", "predicted", "measured", "predicted", "measured", "predicted", "measured", "predicted", "measured", "predicted", "measured", "predicted", "measured", "predicted", "measured", "predicted", "measured", "predicted", "measured", "predicted", "measured", "predicted", "measured", "predicted", "measured", "predicted", "measured", "predicted", "measured", "predicted", "measured", "predicted", "measured", "predicted", "measured", "predicted", "measured", "measured", "measured", "measured", "measured", "measured", "measured", "measured"], "CsaImage.ICE_Dims": ["X_2_1_1_1_1_1_37_1_1_1_1_93", "X_2_1_1_1_1_1_1_1_1_2_1_93", "X_2_1_1_1_1_1_38_1_1_3_1_93", "X_2_1_1_1_1_1_2_1_1_4_1_93", "X_2_1_1_1_1_1_39_1_1_5_1_93", "X_2_1_1_1_1_1_3_1_1_6_1_93", "X_2_1_1_1_1_1_40_1_1_7_1_93", "X_2_1_1_1_1_1_4_1_1_8_1_93", "X_2_1_1_1_1_1_41_1_1_9_1_93", "X_2_1_1_1_1_1_5_1_1_10_1_93", "X_2_1_1_1_1_1_42_1_1_11_1_93", "X_2_1_1_1_1_1_6_1_1_12_1_93", "X_2_1_1_1_1_1_43_1_1_13_1_93", "X_2_1_1_1_1_1_7_1_1_14_1_93", "X_2_1_1_1_1_1_44_1_1_15_1_93", "X_2_1_1_1_1_1_8_1_1_16_1_93", "X_2_1_1_1_1_1_45_1_1_17_1_93", "X_2_1_1_1_1_1_9_1_1_18_1_93", "X_2_1_1_1_1_1_46_1_1_19_1_93", "X_2_1_1_1_1_1_10_1_1_20_1_93", "X_2_1_1_1_1_1_47_1_1_21_1_93", "X_2_1_1_1_1_1_11_1_1_22_1_93", "X_2_1_1_1_1_1_48_1_1_23_1_93", "X_2_1_1_1_1_1_12_1_1_24_1_93", "X_2_1_1_1_1_1_49_1_1_25_1_93", "X_2_1_1_1_1_1_13_1_1_26_1_93", "X_2_1_1_1_1_1_50_1_1_27_1_93", "X_2_1_1_1_1_1_14_1_1_28_1_93", "X_2_1_1_1_1_1_51_1_1_29_1_93", "X_2_1_1_1_1_1_15_1_1_30_1_93", "X_2_1_1_1_1_1_52_1_1_31_1_93", "X_2_1_1_1_1_1_16_1_1_32_1_93", "X_2_1_1_1_1_1_53_1_1_33_1_93", "X_2_1_1_1_1_1_17_1_1_34_1_93", "X_2_1_1_1_1_1_54_1_1_35_1_93", "X_2_1_1_1_1_1_18_1_1_36_1_93", "X_2_1_1_1_1_1_55_1_1_37_1_93", "X_2_1_1_1_1_1_19_1_1_38_1_93", "X_2_1_1_1_1_1_56_1_1_39_1_93", "X_2_1_1_1_1_1_20_1_1_40_1_93", "X_2_1_1_1_1_1_57_1_1_41_1_93", "X_2_1_1_1_1_1_21_1_1_42_1_93", "X_2_1_1_1_1_1_58_1_1_43_1_93", "X_2_1_1_1_1_1_22_1_1_44_1_93", "X_2_1_1_1_1_1_59_1_1_45_1_93", "X_2_1_1_1_1_1_23_1_1_46_1_93", "X_2_1_1_1_1_1_60_1_1_47_1_93", "X_2_1_1_1_1_1_24_1_1_48_1_93", "X_2_1_1_1_1_1_61_1_1_49_1_93", "X_2_1_1_1_1_1_25_1_1_50_1_93", "X_2_1_1_1_1_1_62_1_1_51_1_93", "X_2_1_1_1_1_1_26_1_1_52_1_93", "X_2_1_1_1_1_1_63_1_1_53_1_93", "X_2_1_1_1_1_1_27_1_1_54_1_93", "X_2_1_1_1_1_1_64_1_1_55_1_93", "X_2_1_1_1_1_1_28_1_1_56_1_93", "X_2_1_1_1_1_1_65_1_1_57_1_93", "X_2_1_1_1_1_1_29_1_1_58_1_93", "X_2_1_1_1_1_1_66_1_1_59_1_93", "X_2_1_1_1_1_1_30_1_1_60_1_93", "X_2_1_1_1_1_1_67_1_1_61_1_93", "X_2_1_1_1_1_1_31_1_1_62_1_93", "X_2_1_1_1_1_1_68_1_1_63_1_93", "X_2_1_1_1_1_1_32_1_1_64_1_93", "X_2_1_1_1_1_1_69_1_1_65_1_93", "X_2_1_1_1_1_1_33_1_1_66_1_93", "X_2_1_1_1_1_1_70_1_1_67_1_93", "X_2_1_1_1_1_1_34_1_1_68_1_93", "X_2_1_1_1_1_1_71_1_1_69_1_93", "X_2_1_1_1_1_1_35_1_1_70_1_93", "X_2_1_1_1_1_1_72_1_1_71_1_93", "X_2_1_1_1_1_1_36_1_1_72_1_93"], "CsaImage.ProtocolSliceNumber": [0, 1, 2, 3, 4, 5, 6, 7, 8, 9, 10, 11, 12, 13, 14, 15, 16, 17, 18, 19, 20, 21, 22, 23, 24, 25, 26, 27, 28, 29, 30, 31, 32, 33, 34, 35, 36, 37, 38, 39, 40, 41, 42, 43, 44, 45, 46, 47, 48, 49, 50, 51, 52, 53, 54, 55, 56, 57, 58, 59, 60, 61, 62, 63, 64, 65, 66, 67, 68, 69, 70, 71], "CsaImage.RFSWDDataType": ["measured", "predicted", "measured", "predicted", "measured", "predicted", "measured", "predicted", "measured", "predicted", "measured", "predicted", "measured", "predicted", "measured", "predicted", "measured", "predicted", "measured", "predicted", "measured", "predicted", "measured", "predicted", "measured", "predicted", "measured", "predicted", "measured", "predicted", "measured", "predicted", "measured", "predicted", "measured", "predicted", "measured", "predicted", "measured", "predicted", "measured", "predicted", "measured", "predicted", "measured", "predicted", "measured", "predicted", "measured", "predicted", "measured", "predicted", "measured", "predicted", "measured", "predicted", "measured", "predicted", "measured", "predicted", "measured", "measured", "measured", "measured", "measured", "measured", "measured", "measured", "measured", "measured", "measured", "measured"], "CsaImage.SlicePosition_PCS": [[-94.44101319, -122.42968173, -34.56731261], [-94.59300265, -121.70068354, -32.71111525], [-94.74499211, -120.97168536, -30.85492171], [-94.89698157, -120.24268908, -28.99872435], [-95.04897103, -119.5136909, -27.14253081], [-95.20096049, -118.78469462, -25.28633345], [-95.35294995, -118.05569644, -23.43013991], [-95.50493941, -117.32670016, -21.57394255], [-95.65692887, -116.59770197, -19.71774901], [-95.80891833, -115.86870379, -17.86155165], [-95.96090779, -115.13970751, -16.00535811], [-96.11289725, -114.41070933, -14.14916075], [-96.26488671, -113.68171305, -12.29296721], [-96.41687617, -112.95271487, -10.43676985], [-96.56886563, -112.22371668, -8.5805725], [-96.72085509, -111.49472041, -6.72437896], [-96.87284479, -110.76572318, -4.8681816], [-97.02483425, -110.03672499, -3.01198806], [-97.17682371, -109.30772776, -1.15579261], [-97.32881317, -108.57873053, 0.70040284], [-97.48080263, -107.8497333, 2.55659829], [-97.63279209, -107.12073607, 4.41279374], [-97.78478155, -106.39173789, 6.2689911], [-97.93677101, -105.66274066, 8.12518655], [-98.08876047, -104.93374342, 9.981382], [-98.24074993, -104.20474619, 11.83757745], [-98.39273939, -103.47574896, 13.6937729], [-98.54472885, -102.74675126, 15.54996835], [-98.69671843, -102.01775403, 17.4061638], [-98.84870783, -101.28875632, 19.26235925], [-99.00069735, -100.55975909, 21.1185547], [-99.15268681, -99.83076186, 22.97475015], [-99.30467627, -99.10176439, 24.83094608], [-99.45666576, -98.37276692, 26.68714153], [-99.60865522, -97.64376957, 28.54333704], [-99.7606447, -96.9147721, 30.3995326], [-99.91263417, -96.18577475, 32.25572811], [-100.06462366, -95.45677737, 34.1119238], [-100.21661315, -94.72777993, 35.96811925], [-100.36860261, -93.99878258, 37.8243147], [-100.52059207, -93.26978511, 39.68051015], [-100.67258153, -92.54078788, 41.5367056], [-100.82457099, -91.81179041, 43.392902], [-100.97656045, -91.08279318, 45.24909745], [-101.12855003, -90.35379548, 47.1052929], [-101.28053949, -89.62479825, 48.96148835], [-101.43252895, -88.89580102, 50.8176838], [-101.58451841, -88.16680331, 52.67387925], [-101.73650799, -87.43780608, 54.5300747], [-101.88849745, -86.70880885, 56.38627015], [-102.04048691, -85.97981162, 58.2424656], [-102.19247637, -85.25081343, 60.09866105], [-102.34446583, -84.5218162, 61.95485841], [-102.49645529, -83.79281897, 63.81105195], [-102.64844475, -83.06382174, 65.66724931], [-102.80043421, -82.33482451, 67.52344285], [-102.95242367, -81.60582728, 69.37964021], [-103.10441313, -80.8768291, 71.23583375], [-103.25640259, -80.14783186, 73.09203111], [-103.40839205, -79.41883463, 74.94822465], [-103.56038151, -78.68983645, 76.80442201], [-103.71237121, -77.96084017, 78.66061555], [-103.86436067, -77.23184199, 80.51681291], [-104.01635013, -76.50284571, 82.37301027], [-104.16833959, -75.77384753, 84.22920381], [-104.32032905, -75.04484934, 86.08540117], [-104.47231851, -74.31585307, 87.94159471], [-104.62430797, -73.58685488, 89.79779207], [-104.77629743, -72.85785861, 91.65398561], [-104.92828689, -72.12886042, 93.51017915], [-105.08027635, -71.39986414, 95.36638032], [-105.23226581, -70.67086596, 97.22257386]], "CsaImage.TimeAfterStart": [1.0825, 0.7225, 1.0925, 0.7325, 1.1025, 0.7425, 1.1125, 0.7525, 1.1225, 0.7625, 1.1325, 0.7725, 1.1425, 0.7825, 1.1525, 0.7925, 1.1625, 0.8025, 1.1725, 0.8125, 1.1825, 0.8225, 1.1925, 0.8325, 1.2025, 0.8425, 1.2125, 0.8525, 1.2225, 0.8625, 1.2325, 0.8725, 1.2425, 0.8825, 1.2525, 0.8925, 1.2625, 0.9025, 1.2725, 0.9125, 1.2825, 0.9225, 1.2925, 0.9325, 1.3025, 0.9425, 1.3125, 0.9525, 1.3225, 0.9625, 1.3325, 0.9725, 1.3425, 0.9825, 1.3525, 0.9925, 1.3625, 1.0025, 1.3725, 1.0125, 1.3825, 1.0225, 1.3925, 1.0325, 1.4025, 1.0425, 1.4125, 1.0525, 1.4225, 1.0625, 1.4325, 1.0725], "ImagePositionPatient": [[-94.441013193115, -122.42968172602, -34.567312610016], [-94.593002653106, -121.70068354182, -32.711115252838], [-94.744992113098, -120.97168535762, -30.854921710358], [-94.896981573089, -120.24268908076, -28.99872435318], [-95.048971033081, -119.51369089656, -27.142530810699], [-95.200960493072, -118.7846946197, -25.286333453522], [-95.352949953064, -118.0556964355, -23.430139911041], [-95.504939413055, -117.32670015864, -21.573942553863], [-95.656928873047, -116.59770197444, -19.717749011383], [-95.808918333038, -115.86870379023, -17.861551654205], [-95.96090779303, -115.13970751338, -16.005358111725], [-96.112897253021, -114.41070932917, -14.149160754547], [-96.264886713012, -113.68171305232, -12.292967212067], [-96.416876173004, -112.95271486811, -10.436769854889], [-96.568865632995, -112.22371668391, -8.5805724977111], [-96.720855092987, -111.49472040705, -6.7243789552306], [-96.872844791397, -110.76572317653, -4.8681815980529], [-97.024834251388, -110.03672499232, -3.0119880555724], [-97.17682371138, -109.30772776179, -1.1557926057433], [-97.328813171371, -108.57873053126, 0.70040284408579], [-97.480802631363, -107.84973330073, 2.5565982939149], [-97.632792091354, -107.1207360702, 4.412793743744], [-97.784781551346, -106.391737886, 6.2689911009217], [-97.936771011337, -105.66274065547, 8.1251865507508], [-98.088760471329, -104.93374342494, 9.9813820005799], [-98.24074993132, -104.20474619441, 11.837577450409], [-98.392739391311, -103.47574896388, 13.693772900238], [-98.544728851303, -102.74675125651, 15.549968350067], [-98.696718430504, -102.01775402598, 17.406163799896], [-98.84870783089, -101.28875631862, 19.262359249725], [-99.000697350487, -100.55975908809, 21.118554699555], [-99.152686810478, -99.830761857555, 22.974750149384], [-99.304676270469, -99.101764388607, 24.83094607605], [-99.456665760263, -98.372766919659, 26.687141525879], [-99.608655220255, -97.64376956992, 28.543337035313], [-99.760644698873, -96.914772100971, 30.399532604351], [-99.91263417004, -96.185774751232, 32.255728113785], [-100.06462365983, -95.456777371691, 34.111923802033], [-100.21661314963, -94.727779932545, 35.968119251862], [-100.36860260962, -93.998782582806, 37.824314701691], [-100.52059206961, -93.269785113857, 39.68051015152], [-100.6725815296, -92.540787883328, 41.536705601349], [-100.82457098959, -91.811790414379, 43.392902004852], [-100.97656044958, -91.082793183849, 45.249097454681], [-101.12855002879, -90.353795476482, 47.105292904511], [-101.28053948878, -89.624798245953, 48.96148835434], [-101.43252894877, -88.895801015423, 50.817683804169], [-101.58451840876, -88.166803308056, 52.673879253998], [-101.73650798796, -87.437806077526, 54.530074703827], [-101.88849744795, -86.708808846996, 56.386270153656], [-102.04048690794, -85.979811616467, 58.242465603485], [-102.19247636793, -85.250813432263, 60.098661053314], [-102.34446582793, -84.521816201733, 61.954858410492], [-102.49645528792, -83.792818971203, 63.811051952973], [-102.64844474791, -83.063821740673, 65.66724931015], [-102.8004342079, -82.334824510143, 67.523442852631], [-102.95242366789, -81.605827279614, 69.379640209808], [-103.10441312788, -80.876829095409, 71.235833752289], [-103.25640258788, -80.14783186488, 73.092031109467], [-103.40839204787, -79.41883463435, 74.948224651947], [-103.56038150786, -78.689836450146, 76.804422009125], [-103.71237120627, -77.96084017329, 78.660615551605], [-103.86436066626, -77.231841989086, 80.516812908783], [-104.01635012625, -76.502845712231, 82.373010265961], [-104.16833958624, -75.773847528027, 84.229203808441], [-104.32032904623, -75.044849343823, 86.085401165619], [-104.47231850623, -74.315853066967, 87.941594708099], [-104.62430796622, -73.586854882763, 89.797792065277], [-104.77629742621, -72.857858605908, 91.653985607758], [-104.9282868862, -72.128860421703, 93.510179150238], [-105.08027634619, -71.399864144848, 95.366380322113], [-105.23226580618, -70.670865960644, 97.222573864594]], "InstanceCreationTime": ["112412.596000", "112412.524000", "112412.598000", "112412.526000", "112412.600000", "112412.528000", "112412.602000", "112412.530000", "112412.604000", "112412.532000", "112412.606000", "112412.534000", "112412.609000", "112412.536000", "112412.611000", "112412.538000", "112412.613000", "112412.539000", "112412.615000", "112412.541000", "112412.618000", "112412.543000", "112412.620000", "112412.545000", "112412.622000", "112412.547000", "112412.624000", "112412.549000", "112412.627000", "112412.551000", "112412.629000", "112412.552000", "112412.632000", "112412.554000", "112412.634000", "112412.556000", "112412.636000", "112412.558000", "112412.638000", "112412.560000", "112412.640000", "112412.562000", "112412.643000", "112412.564000", "112412.645000", "112412.566000", "112412.647000", "112412.568000", "112412.649000", "112412.570000", "112412.652000", "112412.571000", "112412.654000", "112412.574000", "112412.656000", "112412.576000", "112412.659000", "112412.578000", "112412.661000", "112412.580000", "112412.663000", "112412.582000", "112412.665000", "112412.585000", "112412.667000", "112412.587000", "112412.669000", "112412.589000", "112412.671000", "112412.592000", "112412.673000", "112412.594000"], "InstanceNumber": [1, 2, 3, 4, 5, 6, 7, 8, 9, 10, 11, 12, 13, 14, 15, 16, 17, 18, 19, 20, 21, 22, 23, 24, 25, 26, 27, 28, 29, 30, 31, 32, 33, 34, 35, 36, 37, 38, 39, 40, 41, 42, 43, 44, 45, 46, 47, 48, 49, 50, 51, 52, 53, 54, 55, 56, 57, 58, 59, 60, 61, 62, 63, 64, 65, 66, 67, 68, 69, 70, 71, 72], "LargestImagePixelValue": [4095, 4095, 4095, 4093, 4094, 4095, 4095, 4094, 4095, 4095, 4095, 4095, 4095, 4093, 4095, 4095, 4092, 4093, 4095, 4095, 4091, 4095, 4093, 4092, 4094, 4093, 4092, 4094, 4095, 4093, 4093, 4094, 4092, 4087, 4085, 4094, 4079, 4094, 4090, 4091, 4095, 4094, 4094, 4093, 4095, 4094, 4092, 4094, 4092, 4093, 4094, 4093, 4094, 4095, 4093, 4092, 4095, 4094, 4095, 4094, 4093, 4092, 4095, 4094, 4095, 4094, 4094, 4089, 4094, 4095, 4095, 4095], "SliceLocation": [-69.530287707811, -67.530285763484, -65.530287359568, -63.530286110466, -61.530287706551, -59.530286457449, -57.530288053533, -55.530286804431, -53.530288400516, -51.530286456188, -49.530288747498, -47.530286803171, -45.530289094481, -43.530287150153, -41.530285205825, -39.530287497136, -37.530285882302, -35.530287478387, -33.530287651878, -31.530287825369, -29.530287998861, -27.530288172352, -25.530286228024, -23.530286401515, -21.530286575007, -19.530286748498, -17.530286921989, -15.530286921674, -13.530287086106, -11.530287090321, -9.5302872592822, -7.5302874327735, -5.53028707681, -3.5302871611333, -1.530287235854, 0.46971278961137, 2.46971271574, 4.4697128201038, 6.4697127249176, 8.469712594878, 10.46971250829, 12.469712334799, 14.469713133314, 16.469712959822, 18.469712969197, 20.469712795706, 22.469712622214, 24.469712622529, 26.469712458097, 28.469712284606, 30.469712111115, 32.469712285237, 34.469713881951, 36.469711938254, 38.469713534969, 40.469711591271, 42.469713187986, 44.469711591902, 46.469713188617, 48.469711244919, 50.469713189247, 52.469710916055, 54.469712860383, 56.469714109485, 58.4697125134, 60.469714457728, 62.469712166418, 64.469714110746, 66.469711819435, 68.469710223351, 70.469715012865, 72.46971341678], "SmallestImagePixelValue": [1, 0, 2, 0, 0, 0, 1, 0, 0, 0, 0, 0, 0, 0, 2, 0, 0, 0, 0, 0, 1, 0, 0, 2, 1, 1, 14, 0, 4, 9, 1, 6, 6, 8, 1, 18, 4, 1, 2, 0, 3, 0, 1, 1, 4, 1, 6, 0, 3, 1, 0, 3, 2, 2, 0, 1, 0, 1, 1, 0, 1, 3, 0, 0, 0, 2, 0, 0, 0, 0, 0, 0], "WindowCenter": [-266.0, -264.0, -242.0, -218.0, -216.0, -204.0, -240.0, -186.0, -116.0, -184.0, -188.0, -204.0, -208.0, -270.0, -300.0, -306.0, -332.0, -358.0, -340.0, -360.0, -388.0, -504.0, -348.0, -302.0, -270.0, -244.0, -164.0, -170.0, -142.0, -128.0, -102.0, -124.0, -80.0, -100.0, -124.0, -138.0, -122.0, -140.0, -112.0, -114.0, -236.0, -210.0, -204.0, -60.0, -40.0, -38.0, -104.0, -60.0, -44.0, -54.0, -62.0, -70.0, -58.0, -68.0, -72.0, -64.0, -94.0, -64.0, -114.0, -68.0, -72.0, -76.0, -138.0, -168.0, -180.0, -204.0, -244.0, -230.0, -270.0, -250.0, -300.0, -330.0], "WindowWidth": [6302.0, 6292.0, 6342.0, 6402.0, 6438.0, 6404.0, 6362.0, 6448.0, 6472.0, 6426.0, 6344.0, 6246.0, 6170.0, 6146.0, 6170.0, 6130.0, 6094.0, 6074.0, 5954.0, 5834.0, 5458.0, 4772.0, 5266.0, 5362.0, 5180.0, 5070.0, 5278.0, 5096.0, 5190.0, 5276.0, 5282.0, 5190.0, 5366.0, 5350.0, 5200.0, 5106.0, 5166.0, 4966.0, 5248.0, 5166.0, 4596.0, 4582.0, 4570.0, 5182.0, 5240.0, 5238.0, 4768.0, 5106.0, 5232.0, 5198.0, 5210.0, 5280.0, 5366.0, 5356.0, 5326.0, 5422.0, 5308.0, 5436.0, 5238.0, 5520.0, 5512.0, 5560.0, 5598.0, 5610.0, 5694.0, 5840.0, 5882.0, 5968.0, 6056.0, 6100.0, 6100.0, 6104.0]}}, "IntendedFor": ["ses-action01/func/sub-15_ses-action01_task-action_run-07_bold.nii.gz", "ses-action01/func/sub-15_ses-action01_task-action_run-08_bold.nii.gz", "ses-action01/func/sub-15_ses-action01_task-action_run-05_bold.nii.gz", "ses-action01/func/sub-15_ses-action01_task-action_run-03_bold.nii.gz", "ses-action01/func/sub-15_ses-action01_task-action_run-11_bold.nii.gz", "ses-action01/func/sub-15_ses-action01_task-action_run-01_bold.nii.gz", "ses-action01/func/sub-15_ses-action01_task-action_run-12_bold.nii.gz", "ses-action01/func/sub-15_ses-action01_task-action_run-02_bold.nii.gz", "ses-action01/func/sub-15_ses-action01_task-action_run-10_bold.nii.gz", "ses-action01/func/sub-15_ses-action01_task-action_run-09_bold.nii.gz", "ses-action01/func/sub-15_ses-action01_task-action_run-06_bold.nii.gz", "ses-action01/func/sub-15_ses-action01_task-action_run-04_bold.nii.gz"]}