{"AcquisitionMatrixPE": 100, "AcquisitionNumber": 1, "AcquisitionTime": "10:56:4.030000", "BaseResolution": 100, "BodyPartExamined": "BRAIN", "CoilCombinationMethod": "Sum of Squares", "ConsistencyInfo": "N4_VE11C_LATEST_20160120", "ConversionSoftware": "dcm2niix", "ConversionSoftwareVersion": "v1.0.20211006", "DeviceSerialNumber": "166078", "DwellTime": 8.8e-06, "EchoNumber": 2, "EchoTime": 0.00738, "EchoTime1": 0.00492, "EchoTime2": 0.00738, "FlipAngle": 60, "ImageOrientationPatientDICOM": [1, 4.81e-12, -9.18e-13, -4.897e-12, 0.982287, -0.187381], "ImageOrientationText": "Tra>Cor(-10.8)", "ImageType": ["ORIGINAL", "PRIMARY", "P", "ND", "PHASE"], "ImagingFrequency": 123.258, "InPlanePhaseEncodingDirectionDICOM": "ROW", "InstitutionAddress": "Street StreetNo,Bei Jing,District,CN,ZIP", "InstitutionName": "BeiJing Normal University", "InstitutionalDepartmentName": "Department", "MRAcquisitionType": "2D", "MagneticFieldStrength": 3, "Manufacturer": "Siemens", "ManufacturersModelName": "Prisma", "MatrixCoilMode": "SENSE", "Modality": "MR", "PartialFourier": 1, "PatientPosition": "HFS", "PercentPhaseFOV": 100, "PercentSampling": 100, "PhaseEncodingDirection": "i", "PhaseEncodingSteps": 100, "PhaseResolution": 1, "PixelBandwidth": 570, "ProcedureStepDescription": "BNU_P2018_64CH^Zhen.ZongLei", "ProtocolName": "field_mapping_2x2x2", "PulseSequenceDetails": "%SiemensSeq%\\gre_field_mapping", "ReceiveCoilActiveElements": "HC1-7;NC1", "ReceiveCoilName": "HeadNeck_64", "ReconMatrixPE": 100, "RepetitionTime": 0.72, "SAR": 0.108869, "ScanningSequence": "GR", "SequenceName": "*fm2d2r", "SequenceVariant": "SP", "SeriesDescription": "field_mapping_2x2x2", "SeriesNumber": 10, "ShimSetting": [-5449, -11519, -1240, 401, 12, -122, -268, 48], "SliceThickness": 2, "SliceTiming": [0.35938, 0, 0.36719, 0.00781, 0.375, 0.01562, 0.39062, 0.03125, 0.39844, 0.03906, 0.40625, 0.04688, 0.42188, 0.05469, 0.42969, 0.07031, 0.4375, 0.07812, 0.44531, 0.08594, 0.46094, 0.10156, 0.46875, 0.10938, 0.47656, 0.11719, 0.48438, 0.125, 0.5, 0.14062, 0.50781, 0.14844, 0.51562, 0.15625, 0.53125, 0.17188, 0.53906, 0.17969, 0.54688, 0.1875, 0.55469, 0.19531, 0.57031, 0.21094, 0.57812, 0.21875, 0.58594, 0.22656, 0.60156, 0.23438, 0.60938, 0.25, 0.61719, 0.25781, 0.625, 0.26562, 0.64062, 0.28125, 0.64844, 0.28906, 0.65625, 0.29688, 0.67188, 0.30469, 0.67969, 0.32031, 0.6875, 0.32812, 0.69531, 0.33594, 0.71094, 0.35156], "SoftwareVersions": "syngo MR E11", "SpacingBetweenSlices": 2, "StationName": "AWP166078", "TxRefAmp": 217.597, "dcmmeta_affine": [[-2.0, -9.79399981254625e-12, 0.0, 101.3559341430664], [-9.620000109011873e-12, 1.9645744562149048, -0.37476253509521484, -76.7954330444336], [-1.836000101951285e-12, 0.374762624502182, 1.9645767211914062, -80.04780578613281], [0.0, 0.0, 0.0, 1.0]], "dcmmeta_reorient_transform": [[0.0, -1.0, 0.0, 99.0], [1.0, 0.0, 0.0, 0.0], [0.0, 0.0, -1.0, 71.0], [0.0, 0.0, 0.0, 1.0]], "dcmmeta_shape": [100, 100, 72], "dcmmeta_slice_dim": 2, "dcmmeta_version": 0.6, "global": {"const": {"AcquisitionMatrix": [0, 100, 100, 0], "AcquisitionNumber": 1, "AngioFlag": "N", "BitsAllocated": 16, "BitsStored": 12, "BodyPartExamined": "BRAIN", "Columns": 100, "EchoNumbers": 2, "EchoTime": 7.38, "EchoTrainLength": 0, "FlipAngle": 60.0, "HighBit": 11, "ImageOrientationPatient": [1.0, 4.81e-12, -9.18e-13, -4.897e-12, 0.98228725047189, -0.1873813159319], "ImageType": ["ORIGINAL", "PRIMARY", "P", "ND"], "ImagedNucleus": "1H", "ImagingFrequency": 123.257719, "InPlanePhaseEncodingDirection": "ROW", "MRAcquisitionType": "2D", "MagneticFieldStrength": 3.0, "Manufacturer": "SIEMENS", "ManufacturerModelName": "Prisma", "Modality": "MR", "NumberOfAverages": 1.0, "NumberOfPhaseEncodingSteps": 100, "PercentPhaseFieldOfView": 100.0, "PercentSampling": 100.0, "PerformedProcedureStepStartTime": "101525.996000", "PhotometricInterpretation": "MONOCHROME2", "PixelBandwidth": 570.0, "PixelRepresentation": 0, "PixelSpacing": [2.0, 2.0], "ProtocolName": "field_mapping_2x2x2", "RepetitionTime": 720.0, "RescaleIntercept": -4096.0, "RescaleSlope": 2.0, "RescaleType": "US", "Rows": 100, "SAR": 0.10886904139061, "SamplesPerPixel": 1, "ScanningSequence": "GR", "SequenceName": "*fm2d2r", "SequenceVariant": "SP", "SeriesDescription": "field_mapping_2x2x2", "SeriesNumber": 10, "SeriesTime": "105829.121000", "SliceThickness": 2.0, "SoftwareVersions": "syngo MR E11", "SpacingBetweenSlices": 2.0, "SpecificCharacterSet": "ISO_IR 100", "StudyID": "1", "StudyTime": "101525.906000", "TransmitCoilName": "Body", "VariableFlipAngleFlag": "N", "WindowCenterWidthExplanation": "Algo1", "dBdt": 0.0}, "slices": {"AcquisitionTime": ["105604.030000", "105603.670000", "105604.040000", "105603.680000", "105604.050000", "105603.690000", "105604.060000", "105603.700000", "105604.070000", "105603.710000", "105604.080000", "105603.720000", "105604.090000", "105603.730000", "105604.100000", "105603.740000", "105604.110000", "105603.750000", "105604.120000", "105603.760000", "105604.130000", "105603.770000", "105604.140000", "105603.780000", "105604.150000", "105603.790000", "105604.160000", "105603.800000", "105604.170000", "105603.810000", "105604.180000", "105603.820000", "105604.190000", "105603.830000", "105604.200000", "105603.840000", "105604.210000", "105603.850000", "105604.220000", "105603.860000", "105604.230000", "105603.870000", "105604.240000", "105603.880000", "105604.250000", "105603.890000", "105604.260000", "105603.900000", "105604.270000", "105603.910000", "105604.280000", "105603.920000", "105604.290000", "105603.930000", "105604.300000", "105603.940000", "105604.310000", "105603.950000", "105604.320000", "105603.960000", "105604.330000", "105603.970000", "105604.340000", "105603.980000", "105604.350000", "105603.990000", "105604.360000", "105604.000000", "105604.370000", "105604.010000", "105604.380000", "105604.020000"], "ContentTime": ["105829.357000", "105829.128000", "105829.360000", "105829.131000", "105829.363000", "105829.133000", "105829.365000", "105829.135000", "105829.367000", "105829.137000", "105829.369000", "105829.139000", "105829.371000", "105829.142000", "105829.373000", "105829.144000", "105829.375000", "105829.146000", "105829.377000", "105829.148000", "105829.379000", "105829.150000", "105829.380000", "105829.151000", "105829.382000", "105829.153000", "105829.384000", "105829.155000", "105829.386000", "105829.157000", "105829.388000", "105829.159000", "105829.390000", "105829.161000", "105829.392000", "105829.163000", "105829.395000", "105829.165000", "105829.397000", "105829.167000", "105829.399000", "105829.168000", "105829.401000", "105829.170000", "105829.403000", "105829.172000", "105829.405000", "105829.174000", "105829.407000", "105829.176000", "105829.409000", "105829.178000", "105829.410000", "105829.180000", "105829.412000", "105829.182000", "105829.414000", "105829.184000", "105829.416000", "105829.186000", "105829.418000", "105829.189000", "105829.420000", "105829.191000", "105829.430000", "105829.193000", "105829.432000", "105829.350000", "105829.434000", "105829.352000", "105829.436000", "105829.354000"], "CsaImage.GSWDDataType": ["measured", "predicted", "measured", "predicted", "measured", "predicted", "measured", "predicted", "measured", "predicted", "measured", "predicted", "measured", "predicted", "measured", "predicted", "measured", "predicted", "measured", "predicted", "measured", "predicted", "measured", "predicted", "measured", "predicted", "measured", "predicted", "measured", "predicted", "measured", "predicted", "measured", "predicted", "measured", "predicted", "measured", "predicted", "measured", "predicted", "measured", "predicted", "measured", "predicted", "measured", "predicted", "measured", "predicted", "measured", "predicted", "measured", "predicted", "measured", "predicted", "measured", "predicted", "measured", "predicted", "measured", "predicted", "measured", "predicted", "measured", "predicted", "measured", "predicted", "measured", "predicted", "measured", "predicted", "measured", "predicted"], "CsaImage.ICE_Dims": ["X_2_1_1_1_1_1_37_1_1_1_1_44", "X_2_1_1_1_1_1_1_1_1_2_1_44", "X_2_1_1_1_1_1_38_1_1_3_1_44", "X_2_1_1_1_1_1_2_1_1_4_1_44", "X_2_1_1_1_1_1_39_1_1_5_1_44", "X_2_1_1_1_1_1_3_1_1_6_1_44", "X_2_1_1_1_1_1_40_1_1_7_1_44", "X_2_1_1_1_1_1_4_1_1_8_1_44", "X_2_1_1_1_1_1_41_1_1_9_1_44", "X_2_1_1_1_1_1_5_1_1_10_1_44", "X_2_1_1_1_1_1_42_1_1_11_1_44", "X_2_1_1_1_1_1_6_1_1_12_1_44", "X_2_1_1_1_1_1_43_1_1_13_1_44", "X_2_1_1_1_1_1_7_1_1_14_1_44", "X_2_1_1_1_1_1_44_1_1_15_1_44", "X_2_1_1_1_1_1_8_1_1_16_1_44", "X_2_1_1_1_1_1_45_1_1_17_1_44", "X_2_1_1_1_1_1_9_1_1_18_1_44", "X_2_1_1_1_1_1_46_1_1_19_1_44", "X_2_1_1_1_1_1_10_1_1_20_1_44", "X_2_1_1_1_1_1_47_1_1_21_1_44", "X_2_1_1_1_1_1_11_1_1_22_1_44", "X_2_1_1_1_1_1_48_1_1_23_1_44", "X_2_1_1_1_1_1_12_1_1_24_1_44", "X_2_1_1_1_1_1_49_1_1_25_1_44", "X_2_1_1_1_1_1_13_1_1_26_1_44", "X_2_1_1_1_1_1_50_1_1_27_1_44", "X_2_1_1_1_1_1_14_1_1_28_1_44", "X_2_1_1_1_1_1_51_1_1_29_1_44", "X_2_1_1_1_1_1_15_1_1_30_1_44", "X_2_1_1_1_1_1_52_1_1_31_1_44", "X_2_1_1_1_1_1_16_1_1_32_1_44", "X_2_1_1_1_1_1_53_1_1_33_1_44", "X_2_1_1_1_1_1_17_1_1_34_1_44", "X_2_1_1_1_1_1_54_1_1_35_1_44", "X_2_1_1_1_1_1_18_1_1_36_1_44", "X_2_1_1_1_1_1_55_1_1_37_1_44", "X_2_1_1_1_1_1_19_1_1_38_1_44", "X_2_1_1_1_1_1_56_1_1_39_1_44", "X_2_1_1_1_1_1_20_1_1_40_1_44", "X_2_1_1_1_1_1_57_1_1_41_1_44", "X_2_1_1_1_1_1_21_1_1_42_1_44", "X_2_1_1_1_1_1_58_1_1_43_1_44", "X_2_1_1_1_1_1_22_1_1_44_1_44", "X_2_1_1_1_1_1_59_1_1_45_1_44", "X_2_1_1_1_1_1_23_1_1_46_1_44", "X_2_1_1_1_1_1_60_1_1_47_1_44", "X_2_1_1_1_1_1_24_1_1_48_1_44", "X_2_1_1_1_1_1_61_1_1_49_1_44", "X_2_1_1_1_1_1_25_1_1_50_1_44", "X_2_1_1_1_1_1_62_1_1_51_1_44", "X_2_1_1_1_1_1_26_1_1_52_1_44", "X_2_1_1_1_1_1_63_1_1_53_1_44", "X_2_1_1_1_1_1_27_1_1_54_1_44", "X_2_1_1_1_1_1_64_1_1_55_1_44", "X_2_1_1_1_1_1_28_1_1_56_1_44", "X_2_1_1_1_1_1_65_1_1_57_1_44", "X_2_1_1_1_1_1_29_1_1_58_1_44", "X_2_1_1_1_1_1_66_1_1_59_1_44", "X_2_1_1_1_1_1_30_1_1_60_1_44", "X_2_1_1_1_1_1_67_1_1_61_1_44", "X_2_1_1_1_1_1_31_1_1_62_1_44", "X_2_1_1_1_1_1_68_1_1_63_1_44", "X_2_1_1_1_1_1_32_1_1_64_1_44", "X_2_1_1_1_1_1_69_1_1_65_1_44", "X_2_1_1_1_1_1_33_1_1_66_1_44", "X_2_1_1_1_1_1_70_1_1_67_1_44", "X_2_1_1_1_1_1_34_1_1_68_1_44", "X_2_1_1_1_1_1_71_1_1_69_1_44", "X_2_1_1_1_1_1_35_1_1_70_1_44", "X_2_1_1_1_1_1_72_1_1_71_1_44", "X_2_1_1_1_1_1_36_1_1_72_1_44"], "CsaImage.ProtocolSliceNumber": [0, 1, 2, 3, 4, 5, 6, 7, 8, 9, 10, 11, 12, 13, 14, 15, 16, 17, 18, 19, 20, 21, 22, 23, 24, 25, 26, 27, 28, 29, 30, 31, 32, 33, 34, 35, 36, 37, 38, 39, 40, 41, 42, 43, 44, 45, 46, 47, 48, 49, 50, 51, 52, 53, 54, 55, 56, 57, 58, 59, 60, 61, 62, 63, 64, 65, 66, 67, 68, 69, 70, 71], "CsaImage.RFSWDDataType": ["measured", "predicted", "measured", "predicted", "measured", "predicted", "measured", "predicted", "measured", "predicted", "measured", "predicted", "measured", "predicted", "measured", "predicted", "measured", "predicted", "measured", "predicted", "measured", "predicted", "measured", "predicted", "measured", "predicted", "measured", "predicted", "measured", "predicted", "measured", "predicted", "measured", "predicted", "measured", "predicted", "measured", "predicted", "measured", "predicted", "measured", "predicted", "measured", "predicted", "measured", "predicted", "measured", "predicted", "measured", "predicted", "measured", "predicted", "measured", "predicted", "measured", "predicted", "measured", "predicted", "measured", "predicted", "measured", "predicted", "measured", "predicted", "measured", "predicted", "measured", "predicted", "measured", "measured", "measured", "measured"], "CsaImage.SlicePosition_PCS": [[-101.35593224, -117.69744644, -42.94615262], [-101.35593224, -117.32268486, -40.9815759], [-101.35593224, -116.94792137, -39.01700299], [-101.35593224, -116.57315979, -37.05243008], [-101.35593224, -116.1983963, -35.08785336], [-101.35593224, -115.82363472, -33.12328046], [-101.35593224, -115.44887123, -31.15870373], [-101.35593224, -115.07410965, -29.19413083], [-101.35593224, -114.69934616, -27.22955411], [-101.35593224, -114.32458458, -25.2649812], [-101.35593224, -113.94982109, -23.30040829], [-101.35593224, -113.57505855, -21.33583157], [-101.35593224, -113.20029602, -19.37125867], [-101.35593224, -112.82553348, -17.40668194], [-101.35593224, -112.45077095, -15.44210904], [-101.35593224, -112.07600746, -13.47753613], [-101.35593224, -111.70124492, -11.51295941], [-101.35593224, -111.32648239, -9.5483846], [-101.35593224, -110.95171985, -7.58381169], [-101.35593224, -110.57695732, -5.61923688], [-101.35593224, -110.20219478, -3.65466206], [-101.35593224, -109.82743225, -1.69008725], [-101.35593224, -109.45266971, 0.27448757], [-101.35593224, -109.07790718, 2.23906238], [-101.35593224, -108.70314464, 4.20363624], [-101.35593224, -108.32838115, 6.16821105], [-101.35593224, -107.95361862, 8.13278491], [-101.35593224, -107.57885608, 10.09735973], [-101.35593224, -107.20409355, 12.06193406], [-101.35593224, -106.82933101, 14.02650888], [-101.35593224, -106.45456848, 15.99108322], [-101.35593224, -106.07980594, 17.95565773], [-101.35593224, -105.70504293, 19.92023225], [-101.35593224, -105.3302804, 21.8848067], [-101.35593224, -104.95551786, 23.84938104], [-101.35593224, -104.58075532, 25.81395585], [-101.35593224, -104.20599279, 27.77853019], [-101.35593224, -103.83122978, 29.743105], [-101.35593224, -103.45646724, 31.70767887], [-101.35593224, -103.08170471, 33.67225368], [-101.35593224, -102.70694217, 35.63682849], [-101.35593224, -102.33217964, 37.60140331], [-101.35593224, -101.95741686, 39.56597812], [-101.35593224, -101.58265433, 41.53055103], [-101.35593224, -101.20789156, 43.49512584], [-101.35593224, -100.83312902, 45.45970065], [-101.35593224, -100.45836625, 47.42427547], [-101.35593224, -100.08360371, 49.38885028], [-101.35593224, -99.70884106, 51.35342319], [-101.35593224, -99.33407852, 53.31799991], [-101.35593224, -98.95931581, 55.28257282], [-101.35593224, -98.58455321, 57.24714954], [-101.35593224, -98.20979058, 59.21172244], [-101.35593224, -97.83502793, 61.17629535], [-101.35593224, -97.46026531, 63.14087207], [-101.35593224, -97.08550272, 65.10544498], [-101.35593224, -96.71074006, 67.0700217], [-101.35593224, -96.33597741, 69.03459461], [-101.35593224, -95.96121487, 70.99916751], [-101.35593224, -95.5864521, 72.96374423], [-101.35593224, -95.21168956, 74.92831714], [-101.35593224, -94.83692703, 76.89289386], [-101.35593224, -94.46216425, 78.85746677], [-101.35593224, -94.08740148, 80.82204349], [-101.35593224, -93.71263895, 82.7866164], [-101.35593224, -93.33787641, 84.75119312], [-101.35593224, -92.96311388, 86.71576221], [-101.35593224, -92.58835134, 88.68033893], [-101.35593224, -92.21358833, 90.64491565], [-101.35593224, -91.83882579, 92.60949237], [-101.35593224, -91.46406326, 94.57406146], [-101.35593224, -91.08930072, 96.53863819]], "CsaImage.TimeAfterStart": [1.0825, 0.7225, 1.0925, 0.7325, 1.1025, 0.7425, 1.1125, 0.7525, 1.1225, 0.7625, 1.1325, 0.7725, 1.1425, 0.7825, 1.1525, 0.7925, 1.1625, 0.8025, 1.1725, 0.8125, 1.1825, 0.8225, 1.1925, 0.8325, 1.2025, 0.8425, 1.2125, 0.8525, 1.2225, 0.8625, 1.2325, 0.8725, 1.2425, 0.8825, 1.2525, 0.8925, 1.2625, 0.9025, 1.2725, 0.9125, 1.2825, 0.9225, 1.2925, 0.9325, 1.3025, 0.9425, 1.3125, 0.9525, 1.3225, 0.9625, 1.3325, 0.9725, 1.3425, 0.9825, 1.3525, 0.9925, 1.3625, 1.0025, 1.3725, 1.0125, 1.3825, 1.0225, 1.3925, 1.0325, 1.4025, 1.0425, 1.4125, 1.0525, 1.4225, 1.0625, 1.4325, 1.0725], "ImagePositionPatient": [[-101.35593223523, -117.69744643744, -42.946152616921], [-101.35593223523, -117.32268485602, -40.98157589573], [-101.35593223523, -116.94792136725, -39.017002989236], [-101.35593223523, -116.57315978583, -37.052430082742], [-101.35593223523, -116.19839629706, -35.08785336155], [-101.35593223523, -115.82363471564, -33.123280455056], [-101.35593223523, -115.44887122687, -31.158703733865], [-101.35593223523, -115.07410964545, -29.19413082737], [-101.35593223523, -114.69934615668, -27.229554106179], [-101.35593223523, -114.32458457526, -25.264981199685], [-101.35593223523, -113.94982108649, -23.300408293191], [-101.35593223523, -113.57505855139, -21.335831571999], [-101.35593223523, -113.2002960163, -19.371258665505], [-101.35593223523, -112.8255334812, -17.406681944314], [-101.35593223523, -112.45077094611, -15.44210903782], [-101.35593223523, -112.07600745734, -13.477536131326], [-101.35593223523, -111.70124492224, -11.512959410134], [-101.35593223523, -111.32648238715, -9.5483845962914], [-101.35593223523, -110.95171985205, -7.5838116897973], [-101.35593223523, -110.57695731696, -5.6192368759545], [-101.35593223523, -110.20219478186, -3.6546620621117], [-101.35593223523, -109.82743224677, -1.6900872482689], [-101.35593223523, -109.45266971167, 0.27448756557384], [-101.35593223523, -109.07790717658, 2.2390623794166], [-101.35593223523, -108.70314464148, 4.2036362395851], [-101.35593223523, -108.32838115271, 6.1682110534278], [-101.35593223523, -107.95361861762, 8.1327849135963], [-101.35593223523, -107.57885608252, 10.097359727439], [-101.35593223523, -107.20409354743, 12.061934064445], [-101.35593223523, -106.82933101233, 14.026508878287], [-101.35593223523, -106.45456847724, 15.991083215293], [-101.35593223523, -106.07980594214, 17.955657731113], [-101.35593223523, -105.70504293021, 19.920232246932], [-101.35593223523, -105.33028039511, 21.884806703147], [-101.35593223523, -104.95551786002, 23.849381040153], [-101.35593223523, -104.58075532492, 25.813955853995], [-101.35593223523, -104.20599278983, 27.778530191001], [-101.35593223523, -103.83122977789, 29.743105004844], [-101.35593223523, -103.4564672428, 31.707678865012], [-101.35593223523, -103.0817047077, 33.672253678855], [-101.35593223523, -102.70694217261, 35.636828492698], [-101.35593223523, -102.33217963751, 37.601403306541], [-101.35593223523, -101.957416864, 39.565978120383], [-101.35593223523, -101.5826543289, 41.530551026878], [-101.35593223523, -101.20789155539, 43.49512584072], [-101.35593223523, -100.8331290203, 45.459700654563], [-101.35593223523, -100.45836624678, 47.424275468406], [-101.35593223523, -100.08360371169, 49.388850282249], [-101.35593223523, -99.708841057382, 51.353423188743], [-101.35593223523, -99.334078522287, 53.317999909934], [-101.35593223523, -98.959315808378, 55.282572816428], [-101.35593223523, -98.584553213678, 57.24714953762], [-101.35593223523, -98.209790576137, 59.211722444114], [-101.35593223523, -97.835027934871, 61.176295350608], [-101.35593223523, -97.460265310369, 63.140872071799], [-101.35593223523, -97.085502715669, 65.105444978294], [-101.35593223523, -96.710740061365, 67.070021699485], [-101.35593223523, -96.33597740706, 69.034594605979], [-101.35593223523, -95.961214871965, 70.999167512473], [-101.35593223523, -95.586452098451, 72.963744233665], [-101.35593223523, -95.211689563356, 74.928317140159], [-101.35593223523, -94.836927028261, 76.89289386135], [-101.35593223523, -94.462164254747, 78.857466767844], [-101.35593223523, -94.087401481233, 80.822043489036], [-101.35593223523, -93.712638946138, 82.78661639553], [-101.35593223523, -93.337876411043, 84.751193116721], [-101.35593223523, -92.963113875948, 86.715762208518], [-101.35593223523, -92.588351340852, 88.68033892971], [-101.35593223523, -92.21358832892, 90.644915650901], [-101.35593223523, -91.838825793825, 92.609492372092], [-101.35593223523, -91.46406325873, 94.574061463889], [-101.35593223523, -91.089300723634, 96.538638185081]], "InstanceCreationTime": ["105829.357000", "105829.128000", "105829.360000", "105829.131000", "105829.363000", "105829.133000", "105829.365000", "105829.135000", "105829.367000", "105829.137000", "105829.369000", "105829.139000", "105829.371000", "105829.142000", "105829.373000", "105829.144000", "105829.375000", "105829.146000", "105829.377000", "105829.148000", "105829.379000", "105829.150000", "105829.380000", "105829.151000", "105829.382000", "105829.153000", "105829.384000", "105829.155000", "105829.386000", "105829.157000", "105829.388000", "105829.159000", "105829.390000", "105829.161000", "105829.392000", "105829.163000", "105829.395000", "105829.165000", "105829.397000", "105829.167000", "105829.399000", "105829.168000", "105829.401000", "105829.170000", "105829.403000", "105829.172000", "105829.405000", "105829.174000", "105829.407000", "105829.176000", "105829.409000", "105829.178000", "105829.410000", "105829.180000", "105829.412000", "105829.182000", "105829.414000", "105829.184000", "105829.416000", "105829.186000", "105829.418000", "105829.189000", "105829.420000", "105829.191000", "105829.430000", "105829.193000", "105829.432000", "105829.350000", "105829.434000", "105829.352000", "105829.436000", "105829.354000"], "InstanceNumber": [1, 2, 3, 4, 5, 6, 7, 8, 9, 10, 11, 12, 13, 14, 15, 16, 17, 18, 19, 20, 21, 22, 23, 24, 25, 26, 27, 28, 29, 30, 31, 32, 33, 34, 35, 36, 37, 38, 39, 40, 41, 42, 43, 44, 45, 46, 47, 48, 49, 50, 51, 52, 53, 54, 55, 56, 57, 58, 59, 60, 61, 62, 63, 64, 65, 66, 67, 68, 69, 70, 71, 72], "LargestImagePixelValue": [4094, 4095, 4095, 4095, 4093, 4095, 4095, 4095, 4094, 4095, 4091, 4092, 4094, 4094, 4095, 4094, 4094, 4095, 4094, 4094, 4094, 4093, 4093, 4094, 4094, 4088, 4095, 4093, 4092, 4093, 4092, 4093, 4094, 4089, 4094, 4094, 4095, 4093, 4092, 4089, 4091, 4094, 4091, 4092, 4090, 4090, 4075, 4094, 4095, 4093, 4095, 4091, 4092, 4093, 4092, 4094, 4091, 4094, 4093, 4095, 4092, 4093, 4095, 4095, 4095, 4094, 4094, 4095, 4095, 4094, 4095, 4093], "SliceLocation": [-64.239760567696, -62.239758583608, -60.239759989248, -58.239761752289, -56.2397594108, -54.239761173841, -52.239758832352, -50.239760595393, -48.239758253903, -46.239760016944, -44.239761422584, -42.239759259796, -40.239760844136, -38.239758681347, -36.239760265688, -34.239761671327, -32.239759508539, -30.239759219315, -28.239760803655, -26.239760514431, -24.239760225207, -22.239759935983, -20.239759646759, -18.239759357535, -16.239760005093, -14.239759537168, -12.239760184726, -10.239759895502, -8.2397600746688, -6.2397597854447, -4.2397599646117, -2.239759968132, -0.239759882302, 1.7602400556288, 3.7602398764618, 5.7602401656858, 7.7602399865188, 9.7602403650933, 11.760239717535, 13.760240006759, 15.760240295983, 17.760240585207, 19.760240919107, 21.760239334766, 23.760239668666, 25.76023995789, 27.760240291789, 29.760240581013, 31.760239019011, 33.760241181799, 35.760239630965, 37.760241804922, 39.760240239778, 41.760238675333, 43.760240854874, 45.760239281703, 47.760241466829, 49.760239904826, 51.760238320486, 53.760240527949, 55.760238943609, 57.760241106397, 59.760239566732, 61.760241774196, 63.760240189856, 65.760242352644, 67.760237021175, 69.760239183964, 71.760241436102, 73.760243598891, 75.760238267422, 77.76024043021], "SmallestImagePixelValue": [0, 2, 0, 0, 0, 0, 0, 0, 0, 0, 1, 0, 1, 2, 0, 0, 0, 5, 2, 1, 0, 1, 2, 4, 3, 5, 1, 3, 0, 2, 0, 1, 1, 0, 3, 0, 1, 0, 0, 2, 2, 0, 0, 3, 0, 5, 1, 7, 2, 0, 1, 0, 3, 1, 1, 5, 4, 0, 0, 0, 0, 2, 0, 0, 0, 0, 0, 0, 1, 0, 0, 0], "WindowCenter": [-250.0, -250.0, -254.0, -248.0, -218.0, -148.0, -196.0, -156.0, -146.0, -150.0, -134.0, -178.0, -144.0, -120.0, -108.0, -182.0, -228.0, -262.0, -228.0, -226.0, -230.0, -212.0, -196.0, -158.0, -166.0, -178.0, -236.0, -252.0, -304.0, -360.0, -364.0, -368.0, -372.0, -364.0, -220.0, -208.0, -184.0, -198.0, -214.0, -186.0, -304.0, -162.0, -278.0, -276.0, -260.0, -250.0, -246.0, -242.0, -234.0, -224.0, -204.0, -208.0, -172.0, -30.0, -48.0, -40.0, -38.0, -100.0, -64.0, -106.0, -100.0, -154.0, -164.0, -214.0, -214.0, -244.0, -272.0, -298.0, -334.0, -340.0, -406.0, -418.0], "WindowWidth": [6272.0, 6270.0, 6214.0, 6216.0, 6150.0, 6238.0, 6226.0, 6222.0, 6178.0, 6224.0, 6224.0, 6172.0, 6218.0, 6188.0, 6178.0, 6100.0, 6094.0, 6002.0, 5964.0, 5902.0, 5736.0, 5720.0, 5572.0, 5488.0, 5522.0, 5490.0, 5480.0, 5256.0, 5054.0, 4664.0, 4650.0, 4654.0, 4652.0, 4660.0, 5308.0, 5188.0, 5292.0, 5084.0, 5018.0, 5170.0, 4648.0, 5166.0, 4638.0, 4644.0, 4626.0, 4610.0, 4622.0, 4624.0, 4626.0, 4630.0, 4624.0, 4638.0, 4632.0, 5232.0, 5250.0, 5358.0, 5452.0, 5240.0, 5598.0, 5556.0, 5714.0, 5828.0, 5868.0, 5926.0, 5956.0, 6064.0, 6022.0, 6050.0, 5896.0, 6084.0, 6164.0, 6302.0]}}, "IntendedFor": ["ses-action01/func/sub-08_ses-action01_task-action_run-08_bold.nii.gz", "ses-action01/func/sub-08_ses-action01_task-action_run-07_bold.nii.gz", "ses-action01/func/sub-08_ses-action01_task-action_run-05_bold.nii.gz", "ses-action01/func/sub-08_ses-action01_task-action_run-03_bold.nii.gz", "ses-action01/func/sub-08_ses-action01_task-action_run-11_bold.nii.gz", "ses-action01/func/sub-08_ses-action01_task-action_run-01_bold.nii.gz", "ses-action01/func/sub-08_ses-action01_task-action_run-12_bold.nii.gz", "ses-action01/func/sub-08_ses-action01_task-action_run-02_bold.nii.gz", "ses-action01/func/sub-08_ses-action01_task-action_run-10_bold.nii.gz", "ses-action01/func/sub-08_ses-action01_task-action_run-06_bold.nii.gz", "ses-action01/func/sub-08_ses-action01_task-action_run-09_bold.nii.gz", "ses-action01/func/sub-08_ses-action01_task-action_run-04_bold.nii.gz"]}