{"AcquisitionMatrixPE": 100, "AcquisitionNumber": 1, "AcquisitionTime": "15:04:14.120000", "BaseResolution": 100, "BodyPartExamined": "BRAIN", "CoilCombinationMethod": "Sum of Squares", "ConsistencyInfo": "N4_VE11C_LATEST_20160120", "ConversionSoftware": "dcm2niix", "ConversionSoftwareVersion": "v1.0.20211006", "DeviceSerialNumber": "166078", "DwellTime": 8.8e-06, "EchoNumber": 2, "EchoTime": 0.00738, "EchoTime1": 0.00492, "EchoTime2": 0.00738, "FlipAngle": 60, "ImageOrientationPatientDICOM": [1, 4.767e-12, -1.118e-12, -4.897e-12, 0.973579, -0.228351], "ImageOrientationText": "Tra>Cor(-13.2)", "ImageType": ["ORIGINAL", "PRIMARY", "P", "ND", "PHASE"], "ImagingFrequency": 123.258, "InPlanePhaseEncodingDirectionDICOM": "ROW", "InstitutionAddress": "Street StreetNo,Bei Jing,District,CN,ZIP", "InstitutionName": "BeiJing Normal University", "InstitutionalDepartmentName": "Department", "MRAcquisitionType": "2D", "MagneticFieldStrength": 3, "Manufacturer": "Siemens", "ManufacturersModelName": "Prisma", "MatrixCoilMode": "SENSE", "Modality": "MR", "MultibandAccelerationFactor": 2, "PartialFourier": 1, "PatientPosition": "HFS", "PercentPhaseFOV": 100, "PercentSampling": 100, "PhaseEncodingDirection": "i", "PhaseEncodingSteps": 100, "PhaseResolution": 1, "PixelBandwidth": 570, "ProcedureStepDescription": "BNU_P2018_64CH^Zhen.ZongLei", "ProtocolName": "field_mapping_2x2x2", "PulseSequenceDetails": "%SiemensSeq%\\gre_field_mapping", "ReceiveCoilActiveElements": "HC1-7;NC1", "ReceiveCoilName": "HeadNeck_64", "ReconMatrixPE": 100, "RepetitionTime": 0.72, "SAR": 0.139671, "ScanningSequence": "GR", "SequenceName": "*fm2d2r", "SequenceVariant": "SP", "SeriesDescription": "field_mapping_2x2x2", "SeriesNumber": 10, "ShimSetting": [-5481, -11471, -1239, 161, -88, -543, 3, 1], "SliceThickness": 2, "SliceTiming": [0.35938, 0, 0.35938, 0, 0.375, 0.01562, 0.39062, 0.03125, 0.39062, 0.03125, 0.40625, 0.04688, 0.42188, 0.04688, 0.42188, 0.0625, 0.4375, 0.07812, 0.4375, 0.07812, 0.45312, 0.09375, 0.46875, 0.10938, 0.46875, 0.10938, 0.48438, 0.125, 0.5, 0.14062, 0.5, 0.14062, 0.51562, 0.15625, 0.53125, 0.17188, 0.53125, 0.17188, 0.54688, 0.1875, 0.54688, 0.1875, 0.5625, 0.20312, 0.57812, 0.21875, 0.57812, 0.21875, 0.59375, 0.23438, 0.60938, 0.25, 0.60938, 0.25, 0.625, 0.26562, 0.64062, 0.28125, 0.64062, 0.28125, 0.65625, 0.29688, 0.67188, 0.29688, 0.67188, 0.3125, 0.6875, 0.32812, 0.6875, 0.32812, 0.70312, 0.34375], "SoftwareVersions": "syngo MR E11", "SpacingBetweenSlices": 2, "StationName": "AWP166078", "TxRefAmp": 261.79, "dcmmeta_affine": [[-2.0, -9.79399981254625e-12, 0.0, 101.3559341430664], [-9.534000325328584e-12, 1.947157859802246, -0.45670175552368164, -69.9145278930664], [-2.23600001361679e-12, 0.45670175552368164, 1.9471549987792969, -103.5894546508789], [0.0, 0.0, 0.0, 1.0]], "dcmmeta_reorient_transform": [[0.0, -1.0, 0.0, 99.0], [1.0, 0.0, 0.0, 0.0], [0.0, 0.0, -1.0, 71.0], [0.0, 0.0, 0.0, 1.0]], "dcmmeta_shape": [100, 100, 72], "dcmmeta_slice_dim": 2, "dcmmeta_version": 0.6, "global": {"const": {"AcquisitionMatrix": [0, 100, 100, 0], "AcquisitionNumber": 1, "AngioFlag": "N", "BitsAllocated": 16, "BitsStored": 12, "BodyPartExamined": "BRAIN", "Columns": 100, "EchoNumbers": 2, "EchoTime": 7.38, "EchoTrainLength": 0, "FlipAngle": 60.0, "HighBit": 11, "ImageOrientationPatient": [1.0, 4.767e-12, -1.118e-12, -4.897e-12, 0.97357890212594, -0.2283508732965], "ImageType": ["ORIGINAL", "PRIMARY", "P", "ND"], "ImagedNucleus": "1H", "ImagingFrequency": 123.257692, "InPlanePhaseEncodingDirection": "ROW", "MRAcquisitionType": "2D", "MagneticFieldStrength": 3.0, "Manufacturer": "SIEMENS", "ManufacturerModelName": "Prisma", "Modality": "MR", "NumberOfAverages": 1.0, "NumberOfPhaseEncodingSteps": 100, "PercentPhaseFieldOfView": 100.0, "PercentSampling": 100.0, "PerformedProcedureStepStartTime": "142555.533000", "PhotometricInterpretation": "MONOCHROME2", "PixelBandwidth": 570.0, "PixelRepresentation": 0, "PixelSpacing": [2.0, 2.0], "ProtocolName": "field_mapping_2x2x2", "RepetitionTime": 720.0, "RescaleIntercept": -4096.0, "RescaleSlope": 2.0, "RescaleType": "US", "Rows": 100, "SAR": 0.1396713166408, "SamplesPerPixel": 1, "ScanningSequence": "GR", "SequenceName": "*fm2d2r", "SequenceVariant": "SP", "SeriesDescription": "field_mapping_2x2x2", "SeriesNumber": 10, "SeriesTime": "150638.545000", "SliceThickness": 2.0, "SoftwareVersions": "syngo MR E11", "SpacingBetweenSlices": 2.0, "SpecificCharacterSet": "ISO_IR 100", "StudyID": "1", "StudyTime": "142555.425000", "TransmitCoilName": "Body", "VariableFlipAngleFlag": "N", "WindowCenterWidthExplanation": "Algo1", "dBdt": 0.0}, "slices": {"AcquisitionTime": ["150414.120000", "150413.760000", "150414.130000", "150413.770000", "150414.140000", "150413.780000", "150414.150000", "150413.790000", "150414.160000", "150413.800000", "150414.170000", "150413.810000", "150414.180000", "150413.820000", "150414.190000", "150413.830000", "150414.200000", "150413.840000", "150414.210000", "150413.850000", "150414.220000", "150413.860000", "150414.230000", "150413.870000", "150414.240000", "150413.880000", "150414.250000", "150413.890000", "150414.260000", "150413.900000", "150414.270000", "150413.910000", "150414.280000", "150413.920000", "150414.290000", "150413.930000", "150414.300000", "150413.940000", "150414.310000", "150413.950000", "150414.320000", "150413.960000", "150414.330000", "150413.970000", "150414.340000", "150413.980000", "150414.350000", "150413.990000", "150414.360000", "150414.000000", "150414.370000", "150414.010000", "150414.380000", "150414.020000", "150414.390000", "150414.030000", "150414.400000", "150414.040000", "150414.410000", "150414.050000", "150414.420000", "150414.060000", "150414.430000", "150414.070000", "150414.440000", "150414.080000", "150414.450000", "150414.090000", "150414.460000", "150414.100000", "150414.470000", "150414.110000"], "ContentTime": ["150638.618000", "150638.547000", "150638.620000", "150638.550000", "150638.622000", "150638.552000", "150638.624000", "150638.554000", "150638.626000", "150638.556000", "150638.628000", "150638.558000", "150638.630000", "150638.560000", "150638.631000", "150638.561000", "150638.633000", "150638.564000", "150638.635000", "150638.566000", "150638.637000", "150638.568000", "150638.639000", "150638.570000", "150638.641000", "150638.572000", "150638.642000", "150638.574000", "150638.644000", "150638.576000", "150638.646000", "150638.578000", "150638.648000", "150638.579000", "150638.650000", "150638.581000", "150638.652000", "150638.583000", "150638.654000", "150638.585000", "150638.656000", "150638.587000", "150638.658000", "150638.589000", "150638.660000", "150638.591000", "150638.661000", "150638.593000", "150638.663000", "150638.595000", "150638.665000", "150638.596000", "150638.667000", "150638.598000", "150638.670000", "150638.600000", "150638.671000", "150638.602000", "150638.673000", "150638.604000", "150638.675000", "150638.606000", "150638.677000", "150638.607000", "150638.679000", "150638.609000", "150638.681000", "150638.612000", "150638.683000", "150638.614000", "150638.684000", "150638.616000"], "CsaImage.GSWDDataType": ["measured", "predicted", "measured", "predicted", "measured", "predicted", "measured", "predicted", "measured", "predicted", "measured", "predicted", "measured", "predicted", "measured", "predicted", "measured", "predicted", "measured", "predicted", "measured", "predicted", "measured", "predicted", "measured", "predicted", "measured", "predicted", "measured", "predicted", "measured", "predicted", "measured", "predicted", "measured", "predicted", "measured", "predicted", "measured", "predicted", "measured", "predicted", "measured", "predicted", "measured", "predicted", "measured", "predicted", "measured", "predicted", "measured", "predicted", "measured", "predicted", "measured", "predicted", "measured", "predicted", "measured", "predicted", "measured", "predicted", "measured", "measured", "measured", "measured", "measured", "measured", "measured", "measured", "measured", "measured"], "CsaImage.ICE_Dims": ["X_2_1_1_1_1_1_37_1_1_1_1_164", "X_2_1_1_1_1_1_1_1_1_2_1_164", "X_2_1_1_1_1_1_38_1_1_3_1_164", "X_2_1_1_1_1_1_2_1_1_4_1_164", "X_2_1_1_1_1_1_39_1_1_5_1_164", "X_2_1_1_1_1_1_3_1_1_6_1_164", "X_2_1_1_1_1_1_40_1_1_7_1_164", "X_2_1_1_1_1_1_4_1_1_8_1_164", "X_2_1_1_1_1_1_41_1_1_9_1_164", "X_2_1_1_1_1_1_5_1_1_10_1_164", "X_2_1_1_1_1_1_42_1_1_11_1_164", "X_2_1_1_1_1_1_6_1_1_12_1_164", "X_2_1_1_1_1_1_43_1_1_13_1_164", "X_2_1_1_1_1_1_7_1_1_14_1_164", "X_2_1_1_1_1_1_44_1_1_15_1_164", "X_2_1_1_1_1_1_8_1_1_16_1_164", "X_2_1_1_1_1_1_45_1_1_17_1_164", "X_2_1_1_1_1_1_9_1_1_18_1_164", "X_2_1_1_1_1_1_46_1_1_19_1_164", "X_2_1_1_1_1_1_10_1_1_20_1_164", "X_2_1_1_1_1_1_47_1_1_21_1_164", "X_2_1_1_1_1_1_11_1_1_22_1_164", "X_2_1_1_1_1_1_48_1_1_23_1_164", "X_2_1_1_1_1_1_12_1_1_24_1_164", "X_2_1_1_1_1_1_49_1_1_25_1_164", "X_2_1_1_1_1_1_13_1_1_26_1_164", "X_2_1_1_1_1_1_50_1_1_27_1_164", "X_2_1_1_1_1_1_14_1_1_28_1_164", "X_2_1_1_1_1_1_51_1_1_29_1_164", "X_2_1_1_1_1_1_15_1_1_30_1_164", "X_2_1_1_1_1_1_52_1_1_31_1_164", "X_2_1_1_1_1_1_16_1_1_32_1_164", "X_2_1_1_1_1_1_53_1_1_33_1_164", "X_2_1_1_1_1_1_17_1_1_34_1_164", "X_2_1_1_1_1_1_54_1_1_35_1_164", "X_2_1_1_1_1_1_18_1_1_36_1_164", "X_2_1_1_1_1_1_55_1_1_37_1_164", "X_2_1_1_1_1_1_19_1_1_38_1_164", "X_2_1_1_1_1_1_56_1_1_39_1_164", "X_2_1_1_1_1_1_20_1_1_40_1_164", "X_2_1_1_1_1_1_57_1_1_41_1_164", "X_2_1_1_1_1_1_21_1_1_42_1_164", "X_2_1_1_1_1_1_58_1_1_43_1_164", "X_2_1_1_1_1_1_22_1_1_44_1_164", "X_2_1_1_1_1_1_59_1_1_45_1_164", "X_2_1_1_1_1_1_23_1_1_46_1_164", "X_2_1_1_1_1_1_60_1_1_47_1_164", "X_2_1_1_1_1_1_24_1_1_48_1_164", "X_2_1_1_1_1_1_61_1_1_49_1_164", "X_2_1_1_1_1_1_25_1_1_50_1_164", "X_2_1_1_1_1_1_62_1_1_51_1_164", "X_2_1_1_1_1_1_26_1_1_52_1_164", "X_2_1_1_1_1_1_63_1_1_53_1_164", "X_2_1_1_1_1_1_27_1_1_54_1_164", "X_2_1_1_1_1_1_64_1_1_55_1_164", "X_2_1_1_1_1_1_28_1_1_56_1_164", "X_2_1_1_1_1_1_65_1_1_57_1_164", "X_2_1_1_1_1_1_29_1_1_58_1_164", "X_2_1_1_1_1_1_66_1_1_59_1_164", "X_2_1_1_1_1_1_30_1_1_60_1_164", "X_2_1_1_1_1_1_67_1_1_61_1_164", "X_2_1_1_1_1_1_31_1_1_62_1_164", "X_2_1_1_1_1_1_68_1_1_63_1_164", "X_2_1_1_1_1_1_32_1_1_64_1_164", "X_2_1_1_1_1_1_69_1_1_65_1_164", "X_2_1_1_1_1_1_33_1_1_66_1_164", "X_2_1_1_1_1_1_70_1_1_67_1_164", "X_2_1_1_1_1_1_34_1_1_68_1_164", "X_2_1_1_1_1_1_71_1_1_69_1_164", "X_2_1_1_1_1_1_35_1_1_70_1_164", "X_2_1_1_1_1_1_72_1_1_71_1_164", "X_2_1_1_1_1_1_36_1_1_72_1_164"], "CsaImage.ProtocolSliceNumber": [0, 1, 2, 3, 4, 5, 6, 7, 8, 9, 10, 11, 12, 13, 14, 15, 16, 17, 18, 19, 20, 21, 22, 23, 24, 25, 26, 27, 28, 29, 30, 31, 32, 33, 34, 35, 36, 37, 38, 39, 40, 41, 42, 43, 44, 45, 46, 47, 48, 49, 50, 51, 52, 53, 54, 55, 56, 57, 58, 59, 60, 61, 62, 63, 64, 65, 66, 67, 68, 69, 70, 71], "CsaImage.RFSWDDataType": ["measured", "predicted", "measured", "predicted", "measured", "predicted", "measured", "predicted", "measured", "predicted", "measured", "predicted", "measured", "predicted", "measured", "predicted", "measured", "predicted", "measured", "predicted", "measured", "predicted", "measured", "predicted", "measured", "predicted", "measured", "predicted", "measured", "predicted", "measured", "predicted", "measured", "predicted", "measured", "predicted", "measured", "predicted", "measured", "predicted", "measured", "predicted", "measured", "predicted", "measured", "predicted", "measured", "predicted", "measured", "predicted", "measured", "predicted", "measured", "predicted", "measured", "predicted", "measured", "predicted", "measured", "measured", "measured", "measured", "measured", "measured", "measured", "measured", "measured", "measured", "measured", "measured", "measured", "measured"], "CsaImage.SlicePosition_PCS": [[-101.35593224, -122.85409459, -58.37617823], [-101.35593224, -122.39739331, -56.42902705], [-101.35593224, -121.94069203, -54.48186824], [-101.35593224, -121.48398885, -52.53470942], [-101.35593224, -121.02728757, -50.58755061], [-101.35593224, -120.57058629, -48.6403918], [-101.35593224, -120.11388501, -46.69323298], [-101.35593224, -119.65718373, -44.74607417], [-101.35593224, -119.20048055, -42.79892299], [-101.35593224, -118.74377927, -40.85176036], [-101.35593224, -118.28707799, -38.90460536], [-101.35593224, -117.83037671, -36.95744654], [-101.35593224, -117.37367352, -35.01028773], [-101.35593224, -116.91697224, -33.06312892], [-101.35593224, -116.46027097, -31.11597392], [-101.35593224, -116.00356969, -29.16881511], [-101.35593224, -115.5468665, -27.22165629], [-101.35593224, -115.09016522, -25.27449748], [-101.35593224, -114.63346394, -23.32734248], [-101.35593224, -114.17676266, -21.38018367], [-101.35593224, -113.72005948, -19.43302485], [-101.35593224, -113.2633582, -17.48586604], [-101.35593224, -112.80665692, -15.53871104], [-101.35593224, -112.34995469, -13.59155223], [-101.35593224, -111.89325341, -11.64439341], [-101.35593224, -111.43655118, -9.69723841], [-101.35593224, -110.9798499, -7.7500796], [-101.35593224, -110.52314767, -5.80292079], [-101.35593224, -110.06644639, -3.85576388], [-101.35593224, -109.60974416, -1.90860507], [-101.35593224, -109.15304288, 0.03855184], [-101.35593224, -108.69634064, 1.98571065], [-101.35593224, -108.23963937, 3.93286756], [-101.35593224, -107.78293713, 5.88002637], [-101.35593224, -107.32623586, 7.82718328], [-101.35593224, -106.86953362, 9.77434114], [-101.35593224, -106.41283234, 11.721499], [-101.35593224, -105.95613011, 13.66865686], [-101.35593224, -105.49942883, 15.61581472], [-101.35593224, -105.04272708, 17.56297258], [-101.35593224, -104.58602532, 19.51013044], [-101.35593224, -104.12932357, 21.45728818], [-101.35593224, -103.67262181, 23.40444598], [-101.35593224, -103.21592006, 25.35160378], [-101.35593224, -102.7592183, 27.2987614], [-101.35593224, -102.30251654, 29.24591926], [-101.35593224, -101.84581479, 31.19307759], [-101.35593224, -101.38911303, 33.14023545], [-101.35593224, -100.93241152, 35.08739236], [-101.35593224, -100.47570976, 37.03455022], [-101.35593224, -100.01900801, 38.98170903], [-101.35593224, -99.56230625, 40.92886594], [-101.35593224, -99.10560449, 42.87602475], [-101.35593224, -98.64890274, 44.82318166], [-101.35593224, -98.19220098, 46.77034047], [-101.35593224, -97.73549926, 48.71749738], [-101.35593224, -97.27879752, 50.66465619], [-101.35593224, -96.82209578, 52.6118131], [-101.35593224, -96.36539402, 54.55897], [-101.35593224, -95.90869232, 56.50612691], [-101.35593224, -95.45199057, 58.45328572], [-101.35593224, -94.99528893, 60.40044454], [-101.35593224, -94.53858718, 62.34760335], [-101.35593224, -94.08188542, 64.29475835], [-101.35593224, -93.62518367, 66.24191716], [-101.35593224, -93.16848191, 68.18907598], [-101.35593224, -92.71178016, 70.13623479], [-101.35593224, -92.2550784, 72.08338979], [-101.35593224, -91.79837664, 74.0305486], [-101.35593224, -91.34167489, 75.97770742], [-101.35593224, -90.88497313, 77.92486623], [-101.35593224, -90.42827138, 79.87202123]], "CsaImage.TimeAfterStart": [1.0825, 0.7225, 1.0925, 0.7325, 1.1025, 0.7425, 1.1125, 0.7525, 1.1225, 0.7625, 1.1325, 0.7725, 1.1425, 0.7825, 1.1525, 0.7925, 1.1625, 0.8025, 1.1725, 0.8125, 1.1825, 0.8225, 1.1925, 0.8325, 1.2025, 0.8425, 1.2125, 0.8525, 1.2225, 0.8625, 1.2325, 0.8725, 1.2425, 0.8825, 1.2525, 0.8925, 1.2625, 0.9025, 1.2725, 0.9125, 1.2825, 0.9225, 1.2925, 0.9325, 1.3025, 0.9425, 1.3125, 0.9525, 1.3225, 0.9625, 1.3325, 0.9725, 1.3425, 0.9825, 1.3525, 0.9925, 1.3625, 1.0025, 1.3725, 1.0125, 1.3825, 1.0225, 1.3925, 1.0325, 1.4025, 1.0425, 1.4125, 1.0525, 1.4225, 1.0625, 1.4325, 1.0725], "ImagePositionPatient": [[-101.35593223523, -122.85409458929, -58.376178234207], [-101.35593223523, -122.3973933106, -56.429027050125], [-101.35593223523, -121.94069203192, -54.481868236648], [-101.35593223523, -121.48398884588, -52.534709423172], [-101.35593223523, -121.0272875672, -50.587550609695], [-101.35593223523, -120.57058628851, -48.640391796219], [-101.35593223523, -120.11388500982, -46.693232982742], [-101.35593223523, -119.65718373114, -44.746074169266], [-101.35593223523, -119.2004805451, -42.798922985184], [-101.35593223523, -118.74377926642, -40.85176035701], [-101.35593223523, -118.28707798773, -38.90460535823], [-101.35593223523, -117.83037670904, -36.957446544754], [-101.35593223523, -117.37367352301, -35.010287731277], [-101.35593223523, -116.91697224432, -33.063128917801], [-101.35593223523, -116.46027096563, -31.115973919021], [-101.35593223523, -116.00356968695, -29.168815105545], [-101.35593223523, -115.54686650091, -27.221656292068], [-101.35593223523, -115.09016522223, -25.274497478592], [-101.35593223523, -114.63346394354, -23.327342479813], [-101.35593223523, -114.17676266485, -21.380183666336], [-101.35593223523, -113.72005947882, -19.433024852859], [-101.35593223523, -113.26335820013, -17.485866039383], [-101.35593223523, -112.80665692144, -15.538711040604], [-101.35593223523, -112.34995468908, -13.591552227127], [-101.35593223523, -111.8932534104, -11.64439341365], [-101.35593223523, -111.43655117804, -9.6972384148711], [-101.35593223523, -110.97984989935, -7.7500796013945], [-101.35593223523, -110.52314766699, -5.802920787918], [-101.35593223523, -110.0664463883, -3.8557638817901], [-101.35593223523, -109.60974415594, -1.9086050683135], [-101.35593223523, -109.15304287726, 0.03855183781444], [-101.35593223523, -108.69634064489, 1.985710651291], [-101.35593223523, -108.23963936621, 3.9328675574189], [-101.35593223523, -107.78293713385, 5.8800263708955], [-101.35593223523, -107.32623585516, 7.8271832770234], [-101.35593223523, -106.8695336228, 9.7743411368257], [-101.35593223523, -106.41283234411, 11.721498996628], [-101.35593223523, -105.95613011175, 13.66865685643], [-101.35593223523, -105.49942883307, 15.615814716232], [-101.35593223523, -105.04272707754, 17.562972576035], [-101.35593223523, -104.58602532202, 19.510130435837], [-101.35593223523, -104.12932356649, 21.45728817643], [-101.35593223523, -103.67262181097, 23.404445976627], [-101.35593223523, -103.21592005545, 25.351603776825], [-101.35593223523, -102.75921829992, 27.298761398209], [-101.35593223523, -102.3025165444, 29.245919258011], [-101.35593223523, -101.84581478888, 31.19307759465], [-101.35593223523, -101.38911303335, 33.140235454453], [-101.35593223523, -100.93241151625, 35.087392360581], [-101.35593223523, -100.47570976072, 37.034550220383], [-101.35593223523, -100.0190080052, 38.981709033859], [-101.35593223523, -99.562306249677, 40.928865939987], [-101.35593223523, -99.105604494153, 42.876024753464], [-101.35593223523, -98.648902738629, 44.823181659592], [-101.35593223523, -98.192200983105, 46.770340473068], [-101.35593223523, -97.735499257384, 48.717497379196], [-101.35593223523, -97.278797516762, 50.664656192673], [-101.35593223523, -96.822095776139, 52.611813098801], [-101.35593223523, -96.365394020615, 54.558970004929], [-101.35593223523, -95.908692324696, 56.506126911057], [-101.35593223523, -95.451990569173, 58.453285724533], [-101.35593223523, -94.995288932858, 60.40044453801], [-101.35593223523, -94.538587177335, 62.347603351486], [-101.35593223523, -94.081885421811, 64.294758350266], [-101.35593223523, -93.625183666287, 66.241917163742], [-101.35593223523, -93.168481910764, 68.189075977219], [-101.35593223523, -92.71178015524, 70.136234790695], [-101.35593223523, -92.255078399716, 72.083389789475], [-101.35593223523, -91.798376644193, 74.030548602951], [-101.35593223523, -91.341674888669, 75.977707416428], [-101.35593223523, -90.884973133145, 77.924866229904], [-101.35593223523, -90.428271377621, 79.872021228684]], "InstanceCreationTime": ["150638.618000", "150638.547000", "150638.620000", "150638.550000", "150638.622000", "150638.552000", "150638.624000", "150638.554000", "150638.626000", "150638.556000", "150638.628000", "150638.558000", "150638.630000", "150638.560000", "150638.631000", "150638.561000", "150638.633000", "150638.564000", "150638.635000", "150638.566000", "150638.637000", "150638.568000", "150638.639000", "150638.570000", "150638.641000", "150638.572000", "150638.642000", "150638.574000", "150638.644000", "150638.576000", "150638.646000", "150638.578000", "150638.648000", "150638.579000", "150638.650000", "150638.581000", "150638.652000", "150638.583000", "150638.654000", "150638.585000", "150638.656000", "150638.587000", "150638.658000", "150638.589000", "150638.660000", "150638.591000", "150638.661000", "150638.593000", "150638.663000", "150638.595000", "150638.665000", "150638.596000", "150638.667000", "150638.598000", "150638.670000", "150638.600000", "150638.671000", "150638.602000", "150638.673000", "150638.604000", "150638.675000", "150638.606000", "150638.677000", "150638.607000", "150638.679000", "150638.609000", "150638.681000", "150638.612000", "150638.683000", "150638.614000", "150638.684000", "150638.616000"], "InstanceNumber": [1, 2, 3, 4, 5, 6, 7, 8, 9, 10, 11, 12, 13, 14, 15, 16, 17, 18, 19, 20, 21, 22, 23, 24, 25, 26, 27, 28, 29, 30, 31, 32, 33, 34, 35, 36, 37, 38, 39, 40, 41, 42, 43, 44, 45, 46, 47, 48, 49, 50, 51, 52, 53, 54, 55, 56, 57, 58, 59, 60, 61, 62, 63, 64, 65, 66, 67, 68, 69, 70, 71, 72], "LargestImagePixelValue": [4094, 4094, 4094, 4092, 4094, 4095, 4094, 4095, 4095, 4091, 4094, 4094, 4094, 4091, 4094, 4094, 4095, 4095, 4095, 4092, 4094, 4091, 4095, 4095, 4093, 4094, 4092, 4095, 4095, 4093, 4088, 4094, 4095, 4094, 4086, 4094, 4094, 4095, 4094, 4091, 4087, 4091, 4094, 4094, 4095, 4092, 4091, 4080, 4090, 4091, 4093, 4092, 4094, 4094, 4091, 4094, 4094, 4094, 4094, 4095, 4093, 4094, 4094, 4092, 4094, 4095, 4095, 4095, 4095, 4095, 4094, 4095], "SliceLocation": [-84.887655303078, -82.887661855182, -80.887660979469, -78.887659668212, -76.887658792498, -74.887657916785, -72.887657041072, -70.887656165359, -68.887662281919, -66.887657692297, -64.887660530493, -62.88765965478, -60.887658343522, -58.887657467809, -56.887660306005, -54.887659430292, -52.887658119034, -50.887657243321, -48.887660081517, -46.887659205804, -44.887657894546, -42.887657018833, -40.887659857029, -38.887658763544, -36.88765788783, -34.887660508254, -32.887659632541, -30.887658539055, -28.887659520297, -26.887658426811, -24.887659408053, -22.887658314567, -20.887659295809, -18.887658202323, -16.887659183565, -14.887659018556, -12.887659071321, -10.887658906312, -8.8876589590766, -6.8876589029546, -4.8876588468326, -2.8876589067702, -0.887658908678, 1.1123410894142, 3.1123409134169, 5.1123409695389, 7.1123414898995, 9.1123415460215, 11.112340619223, 13.112340675345, 15.112341659945, 17.112340787589, 19.112341772189, 21.112340899833, 23.112341884433, 25.112341005272, 27.112341986469, 29.112341110711, 31.112340238356, 33.11233935239, 35.112340336989, 37.112341294366, 39.112342278966, 41.112339549656, 43.112340534255, 45.112341518855, 47.112342503454, 49.112339774144, 51.112340758743, 53.112341743343, 55.112342727942, 57.112339998632], "SmallestImagePixelValue": [0, 0, 2, 11, 1, 2, 0, 1, 4, 0, 0, 0, 0, 2, 0, 0, 0, 0, 0, 0, 0, 0, 1, 0, 0, 3, 1, 0, 3, 0, 0, 2, 0, 0, 1, 0, 0, 0, 0, 0, 0, 13, 5, 5, 1, 0, 1, 6, 3, 1, 2, 7, 4, 0, 2, 0, 3, 0, 2, 0, 0, 0, 0, 7, 0, 0, 4, 0, 0, 0, 0, 0], "WindowCenter": [-238.0, -246.0, -182.0, -238.0, -222.0, -158.0, -126.0, -130.0, -150.0, -178.0, -182.0, -168.0, -200.0, -214.0, -220.0, -224.0, -264.0, -230.0, -238.0, -230.0, -226.0, -206.0, -186.0, -202.0, -204.0, -164.0, -140.0, -124.0, -128.0, -100.0, -146.0, -174.0, -212.0, -202.0, -138.0, -104.0, -82.0, -234.0, -86.0, -196.0, -48.0, -80.0, -200.0, -206.0, -210.0, -216.0, -210.0, -198.0, -202.0, -220.0, -228.0, -260.0, -272.0, -278.0, -264.0, -286.0, -320.0, -344.0, -342.0, -358.0, -380.0, -382.0, -374.0, -258.0, -220.0, -208.0, -186.0, -206.0, -260.0, -232.0, -242.0, -268.0], "WindowWidth": [5972.0, 6018.0, 6108.0, 6072.0, 6086.0, 6132.0, 6150.0, 6166.0, 6206.0, 6182.0, 6182.0, 6176.0, 6138.0, 6130.0, 6168.0, 6176.0, 6160.0, 6148.0, 6166.0, 6160.0, 6166.0, 6114.0, 6084.0, 6020.0, 5936.0, 5916.0, 5890.0, 5880.0, 5798.0, 5760.0, 5672.0, 5606.0, 5628.0, 5646.0, 5648.0, 5634.0, 5520.0, 4646.0, 5238.0, 4590.0, 5188.0, 4940.0, 4534.0, 4534.0, 4540.0, 4542.0, 4532.0, 4518.0, 4532.0, 4530.0, 4540.0, 4562.0, 4566.0, 4584.0, 4580.0, 4596.0, 4602.0, 4636.0, 4650.0, 4678.0, 4714.0, 4756.0, 4768.0, 5708.0, 5794.0, 5932.0, 6008.0, 6146.0, 6104.0, 6248.0, 6288.0, 6352.0]}}, "IntendedFor": ["ses-action01/func/sub-26_ses-action01_task-action_run-12_bold.nii.gz", "ses-action01/func/sub-26_ses-action01_task-action_run-02_bold.nii.gz", "ses-action01/func/sub-26_ses-action01_task-action_run-10_bold.nii.gz", "ses-action01/func/sub-26_ses-action01_task-action_run-06_bold.nii.gz", "ses-action01/func/sub-26_ses-action01_task-action_run-09_bold.nii.gz", "ses-action01/func/sub-26_ses-action01_task-action_run-04_bold.nii.gz", "ses-action01/func/sub-26_ses-action01_task-action_run-08_bold.nii.gz", "ses-action01/func/sub-26_ses-action01_task-action_run-07_bold.nii.gz", "ses-action01/func/sub-26_ses-action01_task-action_run-05_bold.nii.gz", "ses-action01/func/sub-26_ses-action01_task-action_run-03_bold.nii.gz", "ses-action01/func/sub-26_ses-action01_task-action_run-11_bold.nii.gz", "ses-action01/func/sub-26_ses-action01_task-action_run-01_bold.nii.gz"]}